CONTENT: NONE
NUGET
  remote: https://www.nuget.org/api/v2
    Fable.Browser.Blob (1.1) - restriction: >= netstandard2.0
      Fable.Core (>= 3.0) - restriction: >= netstandard2.0
      FSharp.Core (>= 4.6.2) - restriction: >= netstandard2.0
    Fable.Browser.Dom (2.4)
      Fable.Browser.Blob (>= 1.1) - restriction: >= netstandard2.0
      Fable.Browser.Event (>= 1.3) - restriction: >= netstandard2.0
      Fable.Browser.WebStorage (>= 1.0) - restriction: >= netstandard2.0
      Fable.Core (>= 3.0) - restriction: >= netstandard2.0
      FSharp.Core (>= 5.0) - restriction: >= netstandard2.0
    Fable.Browser.Event (1.4) - restriction: >= netstandard2.0
      Fable.Browser.Gamepad (>= 1.0) - restriction: >= netstandard2.0
      Fable.Core (>= 3.0) - restriction: >= netstandard2.0
      FSharp.Core (>= 5.0) - restriction: >= netstandard2.0
    Fable.Browser.Gamepad (1.0) - restriction: >= netstandard2.0
      Fable.Core (>= 3.0) - restriction: >= netstandard2.0
      FSharp.Core (>= 4.7.2) - restriction: >= netstandard2.0
    Fable.Browser.WebStorage (1.0) - restriction: >= netstandard2.0
      Fable.Browser.Event (>= 1.0) - restriction: >= netstandard2.0
      Fable.Core (>= 3.0) - restriction: >= netstandard2.0
      FSharp.Core (>= 4.5.2) - restriction: >= netstandard2.0
    Fable.Core (3.2.7)
      FSharp.Core (>= 4.7.2) - restriction: >= netstandard2.0
    Fable.Elmish (3.1)
      Fable.Core (>= 3.0) - restriction: >= netstandard2.0
      FSharp.Core (>= 4.6.2) - restriction: >= netstandard2.0
    Fable.Elmish.React (3.0.1)
      Fable.Core (>= 3.0) - restriction: >= netstandard2.0
      Fable.Elmish (>= 3.0) - restriction: >= netstandard2.0
      Fable.React (>= 5.1) - restriction: >= netstandard2.0
      FSharp.Core (>= 4.6.2) - restriction: >= netstandard2.0
    Fable.Promise (2.2)
      Fable.Core (>= 3.1.5) - restriction: >= netstandard2.0
      FSharp.Core (>= 5.0) - restriction: >= netstandard2.0
    Fable.React (7.4)
      Fable.Browser.Dom (>= 2.0.1) - restriction: >= netstandard2.0
      Fable.Core (>= 3.1.5) - restriction: >= netstandard2.0
      FSharp.Core (>= 4.7.2) - restriction: >= netstandard2.0
    FSharp.Core (5.0.1) - redirects: force

GROUP Build
RESTRICTION: == netstandard2.0
NUGET
  remote: https://www.nuget.org/api/v2
    Argu (6.1.1)
      FSharp.Core (>= 4.3.2)
      System.Configuration.ConfigurationManager (>= 4.4)
    BlackFox.VsWhere (1.1)
      FSharp.Core (>= 4.2.3)
      Microsoft.Win32.Registry (>= 4.7)
    Fake.Api.GitHub (5.20.4)
      FSharp.Core (>= 4.7.2)
      Octokit (>= 0.48)
    Fake.BuildServer.GitHubActions (5.20.4)
      Fake.Core.Environment (>= 5.20.4)
      Fake.Core.Trace (>= 5.20.4)
      Fake.IO.FileSystem (>= 5.20.4)
      FSharp.Core (>= 4.7.2)
    Fake.Core.CommandLineParsing (5.20.4)
      FParsec (>= 1.1.1)
      FSharp.Core (>= 4.7.2)
    Fake.Core.Context (5.20.4)
      FSharp.Core (>= 4.7.2)
    Fake.Core.Environment (5.20.4)
      FSharp.Core (>= 4.7.2)
    Fake.Core.FakeVar (5.20.4)
      Fake.Core.Context (>= 5.20.4)
      FSharp.Core (>= 4.7.2)
    Fake.Core.Process (5.20.4)
      Fake.Core.Environment (>= 5.20.4)
      Fake.Core.FakeVar (>= 5.20.4)
      Fake.Core.String (>= 5.20.4)
      Fake.Core.Trace (>= 5.20.4)
      Fake.IO.FileSystem (>= 5.20.4)
      FSharp.Core (>= 4.7.2)
      System.Collections.Immutable (>= 1.7.1)
    Fake.Core.ReleaseNotes (5.20.4)
      Fake.Core.SemVer (>= 5.20.4)
      Fake.Core.String (>= 5.20.4)
      FSharp.Core (>= 4.7.2)
    Fake.Core.SemVer (5.20.4)
      FSharp.Core (>= 4.7.2)
    Fake.Core.String (5.20.4)
      FSharp.Core (>= 4.7.2)
    Fake.Core.Target (5.20.4)
      Fake.Core.CommandLineParsing (>= 5.20.4)
      Fake.Core.Context (>= 5.20.4)
      Fake.Core.Environment (>= 5.20.4)
      Fake.Core.FakeVar (>= 5.20.4)
      Fake.Core.Process (>= 5.20.4)
      Fake.Core.String (>= 5.20.4)
      Fake.Core.Trace (>= 5.20.4)
      FSharp.Control.Reactive (>= 4.4.2)
      FSharp.Core (>= 4.7.2)
    Fake.Core.Tasks (5.20.4)
      Fake.Core.Trace (>= 5.20.4)
      FSharp.Core (>= 4.7.2)
    Fake.Core.Trace (5.20.4)
      Fake.Core.Environment (>= 5.20.4)
      Fake.Core.FakeVar (>= 5.20.4)
      FSharp.Core (>= 4.7.2)
    Fake.Core.Xml (5.20.4)
      Fake.Core.String (>= 5.20.4)
      FSharp.Core (>= 4.7.2)
    Fake.DotNet.AssemblyInfoFile (5.20.4)
      Fake.Core.Environment (>= 5.20.4)
      Fake.Core.String (>= 5.20.4)
      Fake.Core.Trace (>= 5.20.4)
      Fake.IO.FileSystem (>= 5.20.4)
      FSharp.Core (>= 4.7.2)
    Fake.DotNet.Cli (5.20.4)
      Fake.Core.Environment (>= 5.20.4)
      Fake.Core.Process (>= 5.20.4)
      Fake.Core.String (>= 5.20.4)
      Fake.Core.Trace (>= 5.20.4)
      Fake.DotNet.MSBuild (>= 5.20.4)
      Fake.DotNet.NuGet (>= 5.20.4)
      Fake.IO.FileSystem (>= 5.20.4)
      FSharp.Core (>= 4.7.2)
      Mono.Posix.NETStandard (>= 1.0)
      Newtonsoft.Json (>= 12.0.3)
    Fake.DotNet.MSBuild (5.20.4)
      BlackFox.VsWhere (>= 1.1)
      Fake.Core.Environment (>= 5.20.4)
      Fake.Core.Process (>= 5.20.4)
      Fake.Core.String (>= 5.20.4)
      Fake.Core.Trace (>= 5.20.4)
      Fake.IO.FileSystem (>= 5.20.4)
      FSharp.Core (>= 4.7.2)
      MSBuild.StructuredLogger (>= 2.1.176)
    Fake.DotNet.NuGet (5.20.4)
      Fake.Core.Environment (>= 5.20.4)
      Fake.Core.Process (>= 5.20.4)
      Fake.Core.SemVer (>= 5.20.4)
      Fake.Core.String (>= 5.20.4)
      Fake.Core.Tasks (>= 5.20.4)
      Fake.Core.Trace (>= 5.20.4)
      Fake.Core.Xml (>= 5.20.4)
      Fake.IO.FileSystem (>= 5.20.4)
      Fake.Net.Http (>= 5.20.4)
      FSharp.Core (>= 4.7.2)
      Newtonsoft.Json (>= 12.0.3)
      NuGet.Protocol (>= 5.6)
    Fake.DotNet.Paket (5.20.4)
      Fake.Core.Process (>= 5.20.4)
      Fake.Core.String (>= 5.20.4)
      Fake.Core.Trace (>= 5.20.4)
      Fake.DotNet.Cli (>= 5.20.4)
      Fake.IO.FileSystem (>= 5.20.4)
      FSharp.Core (>= 4.7.2)
    Fake.IO.FileSystem (5.20.4)
      Fake.Core.String (>= 5.20.4)
      FSharp.Core (>= 4.7.2)
    Fake.JavaScript.Yarn (5.20.4)
      Fake.Core.Environment (>= 5.20.4)
      Fake.Core.Process (>= 5.20.4)
      FSharp.Core (>= 4.7.2)
    Fake.Net.Http (5.20.4)
      Fake.Core.Trace (>= 5.20.4)
      FSharp.Core (>= 4.7.2)
    Fake.Tools.Git (5.20.4)
      Fake.Core.Environment (>= 5.20.4)
      Fake.Core.Process (>= 5.20.4)
      Fake.Core.SemVer (>= 5.20.4)
      Fake.Core.String (>= 5.20.4)
      Fake.Core.Trace (>= 5.20.4)
      Fake.IO.FileSystem (>= 5.20.4)
      FSharp.Core (>= 4.7.2)
    Fantomas (4.4)
      FSharp.Compiler.Service (>= 38.0.2)
      FSharp.Core (>= 5.0)
    FParsec (1.1.1)
      FSharp.Core (>= 4.3.4)
    FSharp.Compiler.Service (39.0)
      FSharp.Core (5.0.1)
      Microsoft.Build.Framework (>= 16.6)
      Microsoft.Build.Tasks.Core (>= 16.6)
      Microsoft.Build.Utilities.Core (>= 16.6)
      System.Buffers (>= 4.5.1)
      System.Collections.Immutable (>= 5.0)
      System.Diagnostics.Process (>= 4.3)
      System.Diagnostics.TraceSource (>= 4.3)
      System.Linq.Expressions (>= 4.3)
      System.Linq.Queryable (>= 4.3)
      System.Memory (>= 4.5.4)
      System.Net.Requests (>= 4.3)
      System.Net.Security (>= 4.3)
      System.Reflection.Emit (>= 4.3)
      System.Reflection.Metadata (>= 5.0)
      System.Reflection.TypeExtensions (>= 4.3)
      System.Runtime (>= 4.3)
      System.Runtime.InteropServices (>= 4.3)
      System.Runtime.Loader (>= 4.3)
      System.Security.Claims (>= 4.3)
      System.Security.Cryptography.Algorithms (>= 4.3)
      System.Security.Principal (>= 4.3)
      System.Threading.Tasks.Parallel (>= 4.3)
      System.Threading.Thread (>= 4.3)
      System.Threading.ThreadPool (>= 4.3)
    FSharp.Control.Reactive (5.0.2)
      FSharp.Core (>= 4.7.2)
      System.Reactive (>= 5.0)
    FSharp.Core (5.0.1)
    Microsoft.Build (16.9)
    Microsoft.Build.Framework (16.9)
      System.Security.Permissions (>= 4.7)
    Microsoft.Build.Tasks.Core (16.9)
      Microsoft.Build.Framework (>= 16.9)
      Microsoft.Build.Utilities.Core (>= 16.9)
      Microsoft.Win32.Registry (>= 4.3)
      System.CodeDom (>= 4.4)
      System.Collections.Immutable (>= 5.0)
      System.Reflection.Metadata (>= 1.6)
      System.Reflection.TypeExtensions (>= 4.1)
      System.Resources.Extensions (>= 4.6)
      System.Runtime.InteropServices (>= 4.3)
      System.Security.Cryptography.Pkcs (>= 4.7)
      System.Security.Cryptography.Xml (>= 4.7)
      System.Security.Permissions (>= 4.7)
      System.Threading.Tasks.Dataflow (>= 4.9)
    Microsoft.Build.Utilities.Core (16.9)
      Microsoft.Build.Framework (>= 16.9)
      Microsoft.Win32.Registry (>= 4.3)
      System.Collections.Immutable (>= 5.0)
      System.Security.Permissions (>= 4.7)
      System.Text.Encoding.CodePages (>= 4.0.1)
    Microsoft.NETCore.Platforms (5.0.2)
    Microsoft.NETCore.Targets (5.0)
    Microsoft.Win32.Primitives (4.3)
      Microsoft.NETCore.Platforms (>= 1.1)
      Microsoft.NETCore.Targets (>= 1.1)
      System.Runtime (>= 4.3)
    Microsoft.Win32.Registry (5.0)
      System.Buffers (>= 4.5.1)
      System.Memory (>= 4.5.4)
      System.Security.AccessControl (>= 5.0)
      System.Security.Principal.Windows (>= 5.0)
    Mono.Posix.NETStandard (1.0)
    MSBuild.StructuredLogger (2.1.472)
      Microsoft.Build (>= 16.4)
      Microsoft.Build.Framework (>= 16.4)
      Microsoft.Build.Tasks.Core (>= 16.4)
      Microsoft.Build.Utilities.Core (>= 16.4)
    Newtonsoft.Json (13.0.1)
    NuGet.Common (5.9.1)
      NuGet.Frameworks (>= 5.9.1)
    NuGet.Configuration (5.9.1)
      NuGet.Common (>= 5.9.1)
      System.Security.Cryptography.ProtectedData (>= 4.4)
    NuGet.Frameworks (5.9.1)
    NuGet.Packaging (5.9.1)
      Newtonsoft.Json (>= 9.0.1)
      NuGet.Configuration (>= 5.9.1)
      NuGet.Versioning (>= 5.9.1)
      System.Security.Cryptography.Cng (>= 5.0)
      System.Security.Cryptography.Pkcs (>= 5.0)
    NuGet.Protocol (5.9.1)
      NuGet.Packaging (>= 5.9.1)
    NuGet.Versioning (5.9.1)
    Octokit (0.50)
    runtime.debian.8-x64.runtime.native.System.Security.Cryptography.OpenSsl (4.3.3)
    runtime.debian.9-x64.runtime.native.System.Security.Cryptography.OpenSsl (4.3.3)
    runtime.fedora.23-x64.runtime.native.System.Security.Cryptography.OpenSsl (4.3.3)
    runtime.fedora.24-x64.runtime.native.System.Security.Cryptography.OpenSsl (4.3.3)
    runtime.fedora.27-x64.runtime.native.System.Security.Cryptography.OpenSsl (4.3.3)
    runtime.fedora.28-x64.runtime.native.System.Security.Cryptography.OpenSsl (4.3.3)
    runtime.native.System (4.3.1)
      Microsoft.NETCore.Platforms (>= 1.1.1)
      Microsoft.NETCore.Targets (>= 1.1.3)
    runtime.native.System.Net.Http (4.3.1)
      Microsoft.NETCore.Platforms (>= 1.1.1)
      Microsoft.NETCore.Targets (>= 1.1.3)
    runtime.native.System.Net.Security (4.3.1)
      Microsoft.NETCore.Platforms (>= 1.1.1)
      Microsoft.NETCore.Targets (>= 1.1.3)
    runtime.native.System.Security.Cryptography.Apple (4.3.1)
      runtime.osx.10.10-x64.runtime.native.System.Security.Cryptography.Apple (>= 4.3.1)
    runtime.native.System.Security.Cryptography.OpenSsl (4.3.3)
      runtime.debian.8-x64.runtime.native.System.Security.Cryptography.OpenSsl (>= 4.3.3)
      runtime.debian.9-x64.runtime.native.System.Security.Cryptography.OpenSsl (>= 4.3.3)
      runtime.fedora.23-x64.runtime.native.System.Security.Cryptography.OpenSsl (>= 4.3.3)
      runtime.fedora.24-x64.runtime.native.System.Security.Cryptography.OpenSsl (>= 4.3.3)
      runtime.fedora.27-x64.runtime.native.System.Security.Cryptography.OpenSsl (>= 4.3.3)
      runtime.fedora.28-x64.runtime.native.System.Security.Cryptography.OpenSsl (>= 4.3.3)
      runtime.opensuse.13.2-x64.runtime.native.System.Security.Cryptography.OpenSsl (>= 4.3.3)
      runtime.opensuse.42.1-x64.runtime.native.System.Security.Cryptography.OpenSsl (>= 4.3.3)
      runtime.opensuse.42.3-x64.runtime.native.System.Security.Cryptography.OpenSsl (>= 4.3.3)
      runtime.osx.10.10-x64.runtime.native.System.Security.Cryptography.OpenSsl (>= 4.3.3)
      runtime.rhel.7-x64.runtime.native.System.Security.Cryptography.OpenSsl (>= 4.3.3)
      runtime.ubuntu.14.04-x64.runtime.native.System.Security.Cryptography.OpenSsl (>= 4.3.3)
      runtime.ubuntu.16.04-x64.runtime.native.System.Security.Cryptography.OpenSsl (>= 4.3.3)
      runtime.ubuntu.16.10-x64.runtime.native.System.Security.Cryptography.OpenSsl (>= 4.3.3)
      runtime.ubuntu.18.04-x64.runtime.native.System.Security.Cryptography.OpenSsl (>= 4.3.3)
    runtime.opensuse.13.2-x64.runtime.native.System.Security.Cryptography.OpenSsl (4.3.3)
    runtime.opensuse.42.1-x64.runtime.native.System.Security.Cryptography.OpenSsl (4.3.3)
    runtime.opensuse.42.3-x64.runtime.native.System.Security.Cryptography.OpenSsl (4.3.3)
    runtime.osx.10.10-x64.runtime.native.System.Security.Cryptography.Apple (4.3.1)
    runtime.osx.10.10-x64.runtime.native.System.Security.Cryptography.OpenSsl (4.3.3)
    runtime.rhel.7-x64.runtime.native.System.Security.Cryptography.OpenSsl (4.3.3)
    runtime.ubuntu.14.04-x64.runtime.native.System.Security.Cryptography.OpenSsl (4.3.3)
    runtime.ubuntu.16.04-x64.runtime.native.System.Security.Cryptography.OpenSsl (4.3.3)
    runtime.ubuntu.16.10-x64.runtime.native.System.Security.Cryptography.OpenSsl (4.3.3)
    runtime.ubuntu.18.04-x64.runtime.native.System.Security.Cryptography.OpenSsl (4.3.3)
    System.Buffers (4.5.1)
    System.CodeDom (5.0)
    System.Collections (4.3)
      Microsoft.NETCore.Platforms (>= 1.1)
      Microsoft.NETCore.Targets (>= 1.1)
      System.Runtime (>= 4.3)
    System.Collections.Concurrent (4.3)
      System.Collections (>= 4.3)
      System.Diagnostics.Debug (>= 4.3)
      System.Diagnostics.Tracing (>= 4.3)
      System.Globalization (>= 4.3)
      System.Reflection (>= 4.3)
      System.Resources.ResourceManager (>= 4.3)
      System.Runtime (>= 4.3)
      System.Runtime.Extensions (>= 4.3)
      System.Threading (>= 4.3)
      System.Threading.Tasks (>= 4.3)
    System.Collections.Immutable (5.0)
      System.Memory (>= 4.5.4)
    System.Configuration.ConfigurationManager (5.0)
      System.Security.Cryptography.ProtectedData (>= 5.0)
      System.Security.Permissions (>= 5.0)
    System.Diagnostics.Debug (4.3)
      Microsoft.NETCore.Platforms (>= 1.1)
      Microsoft.NETCore.Targets (>= 1.1)
      System.Runtime (>= 4.3)
    System.Diagnostics.DiagnosticSource (5.0.1)
      System.Memory (>= 4.5.4)
      System.Runtime.CompilerServices.Unsafe (>= 5.0)
    System.Diagnostics.Process (4.3)
      Microsoft.NETCore.Platforms (>= 1.1)
      Microsoft.Win32.Primitives (>= 4.3)
      Microsoft.Win32.Registry (>= 4.3)
      runtime.native.System (>= 4.3)
      System.Collections (>= 4.3)
      System.Diagnostics.Debug (>= 4.3)
      System.Globalization (>= 4.3)
      System.IO (>= 4.3)
      System.IO.FileSystem (>= 4.3)
      System.IO.FileSystem.Primitives (>= 4.3)
      System.Resources.ResourceManager (>= 4.3)
      System.Runtime (>= 4.3)
      System.Runtime.Extensions (>= 4.3)
      System.Runtime.Handles (>= 4.3)
      System.Runtime.InteropServices (>= 4.3)
      System.Text.Encoding (>= 4.3)
      System.Text.Encoding.Extensions (>= 4.3)
      System.Threading (>= 4.3)
      System.Threading.Tasks (>= 4.3)
      System.Threading.Thread (>= 4.3)
      System.Threading.ThreadPool (>= 4.3)
    System.Diagnostics.TraceSource (4.3)
      Microsoft.NETCore.Platforms (>= 1.1)
      runtime.native.System (>= 4.3)
      System.Collections (>= 4.3)
      System.Diagnostics.Debug (>= 4.3)
      System.Globalization (>= 4.3)
      System.Resources.ResourceManager (>= 4.3)
      System.Runtime (>= 4.3)
      System.Runtime.Extensions (>= 4.3)
      System.Threading (>= 4.3)
    System.Diagnostics.Tracing (4.3)
      Microsoft.NETCore.Platforms (>= 1.1)
      Microsoft.NETCore.Targets (>= 1.1)
      System.Runtime (>= 4.3)
    System.Formats.Asn1 (5.0)
      System.Buffers (>= 4.5.1)
      System.Memory (>= 4.5.4)
    System.Globalization (4.3)
      Microsoft.NETCore.Platforms (>= 1.1)
      Microsoft.NETCore.Targets (>= 1.1)
      System.Runtime (>= 4.3)
    System.Globalization.Calendars (4.3)
      Microsoft.NETCore.Platforms (>= 1.1)
      Microsoft.NETCore.Targets (>= 1.1)
      System.Globalization (>= 4.3)
      System.Runtime (>= 4.3)
    System.Globalization.Extensions (4.3)
      Microsoft.NETCore.Platforms (>= 1.1)
      System.Globalization (>= 4.3)
      System.Resources.ResourceManager (>= 4.3)
      System.Runtime (>= 4.3)
      System.Runtime.Extensions (>= 4.3)
      System.Runtime.InteropServices (>= 4.3)
    System.IO (4.3)
      Microsoft.NETCore.Platforms (>= 1.1)
      Microsoft.NETCore.Targets (>= 1.1)
      System.Runtime (>= 4.3)
      System.Text.Encoding (>= 4.3)
      System.Threading.Tasks (>= 4.3)
    System.IO.FileSystem (4.3)
      Microsoft.NETCore.Platforms (>= 1.1)
      Microsoft.NETCore.Targets (>= 1.1)
      System.IO (>= 4.3)
      System.IO.FileSystem.Primitives (>= 4.3)
      System.Runtime (>= 4.3)
      System.Runtime.Handles (>= 4.3)
      System.Text.Encoding (>= 4.3)
      System.Threading.Tasks (>= 4.3)
    System.IO.FileSystem.Primitives (4.3)
      System.Runtime (>= 4.3)
    System.Linq (4.3)
      System.Collections (>= 4.3)
      System.Diagnostics.Debug (>= 4.3)
      System.Resources.ResourceManager (>= 4.3)
      System.Runtime (>= 4.3)
      System.Runtime.Extensions (>= 4.3)
    System.Linq.Expressions (4.3)
      System.Collections (>= 4.3)
      System.Diagnostics.Debug (>= 4.3)
      System.Globalization (>= 4.3)
      System.IO (>= 4.3)
      System.Linq (>= 4.3)
      System.ObjectModel (>= 4.3)
      System.Reflection (>= 4.3)
      System.Reflection.Emit (>= 4.3)
      System.Reflection.Emit.ILGeneration (>= 4.3)
      System.Reflection.Emit.Lightweight (>= 4.3)
      System.Reflection.Extensions (>= 4.3)
      System.Reflection.Primitives (>= 4.3)
      System.Reflection.TypeExtensions (>= 4.3)
      System.Resources.ResourceManager (>= 4.3)
      System.Runtime (>= 4.3)
      System.Runtime.Extensions (>= 4.3)
      System.Threading (>= 4.3)
    System.Linq.Queryable (4.3)
      System.Collections (>= 4.3)
      System.Diagnostics.Debug (>= 4.3)
      System.Linq (>= 4.3)
      System.Linq.Expressions (>= 4.3)
      System.Reflection (>= 4.3)
      System.Reflection.Extensions (>= 4.3)
      System.Resources.ResourceManager (>= 4.3)
      System.Runtime (>= 4.3)
    System.Memory (4.5.4)
      System.Buffers (>= 4.5.1)
      System.Numerics.Vectors (>= 4.4)
      System.Runtime.CompilerServices.Unsafe (>= 4.5.3)
    System.Net.Http (4.3.4)
      Microsoft.NETCore.Platforms (>= 1.1.1)
      runtime.native.System (>= 4.3)
      runtime.native.System.Net.Http (>= 4.3)
      runtime.native.System.Security.Cryptography.OpenSsl (>= 4.3.2)
      System.Collections (>= 4.3)
      System.Diagnostics.Debug (>= 4.3)
      System.Diagnostics.DiagnosticSource (>= 4.3)
      System.Diagnostics.Tracing (>= 4.3)
      System.Globalization (>= 4.3)
      System.Globalization.Extensions (>= 4.3)
      System.IO (>= 4.3)
      System.IO.FileSystem (>= 4.3)
      System.Net.Primitives (>= 4.3)
      System.Resources.ResourceManager (>= 4.3)
      System.Runtime (>= 4.3)
      System.Runtime.Extensions (>= 4.3)
      System.Runtime.Handles (>= 4.3)
      System.Runtime.InteropServices (>= 4.3)
      System.Security.Cryptography.Algorithms (>= 4.3)
      System.Security.Cryptography.Encoding (>= 4.3)
      System.Security.Cryptography.OpenSsl (>= 4.3)
      System.Security.Cryptography.Primitives (>= 4.3)
      System.Security.Cryptography.X509Certificates (>= 4.3)
      System.Text.Encoding (>= 4.3)
      System.Threading (>= 4.3)
      System.Threading.Tasks (>= 4.3)
    System.Net.Primitives (4.3.1)
      Microsoft.NETCore.Platforms (>= 1.1.1)
      Microsoft.NETCore.Targets (>= 1.1.3)
      System.Runtime (>= 4.3.1)
      System.Runtime.Handles (>= 4.3)
    System.Net.Requests (4.3)
      Microsoft.NETCore.Platforms (>= 1.1)
      System.Collections (>= 4.3)
      System.Diagnostics.Debug (>= 4.3)
      System.Diagnostics.Tracing (>= 4.3)
      System.Globalization (>= 4.3)
      System.IO (>= 4.3)
      System.Net.Http (>= 4.3)
      System.Net.Primitives (>= 4.3)
      System.Net.WebHeaderCollection (>= 4.3)
      System.Resources.ResourceManager (>= 4.3)
      System.Runtime (>= 4.3)
      System.Threading (>= 4.3)
      System.Threading.Tasks (>= 4.3)
    System.Net.Security (4.3.2)
      Microsoft.NETCore.Platforms (>= 1.1)
      Microsoft.Win32.Primitives (>= 4.3)
      runtime.native.System (>= 4.3)
      runtime.native.System.Net.Security (>= 4.3)
      runtime.native.System.Security.Cryptography.OpenSsl (>= 4.3.2)
      System.Collections (>= 4.3)
      System.Collections.Concurrent (>= 4.3)
      System.Diagnostics.Tracing (>= 4.3)
      System.Globalization (>= 4.3)
      System.Globalization.Extensions (>= 4.3)
      System.IO (>= 4.3)
      System.Net.Primitives (>= 4.3)
      System.Resources.ResourceManager (>= 4.3)
      System.Runtime (>= 4.3)
      System.Runtime.Extensions (>= 4.3)
      System.Runtime.Handles (>= 4.3)
      System.Runtime.InteropServices (>= 4.3)
      System.Security.Claims (>= 4.3)
      System.Security.Cryptography.Algorithms (>= 4.3)
      System.Security.Cryptography.Encoding (>= 4.3)
      System.Security.Cryptography.OpenSsl (>= 4.3)
      System.Security.Cryptography.Primitives (>= 4.3)
      System.Security.Cryptography.X509Certificates (>= 4.3)
      System.Security.Principal (>= 4.3)
      System.Text.Encoding (>= 4.3)
      System.Threading (>= 4.3)
      System.Threading.Tasks (>= 4.3)
      System.Threading.ThreadPool (>= 4.3)
    System.Net.WebHeaderCollection (4.3)
      System.Collections (>= 4.3)
      System.Resources.ResourceManager (>= 4.3)
      System.Runtime (>= 4.3)
      System.Runtime.Extensions (>= 4.3)
    System.Numerics.Vectors (4.5)
    System.ObjectModel (4.3)
      System.Collections (>= 4.3)
      System.Diagnostics.Debug (>= 4.3)
      System.Resources.ResourceManager (>= 4.3)
      System.Runtime (>= 4.3)
      System.Threading (>= 4.3)
    System.Reactive (5.0)
      System.Runtime.InteropServices.WindowsRuntime (>= 4.3)
      System.Threading.Tasks.Extensions (>= 4.5.4)
    System.Reflection (4.3)
      Microsoft.NETCore.Platforms (>= 1.1)
      Microsoft.NETCore.Targets (>= 1.1)
      System.IO (>= 4.3)
      System.Reflection.Primitives (>= 4.3)
      System.Runtime (>= 4.3)
    System.Reflection.Emit (4.7)
      System.Reflection.Emit.ILGeneration (>= 4.7)
    System.Reflection.Emit.ILGeneration (4.7)
    System.Reflection.Emit.Lightweight (4.7)
      System.Reflection.Emit.ILGeneration (>= 4.7)
    System.Reflection.Extensions (4.3)
      Microsoft.NETCore.Platforms (>= 1.1)
      Microsoft.NETCore.Targets (>= 1.1)
      System.Reflection (>= 4.3)
      System.Runtime (>= 4.3)
    System.Reflection.Metadata (5.0)
      System.Collections.Immutable (>= 5.0)
    System.Reflection.Primitives (4.3)
      Microsoft.NETCore.Platforms (>= 1.1)
      Microsoft.NETCore.Targets (>= 1.1)
      System.Runtime (>= 4.3)
    System.Reflection.TypeExtensions (4.7)
    System.Resources.Extensions (5.0)
      System.Memory (>= 4.5.4)
    System.Resources.ResourceManager (4.3)
      Microsoft.NETCore.Platforms (>= 1.1)
      Microsoft.NETCore.Targets (>= 1.1)
      System.Globalization (>= 4.3)
      System.Reflection (>= 4.3)
      System.Runtime (>= 4.3)
    System.Runtime (4.3.1)
      Microsoft.NETCore.Platforms (>= 1.1.1)
      Microsoft.NETCore.Targets (>= 1.1.3)
    System.Runtime.CompilerServices.Unsafe (5.0)
    System.Runtime.Extensions (4.3.1)
      Microsoft.NETCore.Platforms (>= 1.1.1)
      Microsoft.NETCore.Targets (>= 1.1.3)
      System.Runtime (>= 4.3.1)
    System.Runtime.Handles (4.3)
      Microsoft.NETCore.Platforms (>= 1.1)
      Microsoft.NETCore.Targets (>= 1.1)
      System.Runtime (>= 4.3)
    System.Runtime.InteropServices (4.3)
      Microsoft.NETCore.Platforms (>= 1.1)
      Microsoft.NETCore.Targets (>= 1.1)
      System.Reflection (>= 4.3)
      System.Reflection.Primitives (>= 4.3)
      System.Runtime (>= 4.3)
      System.Runtime.Handles (>= 4.3)
    System.Runtime.InteropServices.WindowsRuntime (4.3)
      System.Runtime (>= 4.3)
    System.Runtime.Loader (4.3)
      System.IO (>= 4.3)
      System.Reflection (>= 4.3)
      System.Runtime (>= 4.3)
    System.Runtime.Numerics (4.3)
      System.Globalization (>= 4.3)
      System.Resources.ResourceManager (>= 4.3)
      System.Runtime (>= 4.3)
      System.Runtime.Extensions (>= 4.3)
    System.Security.AccessControl (5.0)
      System.Security.Principal.Windows (>= 5.0)
    System.Security.Claims (4.3)
      System.Collections (>= 4.3)
      System.Globalization (>= 4.3)
      System.IO (>= 4.3)
      System.Resources.ResourceManager (>= 4.3)
      System.Runtime (>= 4.3)
      System.Runtime.Extensions (>= 4.3)
      System.Security.Principal (>= 4.3)
    System.Security.Cryptography.Algorithms (4.3.1)
      Microsoft.NETCore.Platforms (>= 1.1)
      runtime.native.System.Security.Cryptography.Apple (>= 4.3.1)
      runtime.native.System.Security.Cryptography.OpenSsl (>= 4.3.2)
      System.Collections (>= 4.3)
      System.IO (>= 4.3)
      System.Resources.ResourceManager (>= 4.3)
      System.Runtime (>= 4.3)
      System.Runtime.Extensions (>= 4.3)
      System.Runtime.Handles (>= 4.3)
      System.Runtime.InteropServices (>= 4.3)
      System.Runtime.Numerics (>= 4.3)
      System.Security.Cryptography.Encoding (>= 4.3)
      System.Security.Cryptography.Primitives (>= 4.3)
      System.Text.Encoding (>= 4.3)
    System.Security.Cryptography.Cng (5.0)
    System.Security.Cryptography.Csp (4.3)
      Microsoft.NETCore.Platforms (>= 1.1)
      System.IO (>= 4.3)
      System.Reflection (>= 4.3)
      System.Resources.ResourceManager (>= 4.3)
      System.Runtime (>= 4.3)
      System.Runtime.Extensions (>= 4.3)
      System.Runtime.Handles (>= 4.3)
      System.Runtime.InteropServices (>= 4.3)
      System.Security.Cryptography.Algorithms (>= 4.3)
      System.Security.Cryptography.Encoding (>= 4.3)
      System.Security.Cryptography.Primitives (>= 4.3)
      System.Text.Encoding (>= 4.3)
      System.Threading (>= 4.3)
    System.Security.Cryptography.Encoding (4.3)
      Microsoft.NETCore.Platforms (>= 1.1)
      runtime.native.System.Security.Cryptography.OpenSsl (>= 4.3)
      System.Collections (>= 4.3)
      System.Collections.Concurrent (>= 4.3)
      System.Linq (>= 4.3)
      System.Resources.ResourceManager (>= 4.3)
      System.Runtime (>= 4.3)
      System.Runtime.Extensions (>= 4.3)
      System.Runtime.Handles (>= 4.3)
      System.Runtime.InteropServices (>= 4.3)
      System.Security.Cryptography.Primitives (>= 4.3)
      System.Text.Encoding (>= 4.3)
    System.Security.Cryptography.OpenSsl (5.0)
    System.Security.Cryptography.Pkcs (5.0.1)
      System.Buffers (>= 4.5.1)
      System.Formats.Asn1 (>= 5.0)
      System.Memory (>= 4.5.4)
      System.Security.Cryptography.Cng (>= 5.0)
    System.Security.Cryptography.Primitives (4.3)
      System.Diagnostics.Debug (>= 4.3)
      System.Globalization (>= 4.3)
      System.IO (>= 4.3)
      System.Resources.ResourceManager (>= 4.3)
      System.Runtime (>= 4.3)
      System.Threading (>= 4.3)
      System.Threading.Tasks (>= 4.3)
    System.Security.Cryptography.ProtectedData (5.0)
      System.Memory (>= 4.5.4)
    System.Security.Cryptography.X509Certificates (4.3.2)
      Microsoft.NETCore.Platforms (>= 1.1)
      runtime.native.System (>= 4.3)
      runtime.native.System.Net.Http (>= 4.3)
      runtime.native.System.Security.Cryptography.OpenSsl (>= 4.3.2)
      System.Collections (>= 4.3)
      System.Diagnostics.Debug (>= 4.3)
      System.Globalization (>= 4.3)
      System.Globalization.Calendars (>= 4.3)
      System.IO (>= 4.3)
      System.IO.FileSystem (>= 4.3)
      System.IO.FileSystem.Primitives (>= 4.3)
      System.Resources.ResourceManager (>= 4.3)
      System.Runtime (>= 4.3)
      System.Runtime.Extensions (>= 4.3)
      System.Runtime.Handles (>= 4.3)
      System.Runtime.InteropServices (>= 4.3)
      System.Runtime.Numerics (>= 4.3)
      System.Security.Cryptography.Algorithms (>= 4.3)
      System.Security.Cryptography.Cng (>= 4.3)
      System.Security.Cryptography.Csp (>= 4.3)
      System.Security.Cryptography.Encoding (>= 4.3)
      System.Security.Cryptography.OpenSsl (>= 4.3)
      System.Security.Cryptography.Primitives (>= 4.3)
      System.Text.Encoding (>= 4.3)
      System.Threading (>= 4.3)
    System.Security.Cryptography.Xml (5.0)
      System.Memory (>= 4.5.4)
      System.Security.Cryptography.Pkcs (>= 5.0)
      System.Security.Permissions (>= 5.0)
    System.Security.Permissions (5.0)
      System.Security.AccessControl (>= 5.0)
    System.Security.Principal (4.3)
      System.Runtime (>= 4.3)
    System.Security.Principal.Windows (5.0)
    System.Text.Encoding (4.3)
      Microsoft.NETCore.Platforms (>= 1.1)
      Microsoft.NETCore.Targets (>= 1.1)
      System.Runtime (>= 4.3)
    System.Text.Encoding.CodePages (5.0)
      System.Runtime.CompilerServices.Unsafe (>= 5.0)
    System.Text.Encoding.Extensions (4.3)
      Microsoft.NETCore.Platforms (>= 1.1)
      Microsoft.NETCore.Targets (>= 1.1)
      System.Runtime (>= 4.3)
      System.Text.Encoding (>= 4.3)
    System.Threading (4.3)
      System.Runtime (>= 4.3)
      System.Threading.Tasks (>= 4.3)
    System.Threading.Tasks (4.3)
      Microsoft.NETCore.Platforms (>= 1.1)
      Microsoft.NETCore.Targets (>= 1.1)
      System.Runtime (>= 4.3)
    System.Threading.Tasks.Dataflow (5.0)
    System.Threading.Tasks.Extensions (4.5.4)
      System.Runtime.CompilerServices.Unsafe (>= 4.5.3)
    System.Threading.Tasks.Parallel (4.3)
      System.Collections.Concurrent (>= 4.3)
      System.Diagnostics.Debug (>= 4.3)
      System.Diagnostics.Tracing (>= 4.3)
      System.Resources.ResourceManager (>= 4.3)
      System.Runtime (>= 4.3)
      System.Runtime.Extensions (>= 4.3)
      System.Threading (>= 4.3)
      System.Threading.Tasks (>= 4.3)
    System.Threading.Thread (4.3)
      System.Runtime (>= 4.3)
    System.Threading.ThreadPool (4.3)
      System.Runtime (>= 4.3)
      System.Runtime.Handles (>= 4.3)

GROUP Docs
STORAGE: NONE
NUGET
  remote: https://www.nuget.org/api/v2
    Argu (6.1.1)
      FSharp.Core (>= 4.3.2) - restriction: >= netstandard2.0
      System.Configuration.ConfigurationManager (>= 4.4) - restriction: >= netstandard2.0
    BlackFox.VsWhere (1.1) - restriction: >= netstandard2.0
      FSharp.Core (>= 4.0.0.1) - restriction: >= net45
      FSharp.Core (>= 4.2.3) - restriction: && (< net45) (>= netstandard2.0)
      Microsoft.Win32.Registry (>= 4.7) - restriction: && (< net45) (>= netstandard2.0)
    Fable.Browser.Blob (1.1) - restriction: >= netstandard2.0
      Fable.Core (>= 3.0) - restriction: >= netstandard2.0
      FSharp.Core (>= 4.6.2) - restriction: >= netstandard2.0
    Fable.Browser.Dom (2.4) - restriction: >= netstandard2.0
      Fable.Browser.Blob (>= 1.1) - restriction: >= netstandard2.0
      Fable.Browser.Event (>= 1.3) - restriction: >= netstandard2.0
      Fable.Browser.WebStorage (>= 1.0) - restriction: >= netstandard2.0
      Fable.Core (>= 3.0) - restriction: >= netstandard2.0
      FSharp.Core (>= 5.0) - restriction: >= netstandard2.0
    Fable.Browser.Event (1.4) - restriction: >= netstandard2.0
      Fable.Browser.Gamepad (>= 1.0) - restriction: >= netstandard2.0
      Fable.Core (>= 3.0) - restriction: >= netstandard2.0
      FSharp.Core (>= 5.0) - restriction: >= netstandard2.0
    Fable.Browser.Gamepad (1.0) - restriction: >= netstandard2.0
      Fable.Core (>= 3.0) - restriction: >= netstandard2.0
      FSharp.Core (>= 4.7.2) - restriction: >= netstandard2.0
    Fable.Browser.WebStorage (1.0) - restriction: >= netstandard2.0
      Fable.Browser.Event (>= 1.0) - restriction: >= netstandard2.0
      Fable.Core (>= 3.0) - restriction: >= netstandard2.0
      FSharp.Core (>= 4.5.2) - restriction: >= netstandard2.0
    Fable.Core (3.2.7) - restriction: >= netstandard2.0
      FSharp.Core (>= 4.7.2) - restriction: >= netstandard2.0
    Fable.React (7.4)
      Fable.Browser.Dom (>= 2.0.1) - restriction: >= netstandard2.0
      Fable.Core (>= 3.1.5) - restriction: >= netstandard2.0
      FSharp.Core (>= 4.7.2) - restriction: >= netstandard2.0
    Fake.Core.Context (5.20.4) - restriction: >= netstandard2.0
      FSharp.Core (>= 4.7.2) - restriction: >= netstandard2.0
    Fake.Core.Environment (5.20.4)
      FSharp.Core (>= 4.7.2) - restriction: >= netstandard2.0
    Fake.Core.FakeVar (5.20.4) - restriction: >= netstandard2.0
      Fake.Core.Context (>= 5.20.4) - restriction: >= netstandard2.0
      FSharp.Core (>= 4.7.2) - restriction: >= netstandard2.0
    Fake.Core.Process (5.20.4) - restriction: >= netstandard2.0
      Fake.Core.Environment (>= 5.20.4) - restriction: >= netstandard2.0
      Fake.Core.FakeVar (>= 5.20.4) - restriction: >= netstandard2.0
      Fake.Core.String (>= 5.20.4) - restriction: >= netstandard2.0
      Fake.Core.Trace (>= 5.20.4) - restriction: >= netstandard2.0
      Fake.IO.FileSystem (>= 5.20.4) - restriction: >= netstandard2.0
      FSharp.Core (>= 4.7.2) - restriction: >= netstandard2.0
      System.Collections.Immutable (>= 1.7.1) - restriction: >= netstandard2.0
    Fake.Core.SemVer (5.20.4) - restriction: >= netstandard2.0
      FSharp.Core (>= 4.7.2) - restriction: >= netstandard2.0
    Fake.Core.String (5.20.4) - restriction: >= netstandard2.0
      FSharp.Core (>= 4.7.2) - restriction: >= netstandard2.0
    Fake.Core.Tasks (5.20.4) - restriction: >= netstandard2.0
      Fake.Core.Trace (>= 5.20.4) - restriction: >= netstandard2.0
      FSharp.Core (>= 4.7.2) - restriction: >= netstandard2.0
    Fake.Core.Trace (5.20.4) - restriction: >= netstandard2.0
      Fake.Core.Environment (>= 5.20.4) - restriction: >= netstandard2.0
      Fake.Core.FakeVar (>= 5.20.4) - restriction: >= netstandard2.0
      FSharp.Core (>= 4.7.2) - restriction: >= netstandard2.0
    Fake.Core.Xml (5.20.4) - restriction: >= netstandard2.0
      Fake.Core.String (>= 5.20.4) - restriction: >= netstandard2.0
      FSharp.Core (>= 4.7.2) - restriction: >= netstandard2.0
    Fake.DotNet.Cli (5.20.4)
      Fake.Core.Environment (>= 5.20.4) - restriction: >= netstandard2.0
      Fake.Core.Process (>= 5.20.4) - restriction: >= netstandard2.0
      Fake.Core.String (>= 5.20.4) - restriction: >= netstandard2.0
      Fake.Core.Trace (>= 5.20.4) - restriction: >= netstandard2.0
      Fake.DotNet.MSBuild (>= 5.20.4) - restriction: >= netstandard2.0
      Fake.DotNet.NuGet (>= 5.20.4) - restriction: >= netstandard2.0
      Fake.IO.FileSystem (>= 5.20.4) - restriction: >= netstandard2.0
      FSharp.Core (>= 4.7.2) - restriction: >= netstandard2.0
      Mono.Posix.NETStandard (>= 1.0) - restriction: >= netstandard2.0
      Newtonsoft.Json (>= 12.0.3) - restriction: >= netstandard2.0
    Fake.DotNet.MSBuild (5.20.4) - restriction: >= netstandard2.0
      BlackFox.VsWhere (>= 1.1) - restriction: >= netstandard2.0
      Fake.Core.Environment (>= 5.20.4) - restriction: >= netstandard2.0
      Fake.Core.Process (>= 5.20.4) - restriction: >= netstandard2.0
      Fake.Core.String (>= 5.20.4) - restriction: >= netstandard2.0
      Fake.Core.Trace (>= 5.20.4) - restriction: >= netstandard2.0
      Fake.IO.FileSystem (>= 5.20.4) - restriction: >= netstandard2.0
      FSharp.Core (>= 4.7.2) - restriction: >= netstandard2.0
      MSBuild.StructuredLogger (>= 2.1.176) - restriction: >= netstandard2.0
    Fake.DotNet.NuGet (5.20.4) - restriction: >= netstandard2.0
      Fake.Core.Environment (>= 5.20.4) - restriction: >= netstandard2.0
      Fake.Core.Process (>= 5.20.4) - restriction: >= netstandard2.0
      Fake.Core.SemVer (>= 5.20.4) - restriction: >= netstandard2.0
      Fake.Core.String (>= 5.20.4) - restriction: >= netstandard2.0
      Fake.Core.Tasks (>= 5.20.4) - restriction: >= netstandard2.0
      Fake.Core.Trace (>= 5.20.4) - restriction: >= netstandard2.0
      Fake.Core.Xml (>= 5.20.4) - restriction: >= netstandard2.0
      Fake.IO.FileSystem (>= 5.20.4) - restriction: >= netstandard2.0
      Fake.Net.Http (>= 5.20.4) - restriction: >= netstandard2.0
      FSharp.Core (>= 4.7.2) - restriction: >= netstandard2.0
      Newtonsoft.Json (>= 12.0.3) - restriction: >= netstandard2.0
      NuGet.Protocol (>= 5.6) - restriction: >= netstandard2.0
    Fake.IO.FileSystem (5.20.4)
      Fake.Core.String (>= 5.20.4) - restriction: >= netstandard2.0
      FSharp.Core (>= 4.7.2) - restriction: >= netstandard2.0
    Fake.Net.Http (5.20.4) - restriction: >= netstandard2.0
      Fake.Core.Trace (>= 5.20.4) - restriction: >= netstandard2.0
      FSharp.Core (>= 4.7.2) - restriction: >= netstandard2.0
    FSharp.Compiler.Service (39.0) - restriction: >= netstandard2.0
      FSharp.Core (5.0.1) - restriction: >= netstandard2.0
      Microsoft.Build.Framework (>= 16.6) - restriction: >= netstandard2.0
      Microsoft.Build.Tasks.Core (>= 16.6) - restriction: >= netstandard2.0
      Microsoft.Build.Utilities.Core (>= 16.6) - restriction: >= netstandard2.0
      System.Buffers (>= 4.5.1) - restriction: >= netstandard2.0
      System.Collections.Immutable (>= 5.0) - restriction: >= netstandard2.0
      System.Diagnostics.Process (>= 4.3) - restriction: >= netstandard2.0
      System.Diagnostics.TraceSource (>= 4.3) - restriction: >= netstandard2.0
      System.Linq.Expressions (>= 4.3) - restriction: >= netstandard2.0
      System.Linq.Queryable (>= 4.3) - restriction: >= netstandard2.0
      System.Memory (>= 4.5.4) - restriction: >= netstandard2.0
      System.Net.Requests (>= 4.3) - restriction: >= netstandard2.0
      System.Net.Security (>= 4.3) - restriction: >= netstandard2.0
      System.Reflection.Emit (>= 4.3) - restriction: >= netstandard2.0
      System.Reflection.Metadata (>= 5.0) - restriction: >= netstandard2.0
      System.Reflection.TypeExtensions (>= 4.3) - restriction: >= netstandard2.0
      System.Runtime (>= 4.3) - restriction: >= netstandard2.0
      System.Runtime.InteropServices (>= 4.3) - restriction: >= netstandard2.0
      System.Runtime.Loader (>= 4.3) - restriction: >= netstandard2.0
      System.Security.Claims (>= 4.3) - restriction: >= netstandard2.0
      System.Security.Cryptography.Algorithms (>= 4.3) - restriction: >= netstandard2.0
      System.Security.Principal (>= 4.3) - restriction: >= netstandard2.0
      System.Threading.Tasks.Parallel (>= 4.3) - restriction: >= netstandard2.0
      System.Threading.Thread (>= 4.3) - restriction: >= netstandard2.0
      System.Threading.ThreadPool (>= 4.3) - restriction: >= netstandard2.0
    FSharp.Core (5.0.1)
    FSharp.Formatting (11.2)
      FSharp.Compiler.Service (>= 39.0) - restriction: >= netstandard2.1
    FSharp.Literate (4.1)
      FSharp.Compiler.Service (>= 35.0) - restriction: >= netstandard2.0
      FSharp.Core (>= 4.7) - restriction: >= netstandard2.0
    Microsoft.Bcl.AsyncInterfaces (5.0) - restriction: || (&& (>= monoandroid) (< netcoreapp2.0) (>= netcoreapp2.1)) (&& (< monoandroid) (< netcoreapp2.0) (>= netcoreapp2.1) (< xamarinios) (< xamarinmac) (< xamarintvos) (< xamarinwatchos)) (&& (< monoandroid) (>= netcoreapp2.1) (< netcoreapp3.0) (< xamarinios) (< xamarinmac) (< xamarintvos) (< xamarinwatchos)) (&& (>= monotouch) (>= netcoreapp2.1)) (&& (>= net461) (>= netcoreapp2.1)) (>= net472) (&& (< netcoreapp2.0) (>= netcoreapp2.1) (>= xamarinios)) (&& (< netcoreapp2.0) (>= netcoreapp2.1) (>= xamarinmac)) (&& (>= netcoreapp2.1) (< netstandard2.0) (>= xamarintvos)) (&& (>= netcoreapp2.1) (< netstandard2.0) (>= xamarinwatchos)) (&& (>= netcoreapp2.1) (>= uap10.1))
      System.Threading.Tasks.Extensions (>= 4.5.4) - restriction: || (>= net461) (&& (< netcoreapp2.1) (>= netstandard2.0) (< netstandard2.1))
    Microsoft.Build (16.9) - restriction: >= netstandard2.0
      Microsoft.Build.Framework (>= 16.9) - restriction: || (>= net472) (>= netcoreapp2.1)
      Microsoft.VisualStudio.Setup.Configuration.Interop (>= 1.16.30) - restriction: >= net472
      Microsoft.Win32.Registry (>= 4.3) - restriction: >= netcoreapp2.1
      System.Collections.Immutable (>= 5.0) - restriction: || (>= net472) (>= netcoreapp2.1)
      System.Memory (>= 4.5.4) - restriction: || (>= net472) (>= netcoreapp2.1)
      System.Reflection.Metadata (>= 1.6) - restriction: >= netcoreapp2.1
      System.Security.Principal.Windows (>= 4.7) - restriction: >= netcoreapp2.1
      System.Text.Encoding.CodePages (>= 4.0.1) - restriction: >= netcoreapp2.1
      System.Text.Json (>= 4.7) - restriction: || (>= net472) (>= netcoreapp2.1)
      System.Threading.Tasks.Dataflow (>= 4.9) - restriction: || (>= net472) (>= netcoreapp2.1)
    Microsoft.Build.Framework (16.9) - restriction: >= netstandard2.0
      System.Security.Permissions (>= 4.7) - restriction: && (< net472) (>= netstandard2.0)
    Microsoft.Build.Tasks.Core (16.9) - restriction: >= netstandard2.0
      Microsoft.Build.Framework (>= 16.9) - restriction: >= netstandard2.0
      Microsoft.Build.Utilities.Core (>= 16.9) - restriction: >= netstandard2.0
      Microsoft.Win32.Registry (>= 4.3) - restriction: && (< net472) (>= netstandard2.0)
      System.CodeDom (>= 4.4) - restriction: && (< net472) (>= netstandard2.0)
      System.Collections.Immutable (>= 5.0) - restriction: >= netstandard2.0
      System.Reflection.Metadata (>= 1.6) - restriction: && (< net472) (>= netstandard2.0)
      System.Reflection.TypeExtensions (>= 4.1) - restriction: && (< net472) (>= netstandard2.0)
      System.Resources.Extensions (>= 4.6) - restriction: >= netstandard2.0
      System.Runtime.InteropServices (>= 4.3) - restriction: && (< net472) (>= netstandard2.0)
      System.Security.Cryptography.Pkcs (>= 4.7) - restriction: && (< net472) (>= netstandard2.0)
      System.Security.Cryptography.Xml (>= 4.7) - restriction: && (< net472) (>= netstandard2.0)
      System.Security.Permissions (>= 4.7) - restriction: && (< net472) (>= netstandard2.0)
      System.Threading.Tasks.Dataflow (>= 4.9) - restriction: >= netstandard2.0
    Microsoft.Build.Utilities.Core (16.9) - restriction: >= netstandard2.0
      Microsoft.Build.Framework (>= 16.9) - restriction: >= netstandard2.0
      Microsoft.Win32.Registry (>= 4.3) - restriction: && (< net472) (>= netstandard2.0)
      System.Collections.Immutable (>= 5.0) - restriction: >= netstandard2.0
      System.Security.Permissions (>= 4.7) - restriction: && (< net472) (>= netstandard2.0)
      System.Text.Encoding.CodePages (>= 4.0.1) - restriction: && (< net472) (>= netstandard2.0)
    Microsoft.NETCore.Platforms (5.0.2) - restriction: || (&& (>= monoandroid) (>= netcoreapp2.1)) (&& (< monoandroid) (>= net50) (< netcoreapp2.1) (< netstandard2.1) (< xamarinios) (< xamarinmac) (< xamarintvos) (< xamarinwatchos)) (&& (< monoandroid) (>= netcoreapp2.1)) (&& (< monoandroid) (< netstandard1.2) (>= netstandard2.1)) (&& (< monoandroid) (< netstandard1.3) (>= netstandard2.1)) (&& (< monoandroid) (< netstandard1.5) (>= netstandard2.1)) (&& (< monoandroid) (>= netstandard2.1) (< xamarinios) (< xamarinmac) (< xamarintvos) (< xamarinwatchos)) (&& (>= monotouch) (>= netcoreapp2.1)) (&& (>= net461) (>= netcoreapp2.1)) (&& (>= netcoreapp1.1) (>= netstandard2.1) (< xamarinios) (< xamarinmac) (< xamarintvos) (< xamarinwatchos)) (>= netcoreapp2.0) (&& (>= netcoreapp2.1) (< netcoreapp3.0)) (&& (>= netcoreapp2.1) (>= uap10.1)) (&& (>= netcoreapp3.0) (< xamarinios) (< xamarinmac) (< xamarintvos) (< xamarinwatchos))
    Microsoft.NETCore.Targets (5.0) - restriction: || (&& (< monoandroid) (< netstandard1.2) (>= netstandard2.1)) (&& (< monoandroid) (< netstandard1.3) (>= netstandard2.1)) (&& (< monoandroid) (< netstandard1.5) (>= netstandard2.1)) (&& (< monoandroid) (>= netstandard2.1) (< xamarinios) (< xamarinmac) (< xamarintvos) (< xamarinwatchos)) (&& (>= netcoreapp1.1) (>= netstandard2.1) (< xamarinios) (< xamarinmac) (< xamarintvos) (< xamarinwatchos))
    Microsoft.VisualStudio.Setup.Configuration.Interop (1.16.30) - restriction: >= net472
    Microsoft.Win32.Primitives (4.3) - restriction: && (< monoandroid) (>= netstandard2.1) (< xamarinios) (< xamarinmac) (< xamarintvos) (< xamarinwatchos)
      Microsoft.NETCore.Platforms (>= 1.1) - restriction: && (< monoandroid) (< monotouch) (< net46) (>= netstandard1.3) (< xamarinios) (< xamarinmac) (< xamarintvos) (< xamarinwatchos)
      Microsoft.NETCore.Targets (>= 1.1) - restriction: && (< monoandroid) (< monotouch) (< net46) (>= netstandard1.3) (< xamarinios) (< xamarinmac) (< xamarintvos) (< xamarinwatchos)
      System.Runtime (>= 4.3) - restriction: && (< monoandroid) (< monotouch) (< net46) (>= netstandard1.3) (< xamarinios) (< xamarinmac) (< xamarintvos) (< xamarinwatchos)
    Microsoft.Win32.Registry (5.0) - restriction: || (&& (< net45) (>= netstandard2.0)) (>= netcoreapp2.1) (>= netstandard2.1)
      System.Buffers (>= 4.5.1) - restriction: || (&& (>= monoandroid) (< netcoreapp2.0)) (&& (< monoandroid) (< net46) (< netcoreapp2.0) (>= netstandard2.0)) (>= monotouch) (>= xamarinios) (>= xamarinmac) (>= xamarintvos) (>= xamarinwatchos)
      System.Memory (>= 4.5.4) - restriction: || (&& (< monoandroid) (< net46) (< netcoreapp2.0) (>= netstandard2.0) (< xamarinios) (< xamarinmac) (< xamarintvos) (< xamarinwatchos)) (&& (< monoandroid) (>= netcoreapp2.0) (< netcoreapp2.1) (< xamarinios) (< xamarinmac) (< xamarintvos) (< xamarinwatchos)) (>= uap10.1)
      System.Security.AccessControl (>= 5.0) - restriction: || (&& (>= monoandroid) (< netcoreapp2.0)) (&& (< monoandroid) (< net46) (< netcoreapp2.0) (>= netstandard2.0)) (&& (< monoandroid) (>= netcoreapp2.0)) (>= monotouch) (>= net461) (>= netcoreapp2.1) (>= uap10.1) (>= xamarinios) (>= xamarinmac) (>= xamarintvos) (>= xamarinwatchos)
      System.Security.Principal.Windows (>= 5.0) - restriction: || (&& (>= monoandroid) (< netcoreapp2.0)) (&& (< monoandroid) (< net46) (< netcoreapp2.0) (>= netstandard2.0)) (&& (< monoandroid) (>= netcoreapp2.0)) (>= monotouch) (>= net461) (>= netcoreapp2.1) (>= uap10.1) (>= xamarinios) (>= xamarinmac) (>= xamarintvos) (>= xamarinwatchos)
    Microsoft.Win32.SystemEvents (5.0) - restriction: && (>= netcoreapp3.0) (< xamarinios) (< xamarinmac) (< xamarintvos) (< xamarinwatchos)
      Microsoft.NETCore.Platforms (>= 5.0) - restriction: >= netcoreapp2.0
    Mono.Posix.NETStandard (1.0) - restriction: >= netstandard2.0
    MSBuild.StructuredLogger (2.1.500) - restriction: >= netstandard2.0
      Microsoft.Build (>= 16.4) - restriction: >= netstandard2.0
      Microsoft.Build.Framework (>= 16.4) - restriction: >= netstandard2.0
      Microsoft.Build.Tasks.Core (>= 16.4) - restriction: >= netstandard2.0
      Microsoft.Build.Utilities.Core (>= 16.4) - restriction: >= netstandard2.0
    Newtonsoft.Json (13.0.1) - restriction: >= netstandard2.0
    NuGet.Common (5.9.1) - restriction: >= netstandard2.0
      NuGet.Frameworks (>= 5.9.1) - restriction: || (>= net45) (>= netstandard2.0)
    NuGet.Configuration (5.9.1) - restriction: >= netstandard2.0
      NuGet.Common (>= 5.9.1) - restriction: || (>= net45) (>= netstandard2.0)
      System.Security.Cryptography.ProtectedData (>= 4.4) - restriction: && (< net45) (>= netstandard2.0)
    NuGet.Frameworks (5.9.1) - restriction: >= netstandard2.0
    NuGet.Packaging (5.9.1) - restriction: >= netstandard2.0
      Newtonsoft.Json (>= 9.0.1) - restriction: >= netstandard2.0
      NuGet.Configuration (>= 5.9.1) - restriction: >= netstandard2.0
      NuGet.Versioning (>= 5.9.1) - restriction: >= netstandard2.0
      System.Security.Cryptography.Cng (>= 5.0) - restriction: || (&& (< net472) (>= netstandard2.0)) (>= net50)
      System.Security.Cryptography.Pkcs (>= 5.0) - restriction: || (&& (< net472) (>= netstandard2.0)) (>= net50)
    NuGet.Protocol (5.9.1) - restriction: >= netstandard2.0
      NuGet.Packaging (>= 5.9.1) - restriction: >= netstandard2.0
    NuGet.Versioning (5.9.1) - restriction: >= netstandard2.0
    runtime.debian.8-x64.runtime.native.System.Security.Cryptography.OpenSsl (4.3.3) - restriction: && (< monoandroid) (>= netstandard2.1) (< xamarinios) (< xamarinmac) (< xamarintvos) (< xamarinwatchos)
    runtime.debian.9-x64.runtime.native.System.Security.Cryptography.OpenSsl (4.3.3) - restriction: && (< monoandroid) (>= netstandard2.1) (< xamarinios) (< xamarinmac) (< xamarintvos) (< xamarinwatchos)
    runtime.fedora.23-x64.runtime.native.System.Security.Cryptography.OpenSsl (4.3.3) - restriction: && (< monoandroid) (>= netstandard2.1) (< xamarinios) (< xamarinmac) (< xamarintvos) (< xamarinwatchos)
    runtime.fedora.24-x64.runtime.native.System.Security.Cryptography.OpenSsl (4.3.3) - restriction: && (< monoandroid) (>= netstandard2.1) (< xamarinios) (< xamarinmac) (< xamarintvos) (< xamarinwatchos)
    runtime.fedora.27-x64.runtime.native.System.Security.Cryptography.OpenSsl (4.3.3) - restriction: && (< monoandroid) (>= netstandard2.1) (< xamarinios) (< xamarinmac) (< xamarintvos) (< xamarinwatchos)
    runtime.fedora.28-x64.runtime.native.System.Security.Cryptography.OpenSsl (4.3.3) - restriction: && (< monoandroid) (>= netstandard2.1) (< xamarinios) (< xamarinmac) (< xamarintvos) (< xamarinwatchos)
    runtime.native.System (4.3.1) - restriction: && (< monoandroid) (>= netstandard2.1) (< xamarinios) (< xamarinmac) (< xamarintvos) (< xamarinwatchos)
      Microsoft.NETCore.Platforms (>= 1.1.1)
      Microsoft.NETCore.Targets (>= 1.1.3)
    runtime.native.System.Net.Http (4.3.1) - restriction: && (< monoandroid) (>= netstandard2.1) (< xamarinios) (< xamarinmac) (< xamarintvos) (< xamarinwatchos)
      Microsoft.NETCore.Platforms (>= 1.1.1)
      Microsoft.NETCore.Targets (>= 1.1.3)
    runtime.native.System.Net.Security (4.3.1) - restriction: && (< monoandroid) (>= netstandard2.1) (< xamarinios) (< xamarinmac) (< xamarintvos) (< xamarinwatchos)
      Microsoft.NETCore.Platforms (>= 1.1.1)
      Microsoft.NETCore.Targets (>= 1.1.3)
    runtime.native.System.Security.Cryptography.Apple (4.3.1) - restriction: && (< monoandroid) (>= netstandard2.1) (< xamarinios) (< xamarinmac) (< xamarintvos) (< xamarinwatchos)
      runtime.osx.10.10-x64.runtime.native.System.Security.Cryptography.Apple (>= 4.3.1)
    runtime.native.System.Security.Cryptography.OpenSsl (4.3.3) - restriction: && (< monoandroid) (>= netstandard2.1) (< xamarinios) (< xamarinmac) (< xamarintvos) (< xamarinwatchos)
      runtime.debian.8-x64.runtime.native.System.Security.Cryptography.OpenSsl (>= 4.3.3)
      runtime.debian.9-x64.runtime.native.System.Security.Cryptography.OpenSsl (>= 4.3.3)
      runtime.fedora.23-x64.runtime.native.System.Security.Cryptography.OpenSsl (>= 4.3.3)
      runtime.fedora.24-x64.runtime.native.System.Security.Cryptography.OpenSsl (>= 4.3.3)
      runtime.fedora.27-x64.runtime.native.System.Security.Cryptography.OpenSsl (>= 4.3.3)
      runtime.fedora.28-x64.runtime.native.System.Security.Cryptography.OpenSsl (>= 4.3.3)
      runtime.opensuse.13.2-x64.runtime.native.System.Security.Cryptography.OpenSsl (>= 4.3.3)
      runtime.opensuse.42.1-x64.runtime.native.System.Security.Cryptography.OpenSsl (>= 4.3.3)
      runtime.opensuse.42.3-x64.runtime.native.System.Security.Cryptography.OpenSsl (>= 4.3.3)
      runtime.osx.10.10-x64.runtime.native.System.Security.Cryptography.OpenSsl (>= 4.3.3)
      runtime.rhel.7-x64.runtime.native.System.Security.Cryptography.OpenSsl (>= 4.3.3)
      runtime.ubuntu.14.04-x64.runtime.native.System.Security.Cryptography.OpenSsl (>= 4.3.3)
      runtime.ubuntu.16.04-x64.runtime.native.System.Security.Cryptography.OpenSsl (>= 4.3.3)
      runtime.ubuntu.16.10-x64.runtime.native.System.Security.Cryptography.OpenSsl (>= 4.3.3)
      runtime.ubuntu.18.04-x64.runtime.native.System.Security.Cryptography.OpenSsl (>= 4.3.3)
    runtime.opensuse.13.2-x64.runtime.native.System.Security.Cryptography.OpenSsl (4.3.3) - restriction: && (< monoandroid) (>= netstandard2.1) (< xamarinios) (< xamarinmac) (< xamarintvos) (< xamarinwatchos)
    runtime.opensuse.42.1-x64.runtime.native.System.Security.Cryptography.OpenSsl (4.3.3) - restriction: && (< monoandroid) (>= netstandard2.1) (< xamarinios) (< xamarinmac) (< xamarintvos) (< xamarinwatchos)
    runtime.opensuse.42.3-x64.runtime.native.System.Security.Cryptography.OpenSsl (4.3.3) - restriction: && (< monoandroid) (>= netstandard2.1) (< xamarinios) (< xamarinmac) (< xamarintvos) (< xamarinwatchos)
    runtime.osx.10.10-x64.runtime.native.System.Security.Cryptography.Apple (4.3.1) - restriction: && (< monoandroid) (>= netstandard2.1) (< xamarinios) (< xamarinmac) (< xamarintvos) (< xamarinwatchos)
    runtime.osx.10.10-x64.runtime.native.System.Security.Cryptography.OpenSsl (4.3.3) - restriction: && (< monoandroid) (>= netstandard2.1) (< xamarinios) (< xamarinmac) (< xamarintvos) (< xamarinwatchos)
    runtime.rhel.7-x64.runtime.native.System.Security.Cryptography.OpenSsl (4.3.3) - restriction: && (< monoandroid) (>= netstandard2.1) (< xamarinios) (< xamarinmac) (< xamarintvos) (< xamarinwatchos)
    runtime.ubuntu.14.04-x64.runtime.native.System.Security.Cryptography.OpenSsl (4.3.3) - restriction: && (< monoandroid) (>= netstandard2.1) (< xamarinios) (< xamarinmac) (< xamarintvos) (< xamarinwatchos)
    runtime.ubuntu.16.04-x64.runtime.native.System.Security.Cryptography.OpenSsl (4.3.3) - restriction: && (< monoandroid) (>= netstandard2.1) (< xamarinios) (< xamarinmac) (< xamarintvos) (< xamarinwatchos)
    runtime.ubuntu.16.10-x64.runtime.native.System.Security.Cryptography.OpenSsl (4.3.3) - restriction: && (< monoandroid) (>= netstandard2.1) (< xamarinios) (< xamarinmac) (< xamarintvos) (< xamarinwatchos)
    runtime.ubuntu.18.04-x64.runtime.native.System.Security.Cryptography.OpenSsl (4.3.3) - restriction: && (< monoandroid) (>= netstandard2.1) (< xamarinios) (< xamarinmac) (< xamarintvos) (< xamarinwatchos)
    System.Buffers (4.5.1) - restriction: || (&& (>= monoandroid) (< netcoreapp2.0) (>= netcoreapp2.1)) (&& (>= monoandroid) (< netcoreapp2.0) (>= netstandard2.0)) (&& (< monoandroid) (< net45) (< netcoreapp2.0) (>= netstandard2.0)) (&& (< monoandroid) (< netcoreapp2.0) (>= netcoreapp2.1) (< xamarintvos) (< xamarinwatchos)) (&& (>= monotouch) (>= netcoreapp2.1)) (&& (>= monotouch) (>= netstandard2.0)) (&& (>= net461) (>= netcoreapp2.1)) (>= net472) (&& (>= netcoreapp2.1) (< netstandard2.0) (>= xamarintvos)) (&& (>= netcoreapp2.1) (< netstandard2.0) (>= xamarinwatchos)) (&& (>= netstandard2.0) (>= xamarintvos)) (&& (>= netstandard2.0) (>= xamarinwatchos)) (>= netstandard2.1) (>= xamarinios) (>= xamarinmac)
    System.CodeDom (5.0) - restriction: >= netstandard2.1
    System.Collections (4.3) - restriction: && (< monoandroid) (>= netstandard2.1) (< xamarinios) (< xamarinmac) (< xamarintvos) (< xamarinwatchos)
      Microsoft.NETCore.Platforms (>= 1.1) - restriction: || (&& (< monoandroid) (< monotouch) (< net45) (>= netstandard1.3) (< win8) (< wpa81) (< xamarinios) (< xamarinmac) (< xamarintvos) (< xamarinwatchos)) (&& (< monoandroid) (< net45) (>= netstandard1.0) (< netstandard1.3) (< win8) (< wp8) (< wpa81))
      Microsoft.NETCore.Targets (>= 1.1) - restriction: || (&& (< monoandroid) (< monotouch) (< net45) (>= netstandard1.3) (< win8) (< wpa81) (< xamarinios) (< xamarinmac) (< xamarintvos) (< xamarinwatchos)) (&& (< monoandroid) (< net45) (>= netstandard1.0) (< netstandard1.3) (< win8) (< wp8) (< wpa81))
      System.Runtime (>= 4.3) - restriction: || (&& (< monoandroid) (< monotouch) (< net45) (>= netstandard1.3) (< win8) (< wpa81) (< xamarinios) (< xamarinmac) (< xamarintvos) (< xamarinwatchos)) (&& (< monoandroid) (< net45) (>= netstandard1.0) (< netstandard1.3) (< win8) (< wp8) (< wpa81))
    System.Collections.Concurrent (4.3) - restriction: || (&& (< monoandroid) (< netstandard1.6) (>= netstandard2.1)) (&& (< monoandroid) (>= netstandard2.1) (< xamarinios) (< xamarinmac) (< xamarintvos) (< xamarinwatchos))
      System.Collections (>= 4.3) - restriction: && (< monoandroid) (< monotouch) (< net45) (>= netstandard1.3) (< win8) (< wpa81) (< xamarinios) (< xamarinmac) (< xamarintvos) (< xamarinwatchos)
      System.Diagnostics.Debug (>= 4.3) - restriction: && (< monoandroid) (< monotouch) (< net45) (>= netstandard1.3) (< win8) (< wpa81) (< xamarinios) (< xamarinmac) (< xamarintvos) (< xamarinwatchos)
      System.Diagnostics.Tracing (>= 4.3) - restriction: && (< monoandroid) (< monotouch) (< net45) (>= netstandard1.3) (< win8) (< wpa81) (< xamarinios) (< xamarinmac) (< xamarintvos) (< xamarinwatchos)
      System.Globalization (>= 4.3) - restriction: && (< monoandroid) (< monotouch) (< net45) (>= netstandard1.3) (< win8) (< wpa81) (< xamarinios) (< xamarinmac) (< xamarintvos) (< xamarinwatchos)
      System.Reflection (>= 4.3) - restriction: && (< monoandroid) (< monotouch) (< net45) (>= netstandard1.3) (< win8) (< wpa81) (< xamarinios) (< xamarinmac) (< xamarintvos) (< xamarinwatchos)
      System.Resources.ResourceManager (>= 4.3) - restriction: && (< monoandroid) (< monotouch) (< net45) (>= netstandard1.3) (< win8) (< wpa81) (< xamarinios) (< xamarinmac) (< xamarintvos) (< xamarinwatchos)
      System.Runtime (>= 4.3) - restriction: || (&& (< monoandroid) (< monotouch) (< net45) (>= netstandard1.3) (< win8) (< wpa81) (< xamarinios) (< xamarinmac) (< xamarintvos) (< xamarinwatchos)) (&& (< monoandroid) (< net45) (>= netstandard1.1) (< netstandard1.3) (< win8) (< wpa81))
      System.Runtime.Extensions (>= 4.3) - restriction: && (< monoandroid) (< monotouch) (< net45) (>= netstandard1.3) (< win8) (< wpa81) (< xamarinios) (< xamarinmac) (< xamarintvos) (< xamarinwatchos)
      System.Threading (>= 4.3) - restriction: && (< monoandroid) (< monotouch) (< net45) (>= netstandard1.3) (< win8) (< wpa81) (< xamarinios) (< xamarinmac) (< xamarintvos) (< xamarinwatchos)
      System.Threading.Tasks (>= 4.3) - restriction: || (&& (< monoandroid) (< monotouch) (< net45) (>= netstandard1.3) (< win8) (< wpa81) (< xamarinios) (< xamarinmac) (< xamarintvos) (< xamarinwatchos)) (&& (< monoandroid) (< net45) (>= netstandard1.1) (< netstandard1.3) (< win8) (< wpa81))
    System.Collections.Immutable (5.0) - restriction: || (&& (>= net461) (>= netstandard2.1)) (&& (< net50) (>= netstandard2.1)) (&& (< netstandard1.1) (>= netstandard2.1)) (>= netstandard2.0)
      System.Memory (>= 4.5.4) - restriction: || (&& (< monoandroid) (< monotouch) (< net45) (>= netstandard1.3) (< netstandard2.0) (< win8) (< wpa81) (< xamarintvos) (< xamarinwatchos)) (&& (< monoandroid) (< net45) (< netcoreapp2.1) (>= netstandard2.0) (< xamarinios) (< xamarinmac) (< xamarintvos) (< xamarinwatchos)) (&& (>= net46) (< netstandard2.0)) (>= net461) (>= uap10.1)
    System.Configuration.ConfigurationManager (5.0) - restriction: >= netstandard2.0
      System.Security.Cryptography.ProtectedData (>= 5.0) - restriction: && (< monoandroid) (< net461) (>= netstandard2.0) (< xamarinios) (< xamarinmac) (< xamarintvos) (< xamarinwatchos)
      System.Security.Permissions (>= 5.0) - restriction: || (>= monoandroid) (>= monotouch) (>= net461) (>= netstandard2.0) (>= xamarintvos) (>= xamarinwatchos)
    System.Diagnostics.Debug (4.3) - restriction: && (< monoandroid) (>= netstandard2.1) (< xamarinios) (< xamarinmac) (< xamarintvos) (< xamarinwatchos)
      Microsoft.NETCore.Platforms (>= 1.1) - restriction: || (&& (< monoandroid) (< monotouch) (< net45) (>= netstandard1.3) (< win8) (< wpa81) (< xamarinios) (< xamarinmac) (< xamarintvos) (< xamarinwatchos)) (&& (< monoandroid) (< net45) (>= netstandard1.0) (< netstandard1.3) (< win8) (< wp8) (< wpa81))
      Microsoft.NETCore.Targets (>= 1.1) - restriction: || (&& (< monoandroid) (< monotouch) (< net45) (>= netstandard1.3) (< win8) (< wpa81) (< xamarinios) (< xamarinmac) (< xamarintvos) (< xamarinwatchos)) (&& (< monoandroid) (< net45) (>= netstandard1.0) (< netstandard1.3) (< win8) (< wp8) (< wpa81))
      System.Runtime (>= 4.3) - restriction: || (&& (< monoandroid) (< monotouch) (< net45) (>= netstandard1.3) (< win8) (< wpa81) (< xamarinios) (< xamarinmac) (< xamarintvos) (< xamarinwatchos)) (&& (< monoandroid) (< net45) (>= netstandard1.0) (< netstandard1.3) (< win8) (< wp8) (< wpa81))
    System.Diagnostics.DiagnosticSource (5.0.1) - restriction: || (&& (< monoandroid) (< netstandard1.6) (>= netstandard2.1)) (&& (< monoandroid) (>= netstandard2.1) (< xamarinios) (< xamarinmac) (< xamarintvos) (< xamarinwatchos))
      System.Memory (>= 4.5.4) - restriction: || (&& (< monoandroid) (< monotouch) (< net45) (>= netstandard1.3) (< netstandard2.0) (< win8) (< wpa81) (< xamarintvos) (< xamarinwatchos)) (&& (< monoandroid) (< net45) (< netcoreapp2.1) (>= netstandard2.0) (< xamarinios) (< xamarinmac) (< xamarintvos) (< xamarinwatchos)) (&& (>= net45) (< netstandard1.3)) (>= net46) (>= uap10.1)
      System.Runtime.CompilerServices.Unsafe (>= 5.0) - restriction: || (&& (>= monoandroid) (< netcoreapp2.1)) (&& (< monoandroid) (< net45) (< netcoreapp2.1) (>= netstandard2.0) (< xamarinios) (< xamarinmac) (< xamarintvos) (< xamarinwatchos)) (&& (< monoandroid) (< net45) (>= netstandard1.3) (< netstandard2.0) (< win8) (< wpa81) (< xamarintvos) (< xamarinwatchos)) (&& (< monoandroid) (>= netcoreapp2.1) (< netcoreapp3.0) (< xamarinios) (< xamarinmac) (< xamarintvos) (< xamarinwatchos)) (>= monotouch) (&& (>= net45) (< netstandard1.3)) (>= net46) (&& (< netcoreapp2.1) (>= xamarinios)) (&& (< netcoreapp2.1) (>= xamarinmac)) (&& (< netstandard2.0) (>= xamarintvos)) (&& (< netstandard2.0) (>= xamarinwatchos)) (>= uap10.1)
    System.Diagnostics.Process (4.3) - restriction: >= netstandard2.1
      Microsoft.NETCore.Platforms (>= 1.1) - restriction: && (< monoandroid) (< monotouch) (< net46) (>= netstandard1.4) (< xamarinios) (< xamarinmac) (< xamarintvos) (< xamarinwatchos)
      Microsoft.Win32.Primitives (>= 4.3) - restriction: && (< monoandroid) (< monotouch) (< net46) (>= netstandard1.4) (< xamarinios) (< xamarinmac) (< xamarintvos) (< xamarinwatchos)
      Microsoft.Win32.Registry (>= 4.3) - restriction: && (< monoandroid) (< monotouch) (< net46) (>= netstandard1.4) (< xamarinios) (< xamarinmac) (< xamarintvos) (< xamarinwatchos)
      runtime.native.System (>= 4.3) - restriction: && (< monoandroid) (< monotouch) (< net46) (>= netstandard1.4) (< xamarinios) (< xamarinmac) (< xamarintvos) (< xamarinwatchos)
      System.Collections (>= 4.3) - restriction: && (< monoandroid) (< monotouch) (< net46) (>= netstandard1.4) (< xamarinios) (< xamarinmac) (< xamarintvos) (< xamarinwatchos)
      System.Diagnostics.Debug (>= 4.3) - restriction: && (< monoandroid) (< monotouch) (< net46) (>= netstandard1.4) (< xamarinios) (< xamarinmac) (< xamarintvos) (< xamarinwatchos)
      System.Globalization (>= 4.3) - restriction: && (< monoandroid) (< monotouch) (< net46) (>= netstandard1.4) (< xamarinios) (< xamarinmac) (< xamarintvos) (< xamarinwatchos)
      System.IO (>= 4.3) - restriction: || (&& (< monoandroid) (< monotouch) (< net46) (>= netstandard1.4) (< xamarinios) (< xamarinmac) (< xamarintvos) (< xamarinwatchos)) (&& (< monoandroid) (< net46) (>= netstandard1.3) (< netstandard1.4))
      System.IO.FileSystem (>= 4.3) - restriction: && (< monoandroid) (< monotouch) (< net46) (>= netstandard1.4) (< xamarinios) (< xamarinmac) (< xamarintvos) (< xamarinwatchos)
      System.IO.FileSystem.Primitives (>= 4.3) - restriction: && (< monoandroid) (< monotouch) (< net46) (>= netstandard1.4) (< xamarinios) (< xamarinmac) (< xamarintvos) (< xamarinwatchos)
      System.Resources.ResourceManager (>= 4.3) - restriction: && (< monoandroid) (< monotouch) (< net46) (>= netstandard1.4) (< xamarinios) (< xamarinmac) (< xamarintvos) (< xamarinwatchos)
      System.Runtime (>= 4.3) - restriction: || (&& (< monoandroid) (< monotouch) (< net46) (>= netstandard1.4) (< xamarinios) (< xamarinmac) (< xamarintvos) (< xamarinwatchos)) (&& (< monoandroid) (< net46) (>= netstandard1.3) (< netstandard1.4))
      System.Runtime.Extensions (>= 4.3) - restriction: && (< monoandroid) (< monotouch) (< net46) (>= netstandard1.4) (< xamarinios) (< xamarinmac) (< xamarintvos) (< xamarinwatchos)
      System.Runtime.Handles (>= 4.3) - restriction: || (&& (< monoandroid) (< monotouch) (< net46) (>= netstandard1.4) (< xamarinios) (< xamarinmac) (< xamarintvos) (< xamarinwatchos)) (&& (< monoandroid) (< net46) (>= netstandard1.3) (< netstandard1.4))
      System.Runtime.InteropServices (>= 4.3) - restriction: && (< monoandroid) (< monotouch) (< net46) (>= netstandard1.4) (< xamarinios) (< xamarinmac) (< xamarintvos) (< xamarinwatchos)
      System.Text.Encoding (>= 4.3) - restriction: || (&& (< monoandroid) (< monotouch) (< net46) (>= netstandard1.4) (< xamarinios) (< xamarinmac) (< xamarintvos) (< xamarinwatchos)) (&& (< monoandroid) (< net46) (>= netstandard1.3) (< netstandard1.4))
      System.Text.Encoding.Extensions (>= 4.3) - restriction: && (< monoandroid) (< monotouch) (< net46) (>= netstandard1.4) (< xamarinios) (< xamarinmac) (< xamarintvos) (< xamarinwatchos)
      System.Threading (>= 4.3) - restriction: && (< monoandroid) (< monotouch) (< net46) (>= netstandard1.4) (< xamarinios) (< xamarinmac) (< xamarintvos) (< xamarinwatchos)
      System.Threading.Tasks (>= 4.3) - restriction: && (< monoandroid) (< monotouch) (< net46) (>= netstandard1.4) (< xamarinios) (< xamarinmac) (< xamarintvos) (< xamarinwatchos)
      System.Threading.Thread (>= 4.3) - restriction: && (< monoandroid) (< monotouch) (< net46) (>= netstandard1.4) (< xamarinios) (< xamarinmac) (< xamarintvos) (< xamarinwatchos)
      System.Threading.ThreadPool (>= 4.3) - restriction: && (< monoandroid) (< monotouch) (< net46) (>= netstandard1.4) (< xamarinios) (< xamarinmac) (< xamarintvos) (< xamarinwatchos)
    System.Diagnostics.TraceSource (4.3) - restriction: >= netstandard2.1
      Microsoft.NETCore.Platforms (>= 1.1) - restriction: && (< monoandroid) (< monotouch) (< net46) (>= netstandard1.3) (< xamarinios) (< xamarinmac) (< xamarintvos) (< xamarinwatchos)
      runtime.native.System (>= 4.3) - restriction: && (< monoandroid) (< monotouch) (< net46) (>= netstandard1.3) (< xamarinios) (< xamarinmac) (< xamarintvos) (< xamarinwatchos)
      System.Collections (>= 4.3) - restriction: && (< monoandroid) (< monotouch) (< net46) (>= netstandard1.3) (< xamarinios) (< xamarinmac) (< xamarintvos) (< xamarinwatchos)
      System.Diagnostics.Debug (>= 4.3) - restriction: && (< monoandroid) (< monotouch) (< net46) (>= netstandard1.3) (< xamarinios) (< xamarinmac) (< xamarintvos) (< xamarinwatchos)
      System.Globalization (>= 4.3) - restriction: && (< monoandroid) (< monotouch) (< net46) (>= netstandard1.3) (< xamarinios) (< xamarinmac) (< xamarintvos) (< xamarinwatchos)
      System.Resources.ResourceManager (>= 4.3) - restriction: && (< monoandroid) (< monotouch) (< net46) (>= netstandard1.3) (< xamarinios) (< xamarinmac) (< xamarintvos) (< xamarinwatchos)
      System.Runtime (>= 4.3) - restriction: && (< monoandroid) (< monotouch) (< net46) (>= netstandard1.3) (< xamarinios) (< xamarinmac) (< xamarintvos) (< xamarinwatchos)
      System.Runtime.Extensions (>= 4.3) - restriction: && (< monoandroid) (< monotouch) (< net46) (>= netstandard1.3) (< xamarinios) (< xamarinmac) (< xamarintvos) (< xamarinwatchos)
      System.Threading (>= 4.3) - restriction: && (< monoandroid) (< monotouch) (< net46) (>= netstandard1.3) (< xamarinios) (< xamarinmac) (< xamarintvos) (< xamarinwatchos)
    System.Diagnostics.Tracing (4.3) - restriction: && (< monoandroid) (>= netstandard2.1) (< xamarinios) (< xamarinmac) (< xamarintvos) (< xamarinwatchos)
      Microsoft.NETCore.Platforms (>= 1.1) - restriction: || (&& (< monoandroid) (< monotouch) (< net45) (>= netstandard1.5) (< win8) (< wpa81) (< xamarinios) (< xamarinmac) (< xamarintvos) (< xamarinwatchos)) (&& (< monoandroid) (< net45) (>= netstandard1.1) (< netstandard1.2) (< win8)) (&& (< monoandroid) (< net45) (>= netstandard1.2) (< netstandard1.3) (< win8) (< wpa81)) (&& (< monoandroid) (< net45) (>= netstandard1.3) (< netstandard1.5) (< win8) (< wpa81))
      Microsoft.NETCore.Targets (>= 1.1) - restriction: || (&& (< monoandroid) (< monotouch) (< net45) (>= netstandard1.5) (< win8) (< wpa81) (< xamarinios) (< xamarinmac) (< xamarintvos) (< xamarinwatchos)) (&& (< monoandroid) (< net45) (>= netstandard1.1) (< netstandard1.2) (< win8)) (&& (< monoandroid) (< net45) (>= netstandard1.2) (< netstandard1.3) (< win8) (< wpa81)) (&& (< monoandroid) (< net45) (>= netstandard1.3) (< netstandard1.5) (< win8) (< wpa81))
      System.Runtime (>= 4.3) - restriction: || (&& (< monoandroid) (< monotouch) (< net45) (>= netstandard1.5) (< win8) (< wpa81) (< xamarinios) (< xamarinmac) (< xamarintvos) (< xamarinwatchos)) (&& (< monoandroid) (< net45) (>= netstandard1.1) (< netstandard1.2) (< win8)) (&& (< monoandroid) (< net45) (>= netstandard1.2) (< netstandard1.3) (< win8) (< wpa81)) (&& (< monoandroid) (< net45) (>= netstandard1.3) (< netstandard1.5) (< win8) (< wpa81))
    System.Drawing.Common (5.0.2) - restriction: >= netcoreapp3.0
      Microsoft.Win32.SystemEvents (>= 5.0) - restriction: || (&& (< monoandroid) (>= netcoreapp2.0) (< netcoreapp3.0) (< xamarinios) (< xamarinmac) (< xamarintvos) (< xamarinwatchos)) (&& (>= netcoreapp3.0) (< xamarinios) (< xamarinmac) (< xamarintvos) (< xamarinwatchos))
    System.Formats.Asn1 (5.0) - restriction: || (&& (< monoandroid) (< netcoreapp2.0) (>= netstandard2.1)) (&& (>= monotouch) (>= netstandard2.1)) (&& (>= net50) (< xamarinios) (< xamarinmac) (< xamarintvos) (< xamarinwatchos)) (>= netcoreapp3.0) (&& (>= netstandard2.1) (>= uap10.1)) (&& (>= netstandard2.1) (>= xamarinios)) (&& (>= netstandard2.1) (>= xamarinmac)) (&& (>= netstandard2.1) (>= xamarintvos)) (&& (>= netstandard2.1) (>= xamarinwatchos))
    System.Globalization (4.3) - restriction: && (< monoandroid) (>= netstandard2.1) (< xamarinios) (< xamarinmac) (< xamarintvos) (< xamarinwatchos)
      Microsoft.NETCore.Platforms (>= 1.1) - restriction: || (&& (< monoandroid) (< monotouch) (< net45) (>= netstandard1.3) (< win8) (< wpa81) (< xamarinios) (< xamarinmac) (< xamarintvos) (< xamarinwatchos)) (&& (< monoandroid) (< net45) (>= netstandard1.0) (< netstandard1.3) (< win8) (< wp8) (< wpa81))
      Microsoft.NETCore.Targets (>= 1.1) - restriction: || (&& (< monoandroid) (< monotouch) (< net45) (>= netstandard1.3) (< win8) (< wpa81) (< xamarinios) (< xamarinmac) (< xamarintvos) (< xamarinwatchos)) (&& (< monoandroid) (< net45) (>= netstandard1.0) (< netstandard1.3) (< win8) (< wp8) (< wpa81))
      System.Runtime (>= 4.3) - restriction: || (&& (< monoandroid) (< monotouch) (< net45) (>= netstandard1.3) (< win8) (< wpa81) (< xamarinios) (< xamarinmac) (< xamarintvos) (< xamarinwatchos)) (&& (< monoandroid) (< net45) (>= netstandard1.0) (< netstandard1.3) (< win8) (< wp8) (< wpa81))
    System.Globalization.Calendars (4.3) - restriction: || (&& (< monoandroid) (< netstandard1.6) (>= netstandard2.1)) (&& (< monoandroid) (>= netstandard2.1) (< xamarinios) (< xamarinmac) (< xamarintvos) (< xamarinwatchos)) (&& (>= net46) (>= netstandard2.1))
      Microsoft.NETCore.Platforms (>= 1.1) - restriction: && (< monoandroid) (< monotouch) (< net46) (>= netstandard1.3) (< xamarinios) (< xamarinmac) (< xamarintvos) (< xamarinwatchos)
      Microsoft.NETCore.Targets (>= 1.1) - restriction: && (< monoandroid) (< monotouch) (< net46) (>= netstandard1.3) (< xamarinios) (< xamarinmac) (< xamarintvos) (< xamarinwatchos)
      System.Globalization (>= 4.3) - restriction: && (< monoandroid) (< monotouch) (< net46) (>= netstandard1.3) (< xamarinios) (< xamarinmac) (< xamarintvos) (< xamarinwatchos)
      System.Runtime (>= 4.3) - restriction: && (< monoandroid) (< monotouch) (< net46) (>= netstandard1.3) (< xamarinios) (< xamarinmac) (< xamarintvos) (< xamarinwatchos)
    System.Globalization.Extensions (4.3) - restriction: && (< monoandroid) (>= netstandard2.1) (< xamarinios) (< xamarinmac) (< xamarintvos) (< xamarinwatchos)
      Microsoft.NETCore.Platforms (>= 1.1) - restriction: && (< monoandroid) (< monotouch) (< net46) (>= netstandard1.3) (< xamarinios) (< xamarinmac) (< xamarintvos) (< xamarinwatchos)
      System.Globalization (>= 4.3) - restriction: && (< monoandroid) (< monotouch) (< net46) (>= netstandard1.3) (< xamarinios) (< xamarinmac) (< xamarintvos) (< xamarinwatchos)
      System.Resources.ResourceManager (>= 4.3) - restriction: && (< monoandroid) (< monotouch) (< net46) (>= netstandard1.3) (< xamarinios) (< xamarinmac) (< xamarintvos) (< xamarinwatchos)
      System.Runtime (>= 4.3) - restriction: && (< monoandroid) (< monotouch) (< net46) (>= netstandard1.3) (< xamarinios) (< xamarinmac) (< xamarintvos) (< xamarinwatchos)
      System.Runtime.Extensions (>= 4.3) - restriction: && (< monoandroid) (< monotouch) (< net46) (>= netstandard1.3) (< xamarinios) (< xamarinmac) (< xamarintvos) (< xamarinwatchos)
      System.Runtime.InteropServices (>= 4.3) - restriction: && (< monoandroid) (< monotouch) (< net46) (>= netstandard1.3) (< xamarinios) (< xamarinmac) (< xamarintvos) (< xamarinwatchos)
    System.IO (4.3) - restriction: || (&& (< monoandroid) (< netstandard1.4) (>= netstandard2.1)) (&& (< monoandroid) (>= netstandard2.1) (< xamarinios) (< xamarinmac) (< xamarintvos) (< xamarinwatchos))
      Microsoft.NETCore.Platforms (>= 1.1) - restriction: || (&& (< monoandroid) (< monotouch) (< net45) (>= netstandard1.5) (< win8) (< wpa81) (< xamarinios) (< xamarinmac) (< xamarintvos) (< xamarinwatchos)) (&& (< monoandroid) (< net45) (>= netstandard1.0) (< netstandard1.3) (< win8) (< wp8) (< wpa81)) (&& (< monoandroid) (< net45) (>= netstandard1.3) (< netstandard1.5) (< win8) (< wpa81))
      Microsoft.NETCore.Targets (>= 1.1) - restriction: || (&& (< monoandroid) (< monotouch) (< net45) (>= netstandard1.5) (< win8) (< wpa81) (< xamarinios) (< xamarinmac) (< xamarintvos) (< xamarinwatchos)) (&& (< monoandroid) (< net45) (>= netstandard1.0) (< netstandard1.3) (< win8) (< wp8) (< wpa81)) (&& (< monoandroid) (< net45) (>= netstandard1.3) (< netstandard1.5) (< win8) (< wpa81))
      System.Runtime (>= 4.3) - restriction: || (&& (< monoandroid) (< monotouch) (< net45) (>= netstandard1.5) (< win8) (< wpa81) (< xamarinios) (< xamarinmac) (< xamarintvos) (< xamarinwatchos)) (&& (< monoandroid) (< net45) (>= netstandard1.0) (< netstandard1.3) (< win8) (< wp8) (< wpa81)) (&& (< monoandroid) (< net45) (>= netstandard1.3) (< netstandard1.5) (< win8) (< wpa81))
      System.Text.Encoding (>= 4.3) - restriction: || (&& (< monoandroid) (< monotouch) (< net45) (>= netstandard1.5) (< win8) (< wpa81) (< xamarinios) (< xamarinmac) (< xamarintvos) (< xamarinwatchos)) (&& (< monoandroid) (< net45) (>= netstandard1.0) (< netstandard1.3) (< win8) (< wp8) (< wpa81)) (&& (< monoandroid) (< net45) (>= netstandard1.3) (< netstandard1.5) (< win8) (< wpa81))
      System.Threading.Tasks (>= 4.3) - restriction: || (&& (< monoandroid) (< monotouch) (< net45) (>= netstandard1.5) (< win8) (< wpa81) (< xamarinios) (< xamarinmac) (< xamarintvos) (< xamarinwatchos)) (&& (< monoandroid) (< net45) (>= netstandard1.0) (< netstandard1.3) (< win8) (< wp8) (< wpa81)) (&& (< monoandroid) (< net45) (>= netstandard1.3) (< netstandard1.5) (< win8) (< wpa81))
    System.IO.FileSystem (4.3) - restriction: && (< monoandroid) (>= netstandard2.1) (< xamarinios) (< xamarinmac) (< xamarintvos) (< xamarinwatchos)
      Microsoft.NETCore.Platforms (>= 1.1) - restriction: && (< monoandroid) (< monotouch) (< net46) (>= netstandard1.3) (< xamarinios) (< xamarinmac) (< xamarintvos) (< xamarinwatchos)
      Microsoft.NETCore.Targets (>= 1.1) - restriction: && (< monoandroid) (< monotouch) (< net46) (>= netstandard1.3) (< xamarinios) (< xamarinmac) (< xamarintvos) (< xamarinwatchos)
      System.IO (>= 4.3) - restriction: && (< monoandroid) (< monotouch) (< net46) (>= netstandard1.3) (< xamarinios) (< xamarinmac) (< xamarintvos) (< xamarinwatchos)
      System.IO.FileSystem.Primitives (>= 4.3) - restriction: || (&& (< monoandroid) (< monotouch) (>= netstandard1.3) (< xamarinios) (< xamarinmac) (< xamarintvos) (< xamarinwatchos)) (>= net46)
      System.Runtime (>= 4.3) - restriction: && (< monoandroid) (< monotouch) (< net46) (>= netstandard1.3) (< xamarinios) (< xamarinmac) (< xamarintvos) (< xamarinwatchos)
      System.Runtime.Handles (>= 4.3) - restriction: && (< monoandroid) (< monotouch) (< net46) (>= netstandard1.3) (< xamarinios) (< xamarinmac) (< xamarintvos) (< xamarinwatchos)
      System.Text.Encoding (>= 4.3) - restriction: && (< monoandroid) (< monotouch) (< net46) (>= netstandard1.3) (< xamarinios) (< xamarinmac) (< xamarintvos) (< xamarinwatchos)
      System.Threading.Tasks (>= 4.3) - restriction: && (< monoandroid) (< monotouch) (< net46) (>= netstandard1.3) (< xamarinios) (< xamarinmac) (< xamarintvos) (< xamarinwatchos)
    System.IO.FileSystem.Primitives (4.3) - restriction: && (< monoandroid) (>= netstandard2.1) (< xamarinios) (< xamarinmac) (< xamarintvos) (< xamarinwatchos)
      System.Runtime (>= 4.3) - restriction: && (< monoandroid) (< monotouch) (< net46) (>= netstandard1.3) (< xamarinios) (< xamarinmac) (< xamarintvos) (< xamarinwatchos)
    System.Linq (4.3) - restriction: && (< monoandroid) (>= netstandard2.1) (< xamarinios) (< xamarinmac) (< xamarintvos) (< xamarinwatchos)
      System.Collections (>= 4.3) - restriction: || (&& (< monoandroid) (< monotouch) (< net45) (>= netstandard1.6) (< xamarinios) (< xamarinmac) (< xamarintvos) (< xamarinwatchos)) (&& (< monoandroid) (< net45) (>= netstandard1.0) (< netstandard1.6) (< win8) (< wp8) (< wpa81))
      System.Diagnostics.Debug (>= 4.3) - restriction: && (< monoandroid) (< monotouch) (< net45) (>= netstandard1.6) (< xamarinios) (< xamarinmac) (< xamarintvos) (< xamarinwatchos)
      System.Resources.ResourceManager (>= 4.3) - restriction: && (< monoandroid) (< monotouch) (< net45) (>= netstandard1.6) (< xamarinios) (< xamarinmac) (< xamarintvos) (< xamarinwatchos)
      System.Runtime (>= 4.3) - restriction: || (&& (< monoandroid) (< monotouch) (< net45) (>= netstandard1.6) (< xamarinios) (< xamarinmac) (< xamarintvos) (< xamarinwatchos)) (&& (< monoandroid) (< net45) (>= netstandard1.0) (< netstandard1.6) (< win8) (< wp8) (< wpa81))
      System.Runtime.Extensions (>= 4.3) - restriction: && (< monoandroid) (< monotouch) (< net45) (>= netstandard1.6) (< xamarinios) (< xamarinmac) (< xamarintvos) (< xamarinwatchos)
    System.Linq.Expressions (4.3) - restriction: >= netstandard2.1
      System.Collections (>= 4.3) - restriction: && (< monoandroid) (< monotouch) (< net45) (>= netstandard1.6) (< xamarinios) (< xamarinmac) (< xamarintvos) (< xamarinwatchos)
      System.Diagnostics.Debug (>= 4.3) - restriction: && (< monoandroid) (< monotouch) (< net45) (>= netstandard1.6) (< xamarinios) (< xamarinmac) (< xamarintvos) (< xamarinwatchos)
      System.Globalization (>= 4.3) - restriction: && (< monoandroid) (< monotouch) (< net45) (>= netstandard1.6) (< xamarinios) (< xamarinmac) (< xamarintvos) (< xamarinwatchos)
      System.IO (>= 4.3) - restriction: && (< monoandroid) (< monotouch) (< net45) (>= netstandard1.6) (< xamarinios) (< xamarinmac) (< xamarintvos) (< xamarinwatchos)
      System.Linq (>= 4.3) - restriction: && (< monoandroid) (< monotouch) (< net45) (>= netstandard1.6) (< xamarinios) (< xamarinmac) (< xamarintvos) (< xamarinwatchos)
      System.ObjectModel (>= 4.3) - restriction: && (< monoandroid) (< monotouch) (< net45) (>= netstandard1.6) (< xamarinios) (< xamarinmac) (< xamarintvos) (< xamarinwatchos)
      System.Reflection (>= 4.3) - restriction: || (&& (< monoandroid) (< monotouch) (< net45) (>= netstandard1.6) (< xamarinios) (< xamarinmac) (< xamarintvos) (< xamarinwatchos)) (&& (< monoandroid) (< net45) (>= netstandard1.0) (< netstandard1.3) (< win8) (< wp8) (< wpa81)) (&& (< monoandroid) (< net45) (>= netstandard1.3) (< netstandard1.6) (< win8) (< wpa81))
      System.Reflection.Emit (>= 4.3) - restriction: && (< monoandroid) (< monotouch) (< net45) (>= netstandard1.6) (< xamarinios) (< xamarinmac) (< xamarintvos) (< xamarinwatchos)
      System.Reflection.Emit.ILGeneration (>= 4.3) - restriction: && (< monoandroid) (< monotouch) (< net45) (>= netstandard1.6) (< xamarinios) (< xamarinmac) (< xamarintvos) (< xamarinwatchos)
      System.Reflection.Emit.Lightweight (>= 4.3) - restriction: && (< monoandroid) (< monotouch) (< net45) (>= netstandard1.6) (< xamarinios) (< xamarinmac) (< xamarintvos) (< xamarinwatchos)
      System.Reflection.Extensions (>= 4.3) - restriction: && (< monoandroid) (< monotouch) (< net45) (>= netstandard1.6) (< xamarinios) (< xamarinmac) (< xamarintvos) (< xamarinwatchos)
      System.Reflection.Primitives (>= 4.3) - restriction: && (< monoandroid) (< monotouch) (< net45) (>= netstandard1.6) (< xamarinios) (< xamarinmac) (< xamarintvos) (< xamarinwatchos)
      System.Reflection.TypeExtensions (>= 4.3) - restriction: && (< monoandroid) (< monotouch) (< net45) (>= netstandard1.6) (< xamarinios) (< xamarinmac) (< xamarintvos) (< xamarinwatchos)
      System.Resources.ResourceManager (>= 4.3) - restriction: && (< monoandroid) (< monotouch) (< net45) (>= netstandard1.6) (< xamarinios) (< xamarinmac) (< xamarintvos) (< xamarinwatchos)
      System.Runtime (>= 4.3) - restriction: || (&& (< monoandroid) (< monotouch) (< net45) (>= netstandard1.6) (< xamarinios) (< xamarinmac) (< xamarintvos) (< xamarinwatchos)) (&& (< monoandroid) (< net45) (>= netstandard1.0) (< netstandard1.3) (< win8) (< wp8) (< wpa81)) (&& (< monoandroid) (< net45) (>= netstandard1.3) (< netstandard1.6) (< win8) (< wpa81))
      System.Runtime.Extensions (>= 4.3) - restriction: && (< monoandroid) (< monotouch) (< net45) (>= netstandard1.6) (< xamarinios) (< xamarinmac) (< xamarintvos) (< xamarinwatchos)
      System.Threading (>= 4.3) - restriction: && (< monoandroid) (< monotouch) (< net45) (>= netstandard1.6) (< xamarinios) (< xamarinmac) (< xamarintvos) (< xamarinwatchos)
    System.Linq.Queryable (4.3) - restriction: >= netstandard2.1
      System.Collections (>= 4.3) - restriction: && (< monoandroid) (< monotouch) (< net45) (>= netstandard1.3) (< win8) (< wpa81) (< xamarinios) (< xamarinmac) (< xamarintvos) (< xamarinwatchos)
      System.Diagnostics.Debug (>= 4.3) - restriction: && (< monoandroid) (< monotouch) (< net45) (>= netstandard1.3) (< win8) (< wpa81) (< xamarinios) (< xamarinmac) (< xamarintvos) (< xamarinwatchos)
      System.Linq (>= 4.3) - restriction: || (&& (< monoandroid) (< monotouch) (< net45) (>= netstandard1.3) (< win8) (< wpa81) (< xamarinios) (< xamarinmac) (< xamarintvos) (< xamarinwatchos)) (&& (< monoandroid) (< net45) (>= netstandard1.0) (< netstandard1.3) (< win8) (< wp8) (< wpa81))
      System.Linq.Expressions (>= 4.3) - restriction: || (&& (< monoandroid) (< monotouch) (< net45) (>= netstandard1.3) (< win8) (< wpa81) (< xamarinios) (< xamarinmac) (< xamarintvos) (< xamarinwatchos)) (&& (< monoandroid) (< net45) (>= netstandard1.0) (< netstandard1.3) (< win8) (< wp8) (< wpa81))
      System.Reflection (>= 4.3) - restriction: && (< monoandroid) (< monotouch) (< net45) (>= netstandard1.3) (< win8) (< wpa81) (< xamarinios) (< xamarinmac) (< xamarintvos) (< xamarinwatchos)
      System.Reflection.Extensions (>= 4.3) - restriction: && (< monoandroid) (< monotouch) (< net45) (>= netstandard1.3) (< win8) (< wpa81) (< xamarinios) (< xamarinmac) (< xamarintvos) (< xamarinwatchos)
      System.Resources.ResourceManager (>= 4.3) - restriction: && (< monoandroid) (< monotouch) (< net45) (>= netstandard1.3) (< win8) (< wpa81) (< xamarinios) (< xamarinmac) (< xamarintvos) (< xamarinwatchos)
      System.Runtime (>= 4.3) - restriction: || (&& (< monoandroid) (< monotouch) (< net45) (>= netstandard1.3) (< win8) (< wpa81) (< xamarinios) (< xamarinmac) (< xamarintvos) (< xamarinwatchos)) (&& (< monoandroid) (< net45) (>= netstandard1.0) (< netstandard1.3) (< win8) (< wp8) (< wpa81))
    System.Memory (4.5.4) - restriction: || (&& (< monoandroid) (< net46) (>= netstandard2.0) (< xamarinios) (< xamarinmac) (< xamarintvos) (< xamarinwatchos)) (>= net472) (>= netcoreapp2.1) (>= netstandard2.1)
      System.Buffers (>= 4.5.1) - restriction: || (&& (>= monoandroid) (< netcoreapp2.0)) (&& (< monoandroid) (< net45) (< netcoreapp2.0) (>= netstandard2.0)) (&& (< monoandroid) (< net45) (>= netstandard1.1) (< netstandard2.0) (< win8) (< wpa81)) (&& (< monoandroid) (< netstandard1.1) (>= portable-net45+win8+wpa81) (< win8)) (>= monotouch) (&& (>= net45) (< netstandard2.0)) (>= net461) (&& (< netstandard1.1) (>= win8)) (&& (< netstandard2.0) (< uap10.1) (>= wpa81)) (>= xamarinios) (>= xamarinmac) (>= xamarintvos) (>= xamarinwatchos)
      System.Numerics.Vectors (>= 4.4) - restriction: && (< monoandroid) (< net45) (< netcoreapp2.0) (>= netstandard2.0) (< xamarinios) (< xamarinmac) (< xamarintvos) (< xamarinwatchos)
      System.Runtime.CompilerServices.Unsafe (>= 4.5.3) - restriction: || (&& (>= monoandroid) (< netcoreapp2.0)) (&& (< monoandroid) (< net45) (< netcoreapp2.0) (>= netstandard2.0)) (&& (< monoandroid) (< net45) (>= netstandard1.1) (< netstandard2.0) (< win8) (< wpa81)) (&& (< monoandroid) (>= netcoreapp2.0) (< netcoreapp2.1)) (&& (< monoandroid) (< netstandard1.1) (>= portable-net45+win8+wpa81) (< win8)) (>= monotouch) (&& (>= net45) (< netstandard2.0)) (>= net461) (&& (< netstandard1.1) (>= win8)) (&& (< netstandard2.0) (>= wpa81)) (>= uap10.1) (>= xamarinios) (>= xamarinmac) (>= xamarintvos) (>= xamarinwatchos)
    System.Net.Http (4.3.4) - restriction: && (< monoandroid) (>= netstandard2.1) (< xamarinios) (< xamarinmac) (< xamarintvos) (< xamarinwatchos)
      Microsoft.NETCore.Platforms (>= 1.1.1) - restriction: || (&& (< monoandroid) (< monotouch) (< net45) (>= netstandard1.6) (< xamarinios) (< xamarinmac) (< xamarintvos) (< xamarinwatchos)) (&& (< monoandroid) (< net45) (>= netstandard1.3) (< netstandard1.6) (< win8) (< wpa81))
      runtime.native.System (>= 4.3) - restriction: && (< monoandroid) (< monotouch) (< net45) (>= netstandard1.6) (< xamarinios) (< xamarinmac) (< xamarintvos) (< xamarinwatchos)
      runtime.native.System.Net.Http (>= 4.3) - restriction: && (< monoandroid) (< monotouch) (< net45) (>= netstandard1.6) (< xamarinios) (< xamarinmac) (< xamarintvos) (< xamarinwatchos)
      runtime.native.System.Security.Cryptography.OpenSsl (>= 4.3.2) - restriction: && (< monoandroid) (< monotouch) (< net45) (>= netstandard1.6) (< xamarinios) (< xamarinmac) (< xamarintvos) (< xamarinwatchos)
      System.Collections (>= 4.3) - restriction: || (&& (< monoandroid) (< monotouch) (< net45) (>= netstandard1.6) (< xamarinios) (< xamarinmac) (< xamarintvos) (< xamarinwatchos)) (&& (< monoandroid) (< net45) (>= netstandard1.3) (< netstandard1.6) (< win8) (< wpa81))
      System.Diagnostics.Debug (>= 4.3) - restriction: || (&& (< monoandroid) (< monotouch) (< net45) (>= netstandard1.6) (< xamarinios) (< xamarinmac) (< xamarintvos) (< xamarinwatchos)) (&& (< monoandroid) (< net45) (>= netstandard1.3) (< netstandard1.6) (< win8) (< wpa81))
      System.Diagnostics.DiagnosticSource (>= 4.3) - restriction: || (&& (< monoandroid) (< monotouch) (< net45) (>= netstandard1.6) (< xamarinios) (< xamarinmac) (< xamarintvos) (< xamarinwatchos)) (&& (< monoandroid) (< net45) (>= netstandard1.3) (< netstandard1.6) (< win8) (< wpa81))
      System.Diagnostics.Tracing (>= 4.3) - restriction: || (&& (< monoandroid) (< monotouch) (< net45) (>= netstandard1.6) (< xamarinios) (< xamarinmac) (< xamarintvos) (< xamarinwatchos)) (&& (< monoandroid) (< net45) (>= netstandard1.3) (< netstandard1.6) (< win8) (< wpa81))
      System.Globalization (>= 4.3) - restriction: || (&& (< monoandroid) (< monotouch) (< net45) (>= netstandard1.6) (< xamarinios) (< xamarinmac) (< xamarintvos) (< xamarinwatchos)) (&& (< monoandroid) (< net45) (>= netstandard1.3) (< netstandard1.6) (< win8) (< wpa81))
      System.Globalization.Extensions (>= 4.3) - restriction: && (< monoandroid) (< monotouch) (< net45) (>= netstandard1.6) (< xamarinios) (< xamarinmac) (< xamarintvos) (< xamarinwatchos)
      System.IO (>= 4.3) - restriction: || (&& (< monoandroid) (< monotouch) (< net45) (>= netstandard1.6) (< xamarinios) (< xamarinmac) (< xamarintvos) (< xamarinwatchos)) (&& (< monoandroid) (< net45) (>= netstandard1.1) (< netstandard1.3) (< win8) (< wpa81)) (&& (< monoandroid) (< net45) (>= netstandard1.3) (< netstandard1.6) (< win8) (< wpa81))
      System.IO.FileSystem (>= 4.3) - restriction: && (< monoandroid) (< monotouch) (< net45) (>= netstandard1.6) (< xamarinios) (< xamarinmac) (< xamarintvos) (< xamarinwatchos)
      System.Net.Primitives (>= 4.3) - restriction: || (&& (< monoandroid) (< monotouch) (< net45) (>= netstandard1.6) (< xamarinios) (< xamarinmac) (< xamarintvos) (< xamarinwatchos)) (&& (< monoandroid) (< net45) (>= netstandard1.1) (< netstandard1.3) (< win8) (< wpa81)) (&& (< monoandroid) (< net45) (>= netstandard1.3) (< netstandard1.6) (< win8) (< wpa81))
      System.Resources.ResourceManager (>= 4.3) - restriction: || (&& (< monoandroid) (< monotouch) (< net45) (>= netstandard1.6) (< xamarinios) (< xamarinmac) (< xamarintvos) (< xamarinwatchos)) (&& (< monoandroid) (< net45) (>= netstandard1.3) (< netstandard1.6) (< win8) (< wpa81))
      System.Runtime (>= 4.3) - restriction: || (&& (< monoandroid) (< monotouch) (< net45) (>= netstandard1.6) (< xamarinios) (< xamarinmac) (< xamarintvos) (< xamarinwatchos)) (&& (< monoandroid) (< net45) (>= netstandard1.1) (< netstandard1.3) (< win8) (< wpa81)) (&& (< monoandroid) (< net45) (>= netstandard1.3) (< netstandard1.6) (< win8) (< wpa81))
      System.Runtime.Extensions (>= 4.3) - restriction: || (&& (< monoandroid) (< monotouch) (< net45) (>= netstandard1.6) (< xamarinios) (< xamarinmac) (< xamarintvos) (< xamarinwatchos)) (&& (< monoandroid) (< net45) (>= netstandard1.3) (< netstandard1.6) (< win8) (< wpa81))
      System.Runtime.Handles (>= 4.3) - restriction: || (&& (< monoandroid) (< monotouch) (< net45) (>= netstandard1.6) (< xamarinios) (< xamarinmac) (< xamarintvos) (< xamarinwatchos)) (&& (< monoandroid) (< net45) (>= netstandard1.3) (< netstandard1.6) (< win8) (< wpa81))
      System.Runtime.InteropServices (>= 4.3) - restriction: || (&& (< monoandroid) (< monotouch) (< net45) (>= netstandard1.6) (< xamarinios) (< xamarinmac) (< xamarintvos) (< xamarinwatchos)) (&& (< monoandroid) (< net45) (>= netstandard1.3) (< netstandard1.6) (< win8) (< wpa81))
      System.Security.Cryptography.Algorithms (>= 4.3) - restriction: && (< monoandroid) (< monotouch) (< net45) (>= netstandard1.6) (< xamarinios) (< xamarinmac) (< xamarintvos) (< xamarinwatchos)
      System.Security.Cryptography.Encoding (>= 4.3) - restriction: || (&& (< monoandroid) (< monotouch) (< net45) (>= netstandard1.6) (< xamarinios) (< xamarinmac) (< xamarintvos) (< xamarinwatchos)) (&& (< monoandroid) (< net45) (>= netstandard1.3) (< netstandard1.6) (< win8) (< wpa81))
      System.Security.Cryptography.OpenSsl (>= 4.3) - restriction: && (< monoandroid) (< monotouch) (< net45) (>= netstandard1.6) (< xamarinios) (< xamarinmac) (< xamarintvos) (< xamarinwatchos)
      System.Security.Cryptography.Primitives (>= 4.3) - restriction: && (< monoandroid) (< monotouch) (< net45) (>= netstandard1.6) (< xamarinios) (< xamarinmac) (< xamarintvos) (< xamarinwatchos)
      System.Security.Cryptography.X509Certificates (>= 4.3) - restriction: || (&& (< monoandroid) (< monotouch) (< net45) (>= netstandard1.6) (< xamarinios) (< xamarinmac) (< xamarintvos) (< xamarinwatchos)) (&& (< monoandroid) (< net45) (>= netstandard1.3) (< netstandard1.6) (< win8) (< wpa81)) (>= net46)
      System.Text.Encoding (>= 4.3) - restriction: || (&& (< monoandroid) (< monotouch) (< net45) (>= netstandard1.6) (< xamarinios) (< xamarinmac) (< xamarintvos) (< xamarinwatchos)) (&& (< monoandroid) (< net45) (>= netstandard1.1) (< netstandard1.3) (< win8) (< wpa81)) (&& (< monoandroid) (< net45) (>= netstandard1.3) (< netstandard1.6) (< win8) (< wpa81))
      System.Threading (>= 4.3) - restriction: || (&& (< monoandroid) (< monotouch) (< net45) (>= netstandard1.6) (< xamarinios) (< xamarinmac) (< xamarintvos) (< xamarinwatchos)) (&& (< monoandroid) (< net45) (>= netstandard1.3) (< netstandard1.6) (< win8) (< wpa81))
      System.Threading.Tasks (>= 4.3) - restriction: || (&& (< monoandroid) (< monotouch) (< net45) (>= netstandard1.6) (< xamarinios) (< xamarinmac) (< xamarintvos) (< xamarinwatchos)) (&& (< monoandroid) (< net45) (>= netstandard1.1) (< netstandard1.3) (< win8) (< wpa81)) (&& (< monoandroid) (< net45) (>= netstandard1.3) (< netstandard1.6) (< win8) (< wpa81))
    System.Net.Primitives (4.3.1) - restriction: || (&& (< monoandroid) (< netstandard1.1) (>= netstandard2.1)) (&& (< monoandroid) (< netstandard1.3) (>= netstandard2.1)) (&& (< monoandroid) (>= netstandard2.1) (< xamarinios) (< xamarinmac) (< xamarintvos) (< xamarinwatchos))
      Microsoft.NETCore.Platforms (>= 1.1.1) - restriction: || (&& (< monoandroid) (< monotouch) (< net45) (>= netstandard1.3) (< win8) (< wpa81) (< xamarinios) (< xamarinmac) (< xamarintvos) (< xamarinwatchos)) (&& (< monoandroid) (< net45) (>= netstandard1.1) (< netstandard1.3) (< win8) (< wpa81)) (&& (< monoandroid) (>= netstandard1.0) (< netstandard1.1) (< win8) (< wp8))
      Microsoft.NETCore.Targets (>= 1.1.3) - restriction: || (&& (< monoandroid) (< monotouch) (< net45) (>= netstandard1.3) (< win8) (< wpa81) (< xamarinios) (< xamarinmac) (< xamarintvos) (< xamarinwatchos)) (&& (< monoandroid) (< net45) (>= netstandard1.1) (< netstandard1.3) (< win8) (< wpa81)) (&& (< monoandroid) (>= netstandard1.0) (< netstandard1.1) (< win8) (< wp8))
      System.Runtime (>= 4.3.1) - restriction: || (&& (< monoandroid) (< monotouch) (< net45) (>= netstandard1.3) (< win8) (< wpa81) (< xamarinios) (< xamarinmac) (< xamarintvos) (< xamarinwatchos)) (&& (< monoandroid) (< net45) (>= netstandard1.1) (< netstandard1.3) (< win8) (< wpa81)) (&& (< monoandroid) (>= netstandard1.0) (< netstandard1.1) (< win8) (< wp8))
      System.Runtime.Handles (>= 4.3) - restriction: && (< monoandroid) (< monotouch) (< net45) (>= netstandard1.3) (< win8) (< wpa81) (< xamarinios) (< xamarinmac) (< xamarintvos) (< xamarinwatchos)
    System.Net.Requests (4.3) - restriction: >= netstandard2.1
      Microsoft.NETCore.Platforms (>= 1.1) - restriction: && (< monoandroid) (< monotouch) (< net45) (>= netstandard1.3) (< win8) (< wpa81) (< xamarinios) (< xamarinmac) (< xamarintvos) (< xamarinwatchos)
      System.Collections (>= 4.3) - restriction: && (< monoandroid) (< monotouch) (< net45) (>= netstandard1.3) (< win8) (< wpa81) (< xamarinios) (< xamarinmac) (< xamarintvos) (< xamarinwatchos)
      System.Diagnostics.Debug (>= 4.3) - restriction: && (< monoandroid) (< monotouch) (< net45) (>= netstandard1.3) (< win8) (< wpa81) (< xamarinios) (< xamarinmac) (< xamarintvos) (< xamarinwatchos)
      System.Diagnostics.Tracing (>= 4.3) - restriction: && (< monoandroid) (< monotouch) (< net45) (>= netstandard1.3) (< win8) (< wpa81) (< xamarinios) (< xamarinmac) (< xamarintvos) (< xamarinwatchos)
      System.Globalization (>= 4.3) - restriction: && (< monoandroid) (< monotouch) (< net45) (>= netstandard1.3) (< win8) (< wpa81) (< xamarinios) (< xamarinmac) (< xamarintvos) (< xamarinwatchos)
      System.IO (>= 4.3) - restriction: || (&& (< monoandroid) (< monotouch) (< net45) (>= netstandard1.3) (< win8) (< wpa81) (< xamarinios) (< xamarinmac) (< xamarintvos) (< xamarinwatchos)) (&& (< monoandroid) (< net45) (>= netstandard1.1) (< netstandard1.3) (< win8) (< wpa81)) (&& (< monoandroid) (>= netstandard1.0) (< netstandard1.1) (< win8) (< wp8))
      System.Net.Http (>= 4.3) - restriction: && (< monoandroid) (< monotouch) (< net45) (>= netstandard1.3) (< win8) (< wpa81) (< xamarinios) (< xamarinmac) (< xamarintvos) (< xamarinwatchos)
      System.Net.Primitives (>= 4.3) - restriction: || (&& (< monoandroid) (< monotouch) (< net45) (>= netstandard1.3) (< win8) (< wpa81) (< xamarinios) (< xamarinmac) (< xamarintvos) (< xamarinwatchos)) (&& (< monoandroid) (< net45) (>= netstandard1.1) (< netstandard1.3) (< win8) (< wpa81)) (&& (< monoandroid) (>= netstandard1.0) (< netstandard1.1) (< win8) (< wp8))
      System.Net.WebHeaderCollection (>= 4.3) - restriction: && (< monoandroid) (< monotouch) (< net45) (>= netstandard1.3) (< win8) (< wpa81) (< xamarinios) (< xamarinmac) (< xamarintvos) (< xamarinwatchos)
      System.Resources.ResourceManager (>= 4.3) - restriction: && (< monoandroid) (< monotouch) (< net45) (>= netstandard1.3) (< win8) (< wpa81) (< xamarinios) (< xamarinmac) (< xamarintvos) (< xamarinwatchos)
      System.Runtime (>= 4.3) - restriction: || (&& (< monoandroid) (< monotouch) (< net45) (>= netstandard1.3) (< win8) (< wpa81) (< xamarinios) (< xamarinmac) (< xamarintvos) (< xamarinwatchos)) (&& (< monoandroid) (< net45) (>= netstandard1.1) (< netstandard1.3) (< win8) (< wpa81)) (&& (< monoandroid) (>= netstandard1.0) (< netstandard1.1) (< win8) (< wp8))
      System.Threading (>= 4.3) - restriction: && (< monoandroid) (< monotouch) (< net45) (>= netstandard1.3) (< win8) (< wpa81) (< xamarinios) (< xamarinmac) (< xamarintvos) (< xamarinwatchos)
      System.Threading.Tasks (>= 4.3) - restriction: || (&& (< monoandroid) (< monotouch) (< net45) (>= netstandard1.3) (< win8) (< wpa81) (< xamarinios) (< xamarinmac) (< xamarintvos) (< xamarinwatchos)) (&& (< monoandroid) (< net45) (>= netstandard1.1) (< netstandard1.3) (< win8) (< wpa81))
    System.Net.Security (4.3.2) - restriction: >= netstandard2.1
      Microsoft.NETCore.Platforms (>= 1.1) - restriction: || (&& (< monoandroid) (< monotouch) (< net46) (>= netstandard1.6) (< xamarinios) (< xamarinmac) (< xamarintvos) (< xamarinwatchos)) (&& (< monoandroid) (< net46) (>= netstandard1.3) (< netstandard1.6))
      Microsoft.Win32.Primitives (>= 4.3) - restriction: || (&& (< monoandroid) (< monotouch) (< net46) (>= netstandard1.6) (< xamarinios) (< xamarinmac) (< xamarintvos) (< xamarinwatchos)) (&& (< monoandroid) (< net46) (>= netstandard1.3) (< netstandard1.6))
      runtime.native.System (>= 4.3) - restriction: && (< monoandroid) (< monotouch) (< net46) (>= netstandard1.6) (< xamarinios) (< xamarinmac) (< xamarintvos) (< xamarinwatchos)
      runtime.native.System.Net.Security (>= 4.3) - restriction: && (< monoandroid) (< monotouch) (< net46) (>= netstandard1.6) (< xamarinios) (< xamarinmac) (< xamarintvos) (< xamarinwatchos)
      runtime.native.System.Security.Cryptography.OpenSsl (>= 4.3.2) - restriction: && (< monoandroid) (< monotouch) (< net46) (>= netstandard1.6) (< xamarinios) (< xamarinmac) (< xamarintvos) (< xamarinwatchos)
      System.Collections (>= 4.3) - restriction: || (&& (< monoandroid) (< monotouch) (< net46) (>= netstandard1.6) (< xamarinios) (< xamarinmac) (< xamarintvos) (< xamarinwatchos)) (&& (< monoandroid) (< net46) (>= netstandard1.3) (< netstandard1.6))
      System.Collections.Concurrent (>= 4.3) - restriction: || (&& (< monoandroid) (< monotouch) (< net46) (>= netstandard1.6) (< xamarinios) (< xamarinmac) (< xamarintvos) (< xamarinwatchos)) (&& (< monoandroid) (< net46) (>= netstandard1.3) (< netstandard1.6))
      System.Diagnostics.Tracing (>= 4.3) - restriction: || (&& (< monoandroid) (< monotouch) (< net46) (>= netstandard1.6) (< xamarinios) (< xamarinmac) (< xamarintvos) (< xamarinwatchos)) (&& (< monoandroid) (< net46) (>= netstandard1.3) (< netstandard1.6))
      System.Globalization (>= 4.3) - restriction: || (&& (< monoandroid) (< monotouch) (< net46) (>= netstandard1.6) (< xamarinios) (< xamarinmac) (< xamarintvos) (< xamarinwatchos)) (&& (< monoandroid) (< net46) (>= netstandard1.3) (< netstandard1.6))
      System.Globalization.Extensions (>= 4.3) - restriction: && (< monoandroid) (< monotouch) (< net46) (>= netstandard1.6) (< xamarinios) (< xamarinmac) (< xamarintvos) (< xamarinwatchos)
      System.IO (>= 4.3) - restriction: || (&& (< monoandroid) (< monotouch) (< net46) (>= netstandard1.6) (< xamarinios) (< xamarinmac) (< xamarintvos) (< xamarinwatchos)) (&& (< monoandroid) (< net46) (>= netstandard1.3) (< netstandard1.6))
      System.Net.Primitives (>= 4.3) - restriction: || (&& (< monoandroid) (< monotouch) (< net46) (>= netstandard1.6) (< xamarinios) (< xamarinmac) (< xamarintvos) (< xamarinwatchos)) (&& (< monoandroid) (< net46) (>= netstandard1.3) (< netstandard1.6))
      System.Resources.ResourceManager (>= 4.3) - restriction: || (&& (< monoandroid) (< monotouch) (< net46) (>= netstandard1.6) (< xamarinios) (< xamarinmac) (< xamarintvos) (< xamarinwatchos)) (&& (< monoandroid) (< net46) (>= netstandard1.3) (< netstandard1.6))
      System.Runtime (>= 4.3) - restriction: || (&& (< monoandroid) (< monotouch) (< net46) (>= netstandard1.6) (< xamarinios) (< xamarinmac) (< xamarintvos) (< xamarinwatchos)) (&& (< monoandroid) (< net46) (>= netstandard1.3) (< netstandard1.6))
      System.Runtime.Extensions (>= 4.3) - restriction: || (&& (< monoandroid) (< monotouch) (< net46) (>= netstandard1.6) (< xamarinios) (< xamarinmac) (< xamarintvos) (< xamarinwatchos)) (&& (< monoandroid) (< net46) (>= netstandard1.3) (< netstandard1.6))
      System.Runtime.Handles (>= 4.3) - restriction: || (&& (< monoandroid) (< monotouch) (< net46) (>= netstandard1.6) (< xamarinios) (< xamarinmac) (< xamarintvos) (< xamarinwatchos)) (&& (< monoandroid) (< net46) (>= netstandard1.3) (< netstandard1.6))
      System.Runtime.InteropServices (>= 4.3) - restriction: || (&& (< monoandroid) (< monotouch) (< net46) (>= netstandard1.6) (< xamarinios) (< xamarinmac) (< xamarintvos) (< xamarinwatchos)) (&& (< monoandroid) (< net46) (>= netstandard1.3) (< netstandard1.6))
      System.Security.Claims (>= 4.3) - restriction: || (&& (< monoandroid) (< monotouch) (< net46) (>= netstandard1.6) (< xamarinios) (< xamarinmac) (< xamarintvos) (< xamarinwatchos)) (&& (< monoandroid) (< net46) (>= netstandard1.3) (< netstandard1.6))
      System.Security.Cryptography.Algorithms (>= 4.3) - restriction: && (< monoandroid) (< monotouch) (< net46) (>= netstandard1.6) (< xamarinios) (< xamarinmac) (< xamarintvos) (< xamarinwatchos)
      System.Security.Cryptography.Encoding (>= 4.3) - restriction: || (&& (< monoandroid) (< monotouch) (< net46) (>= netstandard1.6) (< xamarinios) (< xamarinmac) (< xamarintvos) (< xamarinwatchos)) (&& (< monoandroid) (< net46) (>= netstandard1.3) (< netstandard1.6))
      System.Security.Cryptography.OpenSsl (>= 4.3) - restriction: && (< monoandroid) (< monotouch) (< net46) (>= netstandard1.6) (< xamarinios) (< xamarinmac) (< xamarintvos) (< xamarinwatchos)
      System.Security.Cryptography.Primitives (>= 4.3) - restriction: || (&& (< monoandroid) (< monotouch) (< net46) (>= netstandard1.6) (< xamarinios) (< xamarinmac) (< xamarintvos) (< xamarinwatchos)) (&& (< monoandroid) (< net46) (>= netstandard1.3) (< netstandard1.6))
      System.Security.Cryptography.X509Certificates (>= 4.3) - restriction: || (&& (< monoandroid) (< monotouch) (>= netstandard1.6) (< xamarinios) (< xamarinmac) (< xamarintvos) (< xamarinwatchos)) (&& (< monoandroid) (>= netstandard1.3) (< netstandard1.6)) (>= net46)
      System.Security.Principal (>= 4.3) - restriction: || (&& (< monoandroid) (< monotouch) (< net46) (>= netstandard1.6) (< xamarinios) (< xamarinmac) (< xamarintvos) (< xamarinwatchos)) (&& (< monoandroid) (< net46) (>= netstandard1.3) (< netstandard1.6))
      System.Text.Encoding (>= 4.3) - restriction: && (< monoandroid) (< monotouch) (< net46) (>= netstandard1.6) (< xamarinios) (< xamarinmac) (< xamarintvos) (< xamarinwatchos)
      System.Threading (>= 4.3) - restriction: || (&& (< monoandroid) (< monotouch) (< net46) (>= netstandard1.6) (< xamarinios) (< xamarinmac) (< xamarintvos) (< xamarinwatchos)) (&& (< monoandroid) (< net46) (>= netstandard1.3) (< netstandard1.6))
      System.Threading.Tasks (>= 4.3) - restriction: || (&& (< monoandroid) (< monotouch) (< net46) (>= netstandard1.6) (< xamarinios) (< xamarinmac) (< xamarintvos) (< xamarinwatchos)) (&& (< monoandroid) (< net46) (>= netstandard1.3) (< netstandard1.6))
      System.Threading.ThreadPool (>= 4.3) - restriction: || (&& (< monoandroid) (< monotouch) (< net46) (>= netstandard1.6) (< xamarinios) (< xamarinmac) (< xamarintvos) (< xamarinwatchos)) (&& (< monoandroid) (< net46) (>= netstandard1.3) (< netstandard1.6))
    System.Net.WebHeaderCollection (4.3) - restriction: && (< monoandroid) (>= netstandard2.1) (< xamarinios) (< xamarinmac) (< xamarintvos) (< xamarinwatchos)
      System.Collections (>= 4.3) - restriction: && (< monoandroid) (< monotouch) (< net46) (>= netstandard1.3) (< xamarinios) (< xamarinmac) (< xamarintvos) (< xamarinwatchos)
      System.Resources.ResourceManager (>= 4.3) - restriction: && (< monoandroid) (< monotouch) (< net46) (>= netstandard1.3) (< xamarinios) (< xamarinmac) (< xamarintvos) (< xamarinwatchos)
      System.Runtime (>= 4.3) - restriction: && (< monoandroid) (< monotouch) (< net46) (>= netstandard1.3) (< xamarinios) (< xamarinmac) (< xamarintvos) (< xamarinwatchos)
      System.Runtime.Extensions (>= 4.3) - restriction: && (< monoandroid) (< monotouch) (< net46) (>= netstandard1.3) (< xamarinios) (< xamarinmac) (< xamarintvos) (< xamarinwatchos)
    System.Numerics.Vectors (4.5) - restriction: || (&& (< monoandroid) (< netcoreapp2.0) (>= netcoreapp2.1) (< xamarinios) (< xamarinmac) (< xamarintvos) (< xamarinwatchos)) (&& (< monoandroid) (< netcoreapp2.0) (>= netstandard2.1) (< xamarinios) (< xamarinmac) (< xamarintvos) (< xamarinwatchos)) (&& (>= net461) (>= netcoreapp2.1)) (>= net472)
    System.ObjectModel (4.3) - restriction: && (< monoandroid) (>= netstandard2.1) (< xamarinios) (< xamarinmac) (< xamarintvos) (< xamarinwatchos)
      System.Collections (>= 4.3) - restriction: && (< monoandroid) (< monotouch) (< net45) (>= netstandard1.3) (< win8) (< wpa81) (< xamarinios) (< xamarinmac) (< xamarintvos) (< xamarinwatchos)
      System.Diagnostics.Debug (>= 4.3) - restriction: && (< monoandroid) (< monotouch) (< net45) (>= netstandard1.3) (< win8) (< wpa81) (< xamarinios) (< xamarinmac) (< xamarintvos) (< xamarinwatchos)
      System.Resources.ResourceManager (>= 4.3) - restriction: && (< monoandroid) (< monotouch) (< net45) (>= netstandard1.3) (< win8) (< wpa81) (< xamarinios) (< xamarinmac) (< xamarintvos) (< xamarinwatchos)
      System.Runtime (>= 4.3) - restriction: || (&& (< monoandroid) (< monotouch) (< net45) (>= netstandard1.3) (< win8) (< wpa81) (< xamarinios) (< xamarinmac) (< xamarintvos) (< xamarinwatchos)) (&& (< monoandroid) (< net45) (>= netstandard1.0) (< netstandard1.3) (< win8) (< wp8) (< wpa81))
      System.Threading (>= 4.3) - restriction: && (< monoandroid) (< monotouch) (< net45) (>= netstandard1.3) (< win8) (< wpa81) (< xamarinios) (< xamarinmac) (< xamarintvos) (< xamarinwatchos)
    System.Reflection (4.3) - restriction: || (&& (< monoandroid) (< netstandard1.2) (>= netstandard2.1)) (&& (< monoandroid) (< netstandard1.3) (>= netstandard2.1)) (&& (< monoandroid) (< netstandard1.5) (>= netstandard2.1)) (&& (< monoandroid) (< netstandard1.6) (>= netstandard2.1)) (&& (< monoandroid) (>= netstandard2.1) (< xamarinios) (< xamarinmac) (< xamarintvos) (< xamarinwatchos)) (&& (>= netcoreapp1.1) (>= netstandard2.1) (< xamarinios) (< xamarinmac) (< xamarintvos) (< xamarinwatchos))
      Microsoft.NETCore.Platforms (>= 1.1) - restriction: || (&& (< monoandroid) (< monotouch) (< net45) (>= netstandard1.5) (< win8) (< wpa81) (< xamarinios) (< xamarinmac) (< xamarintvos) (< xamarinwatchos)) (&& (< monoandroid) (< net45) (>= netstandard1.0) (< netstandard1.3) (< win8) (< wp8) (< wpa81)) (&& (< monoandroid) (< net45) (>= netstandard1.3) (< netstandard1.5) (< win8) (< wpa81))
      Microsoft.NETCore.Targets (>= 1.1) - restriction: || (&& (< monoandroid) (< monotouch) (< net45) (>= netstandard1.5) (< win8) (< wpa81) (< xamarinios) (< xamarinmac) (< xamarintvos) (< xamarinwatchos)) (&& (< monoandroid) (< net45) (>= netstandard1.0) (< netstandard1.3) (< win8) (< wp8) (< wpa81)) (&& (< monoandroid) (< net45) (>= netstandard1.3) (< netstandard1.5) (< win8) (< wpa81))
      System.IO (>= 4.3) - restriction: || (&& (< monoandroid) (< monotouch) (< net45) (>= netstandard1.5) (< win8) (< wpa81) (< xamarinios) (< xamarinmac) (< xamarintvos) (< xamarinwatchos)) (&& (< monoandroid) (< net45) (>= netstandard1.0) (< netstandard1.3) (< win8) (< wp8) (< wpa81)) (&& (< monoandroid) (< net45) (>= netstandard1.3) (< netstandard1.5) (< win8) (< wpa81))
      System.Reflection.Primitives (>= 4.3) - restriction: || (&& (< monoandroid) (< monotouch) (< net45) (>= netstandard1.5) (< win8) (< wpa81) (< xamarinios) (< xamarinmac) (< xamarintvos) (< xamarinwatchos)) (&& (< monoandroid) (< net45) (>= netstandard1.0) (< netstandard1.3) (< win8) (< wp8) (< wpa81)) (&& (< monoandroid) (< net45) (>= netstandard1.3) (< netstandard1.5) (< win8) (< wpa81))
      System.Runtime (>= 4.3) - restriction: || (&& (< monoandroid) (< monotouch) (< net45) (>= netstandard1.5) (< win8) (< wpa81) (< xamarinios) (< xamarinmac) (< xamarintvos) (< xamarinwatchos)) (&& (< monoandroid) (< net45) (>= netstandard1.0) (< netstandard1.3) (< win8) (< wp8) (< wpa81)) (&& (< monoandroid) (< net45) (>= netstandard1.3) (< netstandard1.5) (< win8) (< wpa81))
    System.Reflection.Emit (4.7) - restriction: >= netstandard2.1
    System.Reflection.Emit.ILGeneration (4.7) - restriction: && (< monoandroid) (>= netstandard2.1) (< xamarinios) (< xamarinmac) (< xamarintvos) (< xamarinwatchos)
    System.Reflection.Emit.Lightweight (4.7) - restriction: && (< monoandroid) (>= netstandard2.1) (< xamarinios) (< xamarinmac) (< xamarintvos) (< xamarinwatchos)
    System.Reflection.Extensions (4.3) - restriction: && (< monoandroid) (>= netstandard2.1) (< xamarinios) (< xamarinmac) (< xamarintvos) (< xamarinwatchos)
      Microsoft.NETCore.Platforms (>= 1.1) - restriction: && (< monoandroid) (< monotouch) (< net45) (>= netstandard1.0) (< win8) (< wp8) (< wpa81) (< xamarinios) (< xamarinmac) (< xamarintvos) (< xamarinwatchos)
      Microsoft.NETCore.Targets (>= 1.1) - restriction: && (< monoandroid) (< monotouch) (< net45) (>= netstandard1.0) (< win8) (< wp8) (< wpa81) (< xamarinios) (< xamarinmac) (< xamarintvos) (< xamarinwatchos)
      System.Reflection (>= 4.3) - restriction: && (< monoandroid) (< monotouch) (< net45) (>= netstandard1.0) (< win8) (< wp8) (< wpa81) (< xamarinios) (< xamarinmac) (< xamarintvos) (< xamarinwatchos)
      System.Runtime (>= 4.3) - restriction: && (< monoandroid) (< monotouch) (< net45) (>= netstandard1.0) (< win8) (< wp8) (< wpa81) (< xamarinios) (< xamarinmac) (< xamarintvos) (< xamarinwatchos)
    System.Reflection.Metadata (5.0) - restriction: || (>= netcoreapp2.1) (>= netstandard2.1)
      System.Collections.Immutable (>= 5.0) - restriction: || (&& (>= net45) (< netstandard2.0)) (&& (< net45) (< net50) (>= netstandard2.0)) (&& (< net45) (>= netstandard1.1) (< netstandard2.0) (< win8) (< wpa81)) (>= net461) (&& (< netstandard1.1) (>= portable-net45+win8+wpa81) (< win8)) (&& (< netstandard1.1) (>= win8)) (&& (< netstandard2.0) (>= wpa81))
    System.Reflection.Primitives (4.3) - restriction: || (&& (< monoandroid) (< netstandard1.2) (>= netstandard2.1)) (&& (< monoandroid) (< netstandard1.3) (>= netstandard2.1)) (&& (< monoandroid) (< netstandard1.5) (>= netstandard2.1)) (&& (< monoandroid) (>= netstandard2.1) (< xamarinios) (< xamarinmac) (< xamarintvos) (< xamarinwatchos)) (&& (>= netcoreapp1.1) (>= netstandard2.1) (< xamarinios) (< xamarinmac) (< xamarintvos) (< xamarinwatchos))
      Microsoft.NETCore.Platforms (>= 1.1) - restriction: && (< monoandroid) (< monotouch) (< net45) (>= netstandard1.0) (< win8) (< wp8) (< wpa81) (< xamarinios) (< xamarinmac) (< xamarintvos) (< xamarinwatchos)
      Microsoft.NETCore.Targets (>= 1.1) - restriction: && (< monoandroid) (< monotouch) (< net45) (>= netstandard1.0) (< win8) (< wp8) (< wpa81) (< xamarinios) (< xamarinmac) (< xamarintvos) (< xamarinwatchos)
      System.Runtime (>= 4.3) - restriction: && (< monoandroid) (< monotouch) (< net45) (>= netstandard1.0) (< win8) (< wp8) (< wpa81) (< xamarinios) (< xamarinmac) (< xamarintvos) (< xamarinwatchos)
    System.Reflection.TypeExtensions (4.7) - restriction: >= netstandard2.1
    System.Resources.Extensions (5.0) - restriction: >= netstandard2.1
      System.Memory (>= 4.5.4) - restriction: || (&& (< monoandroid) (< netcoreapp2.1) (>= netstandard2.0) (< xamarinios) (< xamarinmac) (< xamarintvos) (< xamarinwatchos)) (>= net461)
    System.Resources.ResourceManager (4.3) - restriction: && (< monoandroid) (>= netstandard2.1) (< xamarinios) (< xamarinmac) (< xamarintvos) (< xamarinwatchos)
      Microsoft.NETCore.Platforms (>= 1.1) - restriction: && (< monoandroid) (< monotouch) (< net45) (>= netstandard1.0) (< win8) (< wp8) (< wpa81) (< xamarinios) (< xamarinmac) (< xamarintvos) (< xamarinwatchos)
      Microsoft.NETCore.Targets (>= 1.1) - restriction: && (< monoandroid) (< monotouch) (< net45) (>= netstandard1.0) (< win8) (< wp8) (< wpa81) (< xamarinios) (< xamarinmac) (< xamarintvos) (< xamarinwatchos)
      System.Globalization (>= 4.3) - restriction: && (< monoandroid) (< monotouch) (< net45) (>= netstandard1.0) (< win8) (< wp8) (< wpa81) (< xamarinios) (< xamarinmac) (< xamarintvos) (< xamarinwatchos)
      System.Reflection (>= 4.3) - restriction: && (< monoandroid) (< monotouch) (< net45) (>= netstandard1.0) (< win8) (< wp8) (< wpa81) (< xamarinios) (< xamarinmac) (< xamarintvos) (< xamarinwatchos)
      System.Runtime (>= 4.3) - restriction: && (< monoandroid) (< monotouch) (< net45) (>= netstandard1.0) (< win8) (< wp8) (< wpa81) (< xamarinios) (< xamarinmac) (< xamarintvos) (< xamarinwatchos)
    System.Runtime (4.3.1) - restriction: >= netstandard2.1
      Microsoft.NETCore.Platforms (>= 1.1.1) - restriction: || (&& (< monoandroid) (< monotouch) (< net45) (>= netstandard1.5) (< win8) (< wpa81) (< xamarinios) (< xamarinmac) (< xamarintvos) (< xamarinwatchos)) (&& (< monoandroid) (< net45) (>= netstandard1.0) (< netstandard1.2) (< win8) (< wp8)) (&& (< monoandroid) (< net45) (>= netstandard1.2) (< netstandard1.3) (< win8) (< wpa81)) (&& (< monoandroid) (< net45) (>= netstandard1.3) (< netstandard1.5) (< win8) (< wpa81))
      Microsoft.NETCore.Targets (>= 1.1.3) - restriction: || (&& (< monoandroid) (< monotouch) (< net45) (>= netstandard1.5) (< win8) (< wpa81) (< xamarinios) (< xamarinmac) (< xamarintvos) (< xamarinwatchos)) (&& (< monoandroid) (< net45) (>= netstandard1.0) (< netstandard1.2) (< win8) (< wp8)) (&& (< monoandroid) (< net45) (>= netstandard1.2) (< netstandard1.3) (< win8) (< wpa81)) (&& (< monoandroid) (< net45) (>= netstandard1.3) (< netstandard1.5) (< win8) (< wpa81))
    System.Runtime.CompilerServices.Unsafe (5.0) - restriction: || (&& (>= monoandroid) (< netcoreapp2.0) (>= netcoreapp2.1)) (&& (>= monoandroid) (< netcoreapp2.0) (>= netstandard2.1)) (&& (< monoandroid) (< net50) (>= netcoreapp2.1) (< xamarinios) (< xamarinmac) (< xamarintvos) (< xamarinwatchos)) (&& (< monoandroid) (< net50) (>= netcoreapp3.0) (< xamarinios) (< xamarinmac) (< xamarintvos) (< xamarinwatchos)) (&& (< monoandroid) (>= netcoreapp2.0) (< netcoreapp2.1) (>= netstandard2.1)) (&& (< monoandroid) (< netcoreapp2.0) (>= netcoreapp2.1) (< xamarinios) (< xamarinmac) (< xamarintvos) (< xamarinwatchos)) (&& (< monoandroid) (< netcoreapp2.0) (>= netstandard2.1)) (&& (< monoandroid) (>= netcoreapp2.1) (< netcoreapp3.0) (< xamarinios) (< xamarinmac) (< xamarintvos) (< xamarinwatchos)) (&& (< monoandroid) (>= netcoreapp2.1) (< netstandard1.0)) (&& (< monoandroid) (>= netcoreapp2.1) (< netstandard2.0) (< xamarintvos) (< xamarinwatchos)) (&& (< monoandroid) (< netcoreapp2.1) (>= netstandard2.1) (< xamarinios) (< xamarinmac) (< xamarintvos) (< xamarinwatchos)) (&& (< monoandroid) (< netstandard1.1) (>= netstandard2.1)) (&& (< monoandroid) (< netstandard1.6) (>= netstandard2.1)) (&& (< monoandroid) (< netstandard2.0) (>= netstandard2.1)) (&& (>= monotouch) (>= netcoreapp2.1)) (&& (>= monotouch) (>= netstandard2.1)) (&& (>= net45) (>= netcoreapp2.1) (< netstandard2.0)) (&& (>= net45) (< netstandard1.3) (>= netstandard2.1)) (&& (>= net45) (< netstandard2.0) (>= netstandard2.1)) (&& (>= net46) (>= netstandard2.1)) (&& (>= net461) (>= netcoreapp2.1)) (&& (>= net461) (>= netstandard2.1)) (>= net472) (&& (< netcoreapp2.0) (>= netcoreapp2.1) (>= xamarinios)) (&& (< netcoreapp2.0) (>= netcoreapp2.1) (>= xamarinmac)) (&& (>= netcoreapp2.1) (< netstandard1.0) (>= win8)) (&& (>= netcoreapp2.1) (< netstandard2.0) (>= wpa81)) (&& (>= netcoreapp2.1) (< netstandard2.0) (>= xamarintvos)) (&& (>= netcoreapp2.1) (< netstandard2.0) (>= xamarinwatchos)) (&& (>= netcoreapp2.1) (>= uap10.1)) (&& (>= netcoreapp2.1) (>= wp8)) (&& (< netstandard1.1) (>= netstandard2.1) (>= win8)) (&& (< netstandard2.0) (>= netstandard2.1) (>= wpa81)) (&& (>= netstandard2.1) (>= uap10.1)) (&& (>= netstandard2.1) (>= xamarinios)) (&& (>= netstandard2.1) (>= xamarinmac)) (&& (>= netstandard2.1) (>= xamarintvos)) (&& (>= netstandard2.1) (>= xamarinwatchos))
    System.Runtime.Extensions (4.3.1) - restriction: && (< monoandroid) (>= netstandard2.1) (< xamarinios) (< xamarinmac) (< xamarintvos) (< xamarinwatchos)
      Microsoft.NETCore.Platforms (>= 1.1.1) - restriction: || (&& (< monoandroid) (< monotouch) (< net45) (>= netstandard1.5) (< win8) (< wpa81) (< xamarinios) (< xamarinmac) (< xamarintvos) (< xamarinwatchos)) (&& (< monoandroid) (< net45) (>= netstandard1.0) (< netstandard1.3) (< win8) (< wp8) (< wpa81)) (&& (< monoandroid) (< net45) (>= netstandard1.3) (< netstandard1.5) (< win8) (< wpa81))
      Microsoft.NETCore.Targets (>= 1.1.3) - restriction: || (&& (< monoandroid) (< monotouch) (< net45) (>= netstandard1.5) (< win8) (< wpa81) (< xamarinios) (< xamarinmac) (< xamarintvos) (< xamarinwatchos)) (&& (< monoandroid) (< net45) (>= netstandard1.0) (< netstandard1.3) (< win8) (< wp8) (< wpa81)) (&& (< monoandroid) (< net45) (>= netstandard1.3) (< netstandard1.5) (< win8) (< wpa81))
      System.Runtime (>= 4.3.1) - restriction: || (&& (< monoandroid) (< monotouch) (< net45) (>= netstandard1.5) (< win8) (< wpa81) (< xamarinios) (< xamarinmac) (< xamarintvos) (< xamarinwatchos)) (&& (< monoandroid) (< net45) (>= netstandard1.0) (< netstandard1.3) (< win8) (< wp8) (< wpa81)) (&& (< monoandroid) (< net45) (>= netstandard1.3) (< netstandard1.5) (< win8) (< wpa81))
    System.Runtime.Handles (4.3) - restriction: || (&& (< monoandroid) (< netstandard1.4) (>= netstandard2.1)) (&& (< monoandroid) (< netstandard1.5) (>= netstandard2.1)) (&& (< monoandroid) (>= netstandard2.1) (< xamarinios) (< xamarinmac) (< xamarintvos) (< xamarinwatchos)) (&& (>= netcoreapp1.1) (>= netstandard2.1) (< xamarinios) (< xamarinmac) (< xamarintvos) (< xamarinwatchos))
      Microsoft.NETCore.Platforms (>= 1.1) - restriction: && (< monoandroid) (< monotouch) (< net46) (>= netstandard1.3) (< xamarinios) (< xamarinmac) (< xamarintvos) (< xamarinwatchos)
      Microsoft.NETCore.Targets (>= 1.1) - restriction: && (< monoandroid) (< monotouch) (< net46) (>= netstandard1.3) (< xamarinios) (< xamarinmac) (< xamarintvos) (< xamarinwatchos)
      System.Runtime (>= 4.3) - restriction: && (< monoandroid) (< monotouch) (< net46) (>= netstandard1.3) (< xamarinios) (< xamarinmac) (< xamarintvos) (< xamarinwatchos)
    System.Runtime.InteropServices (4.3) - restriction: >= netstandard2.1
      Microsoft.NETCore.Platforms (>= 1.1) - restriction: || (&& (< monoandroid) (< monotouch) (< net45) (< netcoreapp1.1) (>= netstandard1.5) (< win8) (< wpa81) (< xamarinios) (< xamarinmac) (< xamarintvos) (< xamarinwatchos)) (&& (< monoandroid) (< net45) (>= netstandard1.1) (< netstandard1.2) (< win8)) (&& (< monoandroid) (< net45) (>= netstandard1.2) (< netstandard1.3) (< win8) (< wpa81)) (&& (< monoandroid) (< net45) (>= netstandard1.3) (< netstandard1.5) (< win8) (< wpa81)) (&& (>= netcoreapp1.1) (< xamarinios) (< xamarinmac) (< xamarintvos) (< xamarinwatchos))
      Microsoft.NETCore.Targets (>= 1.1) - restriction: || (&& (< monoandroid) (< monotouch) (< net45) (< netcoreapp1.1) (>= netstandard1.5) (< win8) (< wpa81) (< xamarinios) (< xamarinmac) (< xamarintvos) (< xamarinwatchos)) (&& (< monoandroid) (< net45) (>= netstandard1.1) (< netstandard1.2) (< win8)) (&& (< monoandroid) (< net45) (>= netstandard1.2) (< netstandard1.3) (< win8) (< wpa81)) (&& (< monoandroid) (< net45) (>= netstandard1.3) (< netstandard1.5) (< win8) (< wpa81)) (&& (>= netcoreapp1.1) (< xamarinios) (< xamarinmac) (< xamarintvos) (< xamarinwatchos))
      System.Reflection (>= 4.3) - restriction: || (&& (< monoandroid) (< monotouch) (< net45) (< netcoreapp1.1) (>= netstandard1.5) (< win8) (< wpa81) (< xamarinios) (< xamarinmac) (< xamarintvos) (< xamarinwatchos)) (&& (< monoandroid) (< net45) (>= netstandard1.1) (< netstandard1.2) (< win8)) (&& (< monoandroid) (< net45) (>= netstandard1.2) (< netstandard1.3) (< win8) (< wpa81)) (&& (< monoandroid) (< net45) (>= netstandard1.3) (< netstandard1.5) (< win8) (< wpa81)) (&& (>= netcoreapp1.1) (< xamarinios) (< xamarinmac) (< xamarintvos) (< xamarinwatchos))
      System.Reflection.Primitives (>= 4.3) - restriction: || (&& (< monoandroid) (< monotouch) (< net45) (< netcoreapp1.1) (>= netstandard1.5) (< win8) (< wpa81) (< xamarinios) (< xamarinmac) (< xamarintvos) (< xamarinwatchos)) (&& (< monoandroid) (< net45) (>= netstandard1.1) (< netstandard1.2) (< win8)) (&& (< monoandroid) (< net45) (>= netstandard1.2) (< netstandard1.3) (< win8) (< wpa81)) (&& (< monoandroid) (< net45) (>= netstandard1.3) (< netstandard1.5) (< win8) (< wpa81)) (&& (>= netcoreapp1.1) (< xamarinios) (< xamarinmac) (< xamarintvos) (< xamarinwatchos))
      System.Runtime (>= 4.3) - restriction: || (&& (< monoandroid) (< monotouch) (< net45) (< netcoreapp1.1) (>= netstandard1.5) (< win8) (< wpa81) (< xamarinios) (< xamarinmac) (< xamarintvos) (< xamarinwatchos)) (&& (< monoandroid) (< net45) (>= netstandard1.1) (< netstandard1.2) (< win8)) (&& (< monoandroid) (< net45) (>= netstandard1.2) (< netstandard1.3) (< win8) (< wpa81)) (&& (< monoandroid) (< net45) (>= netstandard1.3) (< netstandard1.5) (< win8) (< wpa81)) (>= net462) (&& (>= netcoreapp1.1) (< xamarinios) (< xamarinmac) (< xamarintvos) (< xamarinwatchos))
      System.Runtime.Handles (>= 4.3) - restriction: || (&& (< monoandroid) (< monotouch) (< net45) (< netcoreapp1.1) (>= netstandard1.5) (< win8) (< wpa81) (< xamarinios) (< xamarinmac) (< xamarintvos) (< xamarinwatchos)) (&& (< monoandroid) (< net45) (>= netstandard1.3) (< netstandard1.5) (< win8) (< wpa81)) (&& (>= netcoreapp1.1) (< xamarinios) (< xamarinmac) (< xamarintvos) (< xamarinwatchos))
    System.Runtime.Loader (4.3) - restriction: >= netstandard2.1
      System.IO (>= 4.3) - restriction: && (< monoandroid) (< monotouch) (< net462) (>= netstandard1.5) (< xamarinios) (< xamarinmac) (< xamarintvos) (< xamarinwatchos)
      System.Reflection (>= 4.3) - restriction: && (< monoandroid) (< monotouch) (< net462) (>= netstandard1.5) (< xamarinios) (< xamarinmac) (< xamarintvos) (< xamarinwatchos)
      System.Runtime (>= 4.3) - restriction: && (< monoandroid) (< monotouch) (< net462) (>= netstandard1.5) (< xamarinios) (< xamarinmac) (< xamarintvos) (< xamarinwatchos)
    System.Runtime.Numerics (4.3) - restriction: && (< monoandroid) (>= netstandard2.1) (< xamarinios) (< xamarinmac) (< xamarintvos) (< xamarinwatchos)
      System.Globalization (>= 4.3) - restriction: && (< monoandroid) (< monotouch) (< net45) (>= netstandard1.3) (< win8) (< wpa81) (< xamarinios) (< xamarinmac) (< xamarintvos) (< xamarinwatchos)
      System.Resources.ResourceManager (>= 4.3) - restriction: && (< monoandroid) (< monotouch) (< net45) (>= netstandard1.3) (< win8) (< wpa81) (< xamarinios) (< xamarinmac) (< xamarintvos) (< xamarinwatchos)
      System.Runtime (>= 4.3) - restriction: || (&& (< monoandroid) (< monotouch) (< net45) (>= netstandard1.3) (< win8) (< wpa81) (< xamarinios) (< xamarinmac) (< xamarintvos) (< xamarinwatchos)) (&& (< monoandroid) (< net45) (>= netstandard1.1) (< netstandard1.3) (< win8) (< wpa81))
      System.Runtime.Extensions (>= 4.3) - restriction: && (< monoandroid) (< monotouch) (< net45) (>= netstandard1.3) (< win8) (< wpa81) (< xamarinios) (< xamarinmac) (< xamarintvos) (< xamarinwatchos)
    System.Security.AccessControl (5.0) - restriction: || (&& (< monoandroid) (>= netcoreapp2.0)) (>= netstandard2.0)
      Microsoft.NETCore.Platforms (>= 5.0) - restriction: >= netcoreapp2.0
      System.Security.Principal.Windows (>= 5.0) - restriction: || (&& (>= net46) (< netstandard2.0)) (&& (< net46) (>= netstandard1.3) (< netstandard2.0) (< uap10.1)) (&& (< net46) (>= netstandard2.0)) (>= net461) (>= netcoreapp2.0)
    System.Security.Claims (4.3) - restriction: >= netstandard2.1
      System.Collections (>= 4.3) - restriction: && (< monoandroid) (< monotouch) (< net46) (>= netstandard1.3) (< xamarinios) (< xamarinmac) (< xamarintvos) (< xamarinwatchos)
      System.Globalization (>= 4.3) - restriction: && (< monoandroid) (< monotouch) (< net46) (>= netstandard1.3) (< xamarinios) (< xamarinmac) (< xamarintvos) (< xamarinwatchos)
      System.IO (>= 4.3) - restriction: && (< monoandroid) (< monotouch) (< net46) (>= netstandard1.3) (< xamarinios) (< xamarinmac) (< xamarintvos) (< xamarinwatchos)
      System.Resources.ResourceManager (>= 4.3) - restriction: && (< monoandroid) (< monotouch) (< net46) (>= netstandard1.3) (< xamarinios) (< xamarinmac) (< xamarintvos) (< xamarinwatchos)
      System.Runtime (>= 4.3) - restriction: && (< monoandroid) (< monotouch) (< net46) (>= netstandard1.3) (< xamarinios) (< xamarinmac) (< xamarintvos) (< xamarinwatchos)
      System.Runtime.Extensions (>= 4.3) - restriction: && (< monoandroid) (< monotouch) (< net46) (>= netstandard1.3) (< xamarinios) (< xamarinmac) (< xamarintvos) (< xamarinwatchos)
      System.Security.Principal (>= 4.3) - restriction: && (< monoandroid) (< monotouch) (< net46) (>= netstandard1.3) (< xamarinios) (< xamarinmac) (< xamarintvos) (< xamarinwatchos)
    System.Security.Cryptography.Algorithms (4.3.1) - restriction: || (&& (< monoandroid) (< net46) (< netstandard1.4) (>= netstandard2.0)) (&& (< monoandroid) (< net46) (< netstandard1.6) (>= netstandard2.0)) (&& (< monoandroid) (>= net50) (< netstandard1.4)) (&& (< monoandroid) (>= net50) (< netstandard1.6)) (&& (< monoandroid) (>= net50) (< netstandard2.0) (< xamarintvos) (< xamarinwatchos)) (&& (>= net46) (>= net50) (< netstandard1.4)) (&& (>= net46) (< netstandard1.4) (>= netstandard2.0)) (&& (>= net461) (< net462) (< netstandard1.6) (>= netstandard2.0)) (&& (>= net461) (>= net50) (< netstandard1.6)) (&& (>= net462) (>= net50) (< netstandard1.6)) (&& (>= net462) (< netstandard1.6) (>= netstandard2.0)) (&& (>= net47) (< net472) (>= netstandard2.0)) (&& (>= net47) (>= net50)) (>= netstandard2.1)
      Microsoft.NETCore.Platforms (>= 1.1) - restriction: && (< monoandroid) (< monotouch) (< net46) (>= netstandard1.6) (< xamarinios) (< xamarinmac) (< xamarintvos) (< xamarinwatchos)
      runtime.native.System.Security.Cryptography.Apple (>= 4.3.1) - restriction: && (< monoandroid) (< monotouch) (< net46) (>= netstandard1.6) (< xamarinios) (< xamarinmac) (< xamarintvos) (< xamarinwatchos)
      runtime.native.System.Security.Cryptography.OpenSsl (>= 4.3.2) - restriction: && (< monoandroid) (< monotouch) (< net46) (>= netstandard1.6) (< xamarinios) (< xamarinmac) (< xamarintvos) (< xamarinwatchos)
      System.Collections (>= 4.3) - restriction: && (< monoandroid) (< monotouch) (< net46) (>= netstandard1.6) (< xamarinios) (< xamarinmac) (< xamarintvos) (< xamarinwatchos)
      System.IO (>= 4.3) - restriction: || (&& (< monoandroid) (< monotouch) (< net46) (>= netstandard1.6) (< xamarinios) (< xamarinmac) (< xamarintvos) (< xamarinwatchos)) (&& (< monoandroid) (< net46) (>= netstandard1.3) (< netstandard1.4)) (&& (< monoandroid) (< net46) (>= netstandard1.4) (< netstandard1.6)) (>= net463)
      System.Resources.ResourceManager (>= 4.3) - restriction: && (< monoandroid) (< monotouch) (< net46) (>= netstandard1.6) (< xamarinios) (< xamarinmac) (< xamarintvos) (< xamarinwatchos)
      System.Runtime (>= 4.3) - restriction: || (&& (< monoandroid) (< monotouch) (< net46) (>= netstandard1.6) (< xamarinios) (< xamarinmac) (< xamarintvos) (< xamarinwatchos)) (&& (< monoandroid) (< net46) (>= netstandard1.3) (< netstandard1.4)) (&& (< monoandroid) (< net46) (>= netstandard1.4) (< netstandard1.6)) (>= net463)
      System.Runtime.Extensions (>= 4.3) - restriction: && (< monoandroid) (< monotouch) (< net46) (>= netstandard1.6) (< xamarinios) (< xamarinmac) (< xamarintvos) (< xamarinwatchos)
      System.Runtime.Handles (>= 4.3) - restriction: && (< monoandroid) (< monotouch) (< net46) (>= netstandard1.6) (< xamarinios) (< xamarinmac) (< xamarintvos) (< xamarinwatchos)
      System.Runtime.InteropServices (>= 4.3) - restriction: && (< monoandroid) (< monotouch) (< net46) (>= netstandard1.6) (< xamarinios) (< xamarinmac) (< xamarintvos) (< xamarinwatchos)
      System.Runtime.Numerics (>= 4.3) - restriction: && (< monoandroid) (< monotouch) (< net46) (>= netstandard1.6) (< xamarinios) (< xamarinmac) (< xamarintvos) (< xamarinwatchos)
      System.Security.Cryptography.Encoding (>= 4.3) - restriction: || (&& (< monoandroid) (< monotouch) (< net46) (>= netstandard1.6) (< xamarinios) (< xamarinmac) (< xamarintvos) (< xamarinwatchos)) (>= net463)
      System.Security.Cryptography.Primitives (>= 4.3) - restriction: || (&& (< monoandroid) (< monotouch) (< net46) (>= netstandard1.6) (< xamarinios) (< xamarinmac) (< xamarintvos) (< xamarinwatchos)) (&& (< monoandroid) (< net46) (>= netstandard1.3) (< netstandard1.4)) (&& (< monoandroid) (< net46) (>= netstandard1.4) (< netstandard1.6)) (&& (>= net46) (< netstandard1.4)) (&& (>= net461) (< netstandard1.6)) (>= net463)
      System.Text.Encoding (>= 4.3) - restriction: && (< monoandroid) (< monotouch) (< net46) (>= netstandard1.6) (< xamarinios) (< xamarinmac) (< xamarintvos) (< xamarinwatchos)
    System.Security.Cryptography.Cng (5.0) - restriction: || (&& (< monoandroid) (< netstandard1.6) (>= netstandard2.1)) (&& (< monoandroid) (>= netstandard2.1) (< xamarinios) (< xamarinmac) (< xamarintvos) (< xamarinwatchos)) (&& (>= net46) (>= netstandard2.1)) (&& (< net472) (>= netstandard2.0)) (>= net50) (&& (>= netcoreapp3.0) (< xamarinios) (< xamarinmac) (< xamarintvos) (< xamarinwatchos))
      Microsoft.NETCore.Platforms (>= 5.0) - restriction: && (< monoandroid) (>= netcoreapp2.0) (< netcoreapp2.1) (< netstandard2.1) (< xamarinios) (< xamarinmac) (< xamarintvos) (< xamarinwatchos)
      System.Formats.Asn1 (>= 5.0) - restriction: && (>= netcoreapp3.0) (< xamarinios) (< xamarinmac) (< xamarintvos) (< xamarinwatchos)
      System.Security.Cryptography.Algorithms (>= 4.3.1) - restriction: || (&& (< monoandroid) (< monotouch) (< net46) (>= netstandard1.6) (< netstandard2.0) (< xamarintvos) (< xamarinwatchos)) (&& (< monoandroid) (< net46) (>= netstandard1.3) (< netstandard1.4)) (&& (< monoandroid) (< net46) (>= netstandard1.4) (< netstandard1.6) (< uap10.1)) (&& (>= net46) (< netstandard1.4)) (&& (>= net461) (< net462) (< netstandard1.6)) (&& (>= net462) (< netstandard1.6)) (>= net47)
    System.Security.Cryptography.Csp (4.3) - restriction: || (&& (< monoandroid) (< netstandard1.6) (>= netstandard2.1)) (&& (< monoandroid) (>= netstandard2.1) (< xamarinios) (< xamarinmac) (< xamarintvos) (< xamarinwatchos)) (&& (>= net46) (>= netstandard2.1))
      Microsoft.NETCore.Platforms (>= 1.1) - restriction: && (< monoandroid) (< monotouch) (< net46) (>= netstandard1.3) (< xamarinios) (< xamarinmac) (< xamarintvos) (< xamarinwatchos)
      System.IO (>= 4.3) - restriction: && (< monoandroid) (< monotouch) (< net46) (>= netstandard1.3) (< xamarinios) (< xamarinmac) (< xamarintvos) (< xamarinwatchos)
      System.Reflection (>= 4.3) - restriction: && (< monoandroid) (< monotouch) (< net46) (>= netstandard1.3) (< xamarinios) (< xamarinmac) (< xamarintvos) (< xamarinwatchos)
      System.Resources.ResourceManager (>= 4.3) - restriction: && (< monoandroid) (< monotouch) (< net46) (>= netstandard1.3) (< xamarinios) (< xamarinmac) (< xamarintvos) (< xamarinwatchos)
      System.Runtime (>= 4.3) - restriction: && (< monoandroid) (< monotouch) (< net46) (>= netstandard1.3) (< xamarinios) (< xamarinmac) (< xamarintvos) (< xamarinwatchos)
      System.Runtime.Extensions (>= 4.3) - restriction: && (< monoandroid) (< monotouch) (< net46) (>= netstandard1.3) (< xamarinios) (< xamarinmac) (< xamarintvos) (< xamarinwatchos)
      System.Runtime.Handles (>= 4.3) - restriction: && (< monoandroid) (< monotouch) (< net46) (>= netstandard1.3) (< xamarinios) (< xamarinmac) (< xamarintvos) (< xamarinwatchos)
      System.Runtime.InteropServices (>= 4.3) - restriction: && (< monoandroid) (< monotouch) (< net46) (>= netstandard1.3) (< xamarinios) (< xamarinmac) (< xamarintvos) (< xamarinwatchos)
      System.Security.Cryptography.Algorithms (>= 4.3) - restriction: || (&& (< monoandroid) (< monotouch) (>= netstandard1.3) (< xamarinios) (< xamarinmac) (< xamarintvos) (< xamarinwatchos)) (>= net46)
      System.Security.Cryptography.Encoding (>= 4.3) - restriction: && (< monoandroid) (< monotouch) (< net46) (>= netstandard1.3) (< xamarinios) (< xamarinmac) (< xamarintvos) (< xamarinwatchos)
      System.Security.Cryptography.Primitives (>= 4.3) - restriction: || (&& (< monoandroid) (< monotouch) (>= netstandard1.3) (< xamarinios) (< xamarinmac) (< xamarintvos) (< xamarinwatchos)) (>= net46)
      System.Text.Encoding (>= 4.3) - restriction: && (< monoandroid) (< monotouch) (< net46) (>= netstandard1.3) (< xamarinios) (< xamarinmac) (< xamarintvos) (< xamarinwatchos)
      System.Threading (>= 4.3) - restriction: && (< monoandroid) (< monotouch) (< net46) (>= netstandard1.3) (< xamarinios) (< xamarinmac) (< xamarintvos) (< xamarinwatchos)
    System.Security.Cryptography.Encoding (4.3) - restriction: || (&& (< monoandroid) (< netstandard1.6) (>= netstandard2.1)) (&& (< monoandroid) (>= netstandard2.1) (< xamarinios) (< xamarinmac) (< xamarintvos) (< xamarinwatchos))
      Microsoft.NETCore.Platforms (>= 1.1) - restriction: && (< monoandroid) (< monotouch) (< net46) (>= netstandard1.3) (< xamarinios) (< xamarinmac) (< xamarintvos) (< xamarinwatchos)
      runtime.native.System.Security.Cryptography.OpenSsl (>= 4.3) - restriction: && (< monoandroid) (< monotouch) (< net46) (>= netstandard1.3) (< xamarinios) (< xamarinmac) (< xamarintvos) (< xamarinwatchos)
      System.Collections (>= 4.3) - restriction: && (< monoandroid) (< monotouch) (< net46) (>= netstandard1.3) (< xamarinios) (< xamarinmac) (< xamarintvos) (< xamarinwatchos)
      System.Collections.Concurrent (>= 4.3) - restriction: && (< monoandroid) (< monotouch) (< net46) (>= netstandard1.3) (< xamarinios) (< xamarinmac) (< xamarintvos) (< xamarinwatchos)
      System.Linq (>= 4.3) - restriction: && (< monoandroid) (< monotouch) (< net46) (>= netstandard1.3) (< xamarinios) (< xamarinmac) (< xamarintvos) (< xamarinwatchos)
      System.Resources.ResourceManager (>= 4.3) - restriction: && (< monoandroid) (< monotouch) (< net46) (>= netstandard1.3) (< xamarinios) (< xamarinmac) (< xamarintvos) (< xamarinwatchos)
      System.Runtime (>= 4.3) - restriction: && (< monoandroid) (< monotouch) (< net46) (>= netstandard1.3) (< xamarinios) (< xamarinmac) (< xamarintvos) (< xamarinwatchos)
      System.Runtime.Extensions (>= 4.3) - restriction: && (< monoandroid) (< monotouch) (< net46) (>= netstandard1.3) (< xamarinios) (< xamarinmac) (< xamarintvos) (< xamarinwatchos)
      System.Runtime.Handles (>= 4.3) - restriction: && (< monoandroid) (< monotouch) (< net46) (>= netstandard1.3) (< xamarinios) (< xamarinmac) (< xamarintvos) (< xamarinwatchos)
      System.Runtime.InteropServices (>= 4.3) - restriction: && (< monoandroid) (< monotouch) (< net46) (>= netstandard1.3) (< xamarinios) (< xamarinmac) (< xamarintvos) (< xamarinwatchos)
      System.Security.Cryptography.Primitives (>= 4.3) - restriction: && (< monoandroid) (< monotouch) (< net46) (>= netstandard1.3) (< xamarinios) (< xamarinmac) (< xamarintvos) (< xamarinwatchos)
      System.Text.Encoding (>= 4.3) - restriction: && (< monoandroid) (< monotouch) (< net46) (>= netstandard1.3) (< xamarinios) (< xamarinmac) (< xamarintvos) (< xamarinwatchos)
    System.Security.Cryptography.OpenSsl (5.0) - restriction: && (< monoandroid) (>= netstandard2.1) (< xamarinios) (< xamarinmac) (< xamarintvos) (< xamarinwatchos)
      System.Formats.Asn1 (>= 5.0) - restriction: >= netcoreapp3.0
    System.Security.Cryptography.Pkcs (5.0.1) - restriction: || (&& (< net472) (>= netstandard2.0)) (>= netstandard2.1)
      System.Formats.Asn1 (>= 5.0) - restriction: || (&& (>= monoandroid) (< netcoreapp2.0) (< netstandard2.1)) (&& (< monoandroid) (< net46) (< netcoreapp2.0) (>= netstandard2.0) (< netstandard2.1)) (&& (< monoandroid) (>= netcoreapp2.0) (< netcoreapp2.1) (< netstandard2.1)) (&& (< monoandroid) (< netcoreapp2.0) (>= netstandard2.1)) (>= monotouch) (>= netcoreapp3.0) (>= uap10.1) (>= xamarinios) (>= xamarinmac) (>= xamarintvos) (>= xamarinwatchos)
      System.Security.Cryptography.Cng (>= 5.0) - restriction: || (&& (< monoandroid) (< net46) (< netcoreapp2.0) (>= netstandard2.0) (< netstandard2.1) (< xamarinios) (< xamarinmac) (< xamarintvos) (< xamarinwatchos)) (&& (< monoandroid) (>= netcoreapp2.0) (< netcoreapp2.1) (< netstandard2.1) (< xamarinios) (< xamarinmac) (< xamarintvos) (< xamarinwatchos)) (&& (< monoandroid) (< netcoreapp2.0) (>= netstandard2.1) (< xamarinios) (< xamarinmac) (< xamarintvos) (< xamarinwatchos)) (&& (< monoandroid) (>= netcoreapp2.1) (< netstandard2.1) (< xamarinios) (< xamarinmac) (< xamarintvos) (< xamarinwatchos)) (&& (>= netcoreapp3.0) (< xamarinios) (< xamarinmac) (< xamarintvos) (< xamarinwatchos))
    System.Security.Cryptography.Primitives (4.3) - restriction: || (&& (< monoandroid) (< netstandard1.6) (>= netstandard2.1)) (&& (< monoandroid) (>= netstandard2.1) (< xamarinios) (< xamarinmac) (< xamarintvos) (< xamarinwatchos))
      System.Diagnostics.Debug (>= 4.3) - restriction: && (< monoandroid) (< monotouch) (< net46) (>= netstandard1.3) (< xamarinios) (< xamarinmac) (< xamarintvos) (< xamarinwatchos)
      System.Globalization (>= 4.3) - restriction: && (< monoandroid) (< monotouch) (< net46) (>= netstandard1.3) (< xamarinios) (< xamarinmac) (< xamarintvos) (< xamarinwatchos)
      System.IO (>= 4.3) - restriction: && (< monoandroid) (< monotouch) (< net46) (>= netstandard1.3) (< xamarinios) (< xamarinmac) (< xamarintvos) (< xamarinwatchos)
      System.Resources.ResourceManager (>= 4.3) - restriction: && (< monoandroid) (< monotouch) (< net46) (>= netstandard1.3) (< xamarinios) (< xamarinmac) (< xamarintvos) (< xamarinwatchos)
      System.Runtime (>= 4.3) - restriction: && (< monoandroid) (< monotouch) (< net46) (>= netstandard1.3) (< xamarinios) (< xamarinmac) (< xamarintvos) (< xamarinwatchos)
      System.Threading (>= 4.3) - restriction: && (< monoandroid) (< monotouch) (< net46) (>= netstandard1.3) (< xamarinios) (< xamarinmac) (< xamarintvos) (< xamarinwatchos)
      System.Threading.Tasks (>= 4.3) - restriction: && (< monoandroid) (< monotouch) (< net46) (>= netstandard1.3) (< xamarinios) (< xamarinmac) (< xamarintvos) (< xamarinwatchos)
    System.Security.Cryptography.ProtectedData (5.0) - restriction: || (&& (< monoandroid) (< net461) (>= netstandard2.0) (< xamarinios) (< xamarinmac) (< xamarintvos) (< xamarinwatchos)) (&& (< net45) (>= netstandard2.0))
      System.Memory (>= 4.5.4) - restriction: && (< monoandroid) (< net46) (< netcoreapp2.1) (>= netstandard2.0) (< xamarinios) (< xamarinmac) (< xamarintvos) (< xamarinwatchos)
    System.Security.Cryptography.X509Certificates (4.3.2) - restriction: || (&& (< monoandroid) (< netstandard1.6) (>= netstandard2.1)) (&& (< monoandroid) (>= netstandard2.1) (< xamarinios) (< xamarinmac) (< xamarintvos) (< xamarinwatchos)) (&& (>= net46) (>= netstandard2.1))
      Microsoft.NETCore.Platforms (>= 1.1) - restriction: && (< monoandroid) (< monotouch) (< net46) (>= netstandard1.6) (< xamarinios) (< xamarinmac) (< xamarintvos) (< xamarinwatchos)
      runtime.native.System (>= 4.3) - restriction: && (< monoandroid) (< monotouch) (< net46) (>= netstandard1.6) (< xamarinios) (< xamarinmac) (< xamarintvos) (< xamarinwatchos)
      runtime.native.System.Net.Http (>= 4.3) - restriction: && (< monoandroid) (< monotouch) (< net46) (>= netstandard1.6) (< xamarinios) (< xamarinmac) (< xamarintvos) (< xamarinwatchos)
      runtime.native.System.Security.Cryptography.OpenSsl (>= 4.3.2) - restriction: && (< monoandroid) (< monotouch) (< net46) (>= netstandard1.6) (< xamarinios) (< xamarinmac) (< xamarintvos) (< xamarinwatchos)
      System.Collections (>= 4.3) - restriction: && (< monoandroid) (< monotouch) (< net46) (>= netstandard1.6) (< xamarinios) (< xamarinmac) (< xamarintvos) (< xamarinwatchos)
      System.Diagnostics.Debug (>= 4.3) - restriction: && (< monoandroid) (< monotouch) (< net46) (>= netstandard1.6) (< xamarinios) (< xamarinmac) (< xamarintvos) (< xamarinwatchos)
      System.Globalization (>= 4.3) - restriction: && (< monoandroid) (< monotouch) (< net46) (>= netstandard1.6) (< xamarinios) (< xamarinmac) (< xamarintvos) (< xamarinwatchos)
      System.Globalization.Calendars (>= 4.3) - restriction: && (< monoandroid) (< monotouch) (< net46) (>= netstandard1.6) (< xamarinios) (< xamarinmac) (< xamarintvos) (< xamarinwatchos)
      System.IO (>= 4.3) - restriction: && (< monoandroid) (< monotouch) (< net46) (>= netstandard1.6) (< xamarinios) (< xamarinmac) (< xamarintvos) (< xamarinwatchos)
      System.IO.FileSystem (>= 4.3) - restriction: && (< monoandroid) (< monotouch) (< net46) (>= netstandard1.6) (< xamarinios) (< xamarinmac) (< xamarintvos) (< xamarinwatchos)
      System.IO.FileSystem.Primitives (>= 4.3) - restriction: && (< monoandroid) (< monotouch) (< net46) (>= netstandard1.6) (< xamarinios) (< xamarinmac) (< xamarintvos) (< xamarinwatchos)
      System.Resources.ResourceManager (>= 4.3) - restriction: && (< monoandroid) (< monotouch) (< net46) (>= netstandard1.6) (< xamarinios) (< xamarinmac) (< xamarintvos) (< xamarinwatchos)
      System.Runtime (>= 4.3) - restriction: || (&& (< monoandroid) (< monotouch) (< net46) (>= netstandard1.6) (< xamarinios) (< xamarinmac) (< xamarintvos) (< xamarinwatchos)) (&& (< monoandroid) (< net46) (>= netstandard1.3) (< netstandard1.4)) (&& (< monoandroid) (< net46) (>= netstandard1.4) (< netstandard1.6))
      System.Runtime.Extensions (>= 4.3) - restriction: && (< monoandroid) (< monotouch) (< net46) (>= netstandard1.6) (< xamarinios) (< xamarinmac) (< xamarintvos) (< xamarinwatchos)
      System.Runtime.Handles (>= 4.3) - restriction: || (&& (< monoandroid) (< monotouch) (< net46) (>= netstandard1.6) (< xamarinios) (< xamarinmac) (< xamarintvos) (< xamarinwatchos)) (&& (< monoandroid) (< net46) (>= netstandard1.3) (< netstandard1.4)) (&& (< monoandroid) (< net46) (>= netstandard1.4) (< netstandard1.6))
      System.Runtime.InteropServices (>= 4.3) - restriction: && (< monoandroid) (< monotouch) (< net46) (>= netstandard1.6) (< xamarinios) (< xamarinmac) (< xamarintvos) (< xamarinwatchos)
      System.Runtime.Numerics (>= 4.3) - restriction: && (< monoandroid) (< monotouch) (< net46) (>= netstandard1.6) (< xamarinios) (< xamarinmac) (< xamarintvos) (< xamarinwatchos)
      System.Security.Cryptography.Algorithms (>= 4.3) - restriction: || (&& (< monoandroid) (< monotouch) (< net46) (>= netstandard1.6) (< xamarinios) (< xamarinmac) (< xamarintvos) (< xamarinwatchos)) (&& (< monoandroid) (< net46) (>= netstandard1.3) (< netstandard1.4)) (&& (< monoandroid) (< net46) (>= netstandard1.4) (< netstandard1.6)) (&& (>= net46) (< netstandard1.4)) (>= net461)
      System.Security.Cryptography.Cng (>= 4.3) - restriction: && (< monoandroid) (< monotouch) (< net46) (>= netstandard1.6) (< xamarinios) (< xamarinmac) (< xamarintvos) (< xamarinwatchos)
      System.Security.Cryptography.Csp (>= 4.3) - restriction: && (< monoandroid) (< monotouch) (< net46) (>= netstandard1.6) (< xamarinios) (< xamarinmac) (< xamarintvos) (< xamarinwatchos)
      System.Security.Cryptography.Encoding (>= 4.3) - restriction: || (&& (< monoandroid) (< monotouch) (< net46) (>= netstandard1.6) (< xamarinios) (< xamarinmac) (< xamarintvos) (< xamarinwatchos)) (&& (< monoandroid) (< net46) (>= netstandard1.3) (< netstandard1.4)) (&& (< monoandroid) (< net46) (>= netstandard1.4) (< netstandard1.6)) (&& (>= net46) (< netstandard1.4)) (>= net461)
      System.Security.Cryptography.OpenSsl (>= 4.3) - restriction: && (< monoandroid) (< monotouch) (< net46) (>= netstandard1.6) (< xamarinios) (< xamarinmac) (< xamarintvos) (< xamarinwatchos)
      System.Security.Cryptography.Primitives (>= 4.3) - restriction: && (< monoandroid) (< monotouch) (< net46) (>= netstandard1.6) (< xamarinios) (< xamarinmac) (< xamarintvos) (< xamarinwatchos)
      System.Text.Encoding (>= 4.3) - restriction: && (< monoandroid) (< monotouch) (< net46) (>= netstandard1.6) (< xamarinios) (< xamarinmac) (< xamarintvos) (< xamarinwatchos)
      System.Threading (>= 4.3) - restriction: && (< monoandroid) (< monotouch) (< net46) (>= netstandard1.6) (< xamarinios) (< xamarinmac) (< xamarintvos) (< xamarinwatchos)
    System.Security.Cryptography.Xml (5.0) - restriction: >= netstandard2.1
      System.Memory (>= 4.5.4) - restriction: && (< monoandroid) (< net461) (< netcoreapp2.1) (>= netstandard2.0) (< xamarinios) (< xamarinmac) (< xamarintvos) (< xamarinwatchos)
      System.Security.Cryptography.Pkcs (>= 5.0) - restriction: || (>= monoandroid) (>= monotouch) (&& (< net461) (>= netstandard2.0)) (>= netcoreapp2.1) (>= xamarinios) (>= xamarinmac) (>= xamarintvos) (>= xamarinwatchos)
      System.Security.Permissions (>= 5.0) - restriction: || (>= monoandroid) (>= monotouch) (>= net461) (>= netstandard2.0) (>= xamarintvos) (>= xamarinwatchos)
    System.Security.Permissions (5.0) - restriction: >= netstandard2.0
      System.Security.AccessControl (>= 5.0) - restriction: || (>= net461) (>= netstandard2.0)
      System.Windows.Extensions (>= 5.0) - restriction: >= netcoreapp3.0
    System.Security.Principal (4.3) - restriction: >= netstandard2.1
      System.Runtime (>= 4.3) - restriction: && (< monoandroid) (< monotouch) (< net45) (>= netstandard1.0) (< win8) (< wp8) (< wpa81) (< xamarinios) (< xamarinmac) (< xamarintvos) (< xamarinwatchos)
    System.Security.Principal.Windows (5.0) - restriction: || (&& (>= monoandroid) (>= netstandard2.0)) (&& (< monoandroid) (< net45) (>= netstandard2.0)) (&& (>= monotouch) (>= netstandard2.0)) (&& (< net46) (>= netstandard2.0)) (&& (>= net461) (>= netstandard2.0)) (>= netcoreapp2.0) (&& (>= netstandard2.0) (>= uap10.1)) (&& (>= netstandard2.0) (>= xamarintvos)) (&& (>= netstandard2.0) (>= xamarinwatchos)) (>= xamarinios) (>= xamarinmac)
      Microsoft.NETCore.Platforms (>= 5.0) - restriction: || (&& (>= netcoreapp2.0) (< netcoreapp2.1)) (&& (>= netcoreapp2.1) (< netcoreapp3.0))
    System.Text.Encoding (4.3) - restriction: || (&& (< monoandroid) (< netstandard1.4) (>= netstandard2.1)) (&& (< monoandroid) (>= netstandard2.1) (< xamarinios) (< xamarinmac) (< xamarintvos) (< xamarinwatchos))
      Microsoft.NETCore.Platforms (>= 1.1) - restriction: || (&& (< monoandroid) (< monotouch) (< net45) (>= netstandard1.3) (< win8) (< wpa81) (< xamarinios) (< xamarinmac) (< xamarintvos) (< xamarinwatchos)) (&& (< monoandroid) (< net45) (>= netstandard1.0) (< netstandard1.3) (< win8) (< wp8) (< wpa81))
      Microsoft.NETCore.Targets (>= 1.1) - restriction: || (&& (< monoandroid) (< monotouch) (< net45) (>= netstandard1.3) (< win8) (< wpa81) (< xamarinios) (< xamarinmac) (< xamarintvos) (< xamarinwatchos)) (&& (< monoandroid) (< net45) (>= netstandard1.0) (< netstandard1.3) (< win8) (< wp8) (< wpa81))
      System.Runtime (>= 4.3) - restriction: || (&& (< monoandroid) (< monotouch) (< net45) (>= netstandard1.3) (< win8) (< wpa81) (< xamarinios) (< xamarinmac) (< xamarintvos) (< xamarinwatchos)) (&& (< monoandroid) (< net45) (>= netstandard1.0) (< netstandard1.3) (< win8) (< wp8) (< wpa81))
    System.Text.Encoding.CodePages (5.0) - restriction: || (>= netcoreapp2.1) (>= netstandard2.1)
      Microsoft.NETCore.Platforms (>= 5.0) - restriction: || (&& (< monoandroid) (>= netcoreapp2.0) (< xamarinios) (< xamarinmac) (< xamarintvos) (< xamarinwatchos)) (>= net50)
      System.Runtime.CompilerServices.Unsafe (>= 5.0) - restriction: || (&& (< monoandroid) (< net46) (< netcoreapp2.0) (>= netstandard2.0) (< xamarinios) (< xamarinmac) (< xamarintvos) (< xamarinwatchos)) (&& (< monoandroid) (< net50) (>= netcoreapp2.0) (< xamarinios) (< xamarinmac) (< xamarintvos) (< xamarinwatchos)) (>= net461)
    System.Text.Encoding.Extensions (4.3) - restriction: && (< monoandroid) (>= netstandard2.1) (< xamarinios) (< xamarinmac) (< xamarintvos) (< xamarinwatchos)
      Microsoft.NETCore.Platforms (>= 1.1) - restriction: || (&& (< monoandroid) (< monotouch) (< net45) (>= netstandard1.3) (< win8) (< wpa81) (< xamarinios) (< xamarinmac) (< xamarintvos) (< xamarinwatchos)) (&& (< monoandroid) (< net45) (>= netstandard1.0) (< netstandard1.3) (< win8) (< wp8) (< wpa81))
      Microsoft.NETCore.Targets (>= 1.1) - restriction: || (&& (< monoandroid) (< monotouch) (< net45) (>= netstandard1.3) (< win8) (< wpa81) (< xamarinios) (< xamarinmac) (< xamarintvos) (< xamarinwatchos)) (&& (< monoandroid) (< net45) (>= netstandard1.0) (< netstandard1.3) (< win8) (< wp8) (< wpa81))
      System.Runtime (>= 4.3) - restriction: || (&& (< monoandroid) (< monotouch) (< net45) (>= netstandard1.3) (< win8) (< wpa81) (< xamarinios) (< xamarinmac) (< xamarintvos) (< xamarinwatchos)) (&& (< monoandroid) (< net45) (>= netstandard1.0) (< netstandard1.3) (< win8) (< wp8) (< wpa81))
      System.Text.Encoding (>= 4.3) - restriction: || (&& (< monoandroid) (< monotouch) (< net45) (>= netstandard1.3) (< win8) (< wpa81) (< xamarinios) (< xamarinmac) (< xamarintvos) (< xamarinwatchos)) (&& (< monoandroid) (< net45) (>= netstandard1.0) (< netstandard1.3) (< win8) (< wp8) (< wpa81))
    System.Text.Encodings.Web (5.0.1) - restriction: || (&& (>= monoandroid) (< netcoreapp2.0) (>= netcoreapp2.1)) (&& (< monoandroid) (< net50) (>= netcoreapp3.0) (< xamarinios) (< xamarinmac) (< xamarintvos) (< xamarinwatchos)) (&& (< monoandroid) (< netcoreapp2.0) (>= netcoreapp2.1) (< xamarinios) (< xamarinmac) (< xamarintvos) (< xamarinwatchos)) (&& (< monoandroid) (>= netcoreapp2.1) (< netcoreapp3.0) (< xamarinios) (< xamarinmac) (< xamarintvos) (< xamarinwatchos)) (&& (>= monotouch) (>= netcoreapp2.1)) (&& (>= net461) (>= netcoreapp2.1)) (>= net472) (&& (< netcoreapp2.0) (>= netcoreapp2.1) (>= xamarinios)) (&& (< netcoreapp2.0) (>= netcoreapp2.1) (>= xamarinmac)) (&& (>= netcoreapp2.1) (< netstandard2.0) (>= xamarintvos)) (&& (>= netcoreapp2.1) (< netstandard2.0) (>= xamarinwatchos)) (&& (>= netcoreapp2.1) (>= uap10.1))
      System.Buffers (>= 4.5.1) - restriction: || (&& (< net45) (< netcoreapp2.0) (>= netstandard2.0) (< netstandard2.1)) (>= net461)
      System.Memory (>= 4.5.4) - restriction: || (&& (< net45) (< netcoreapp2.0) (>= netstandard2.0) (< netstandard2.1)) (>= net461) (&& (>= netcoreapp2.0) (< netcoreapp2.1) (< netstandard2.1)) (>= uap10.1)
    System.Text.Json (5.0.2) - restriction: || (>= net472) (>= netcoreapp2.1)
      Microsoft.Bcl.AsyncInterfaces (>= 5.0) - restriction: || (&& (>= monoandroid) (< netcoreapp2.0)) (&& (< monoandroid) (>= netcoreapp2.0) (< netcoreapp2.1) (< xamarinios) (< xamarinmac) (< xamarintvos) (< xamarinwatchos)) (&& (< monoandroid) (< netcoreapp2.0) (>= netstandard2.0) (< xamarinios) (< xamarinmac) (< xamarintvos) (< xamarinwatchos)) (&& (< monoandroid) (>= netcoreapp2.1) (< netcoreapp3.0) (< xamarinios) (< xamarinmac) (< xamarintvos) (< xamarinwatchos)) (>= monotouch) (>= net461) (&& (< netcoreapp2.0) (>= xamarinios)) (&& (< netcoreapp2.0) (>= xamarinmac)) (&& (< netstandard2.0) (>= xamarintvos)) (&& (< netstandard2.0) (>= xamarinwatchos)) (>= uap10.1)
      System.Buffers (>= 4.5.1) - restriction: || (&& (>= monoandroid) (< netcoreapp2.0)) (&& (< monoandroid) (< netcoreapp2.0) (>= netstandard2.0) (< xamarinios) (< xamarinmac) (< xamarintvos) (< xamarinwatchos)) (>= monotouch) (>= net461) (&& (< netcoreapp2.0) (>= xamarinios)) (&& (< netcoreapp2.0) (>= xamarinmac)) (&& (< netstandard2.0) (>= xamarintvos)) (&& (< netstandard2.0) (>= xamarinwatchos))
      System.Memory (>= 4.5.4) - restriction: || (&& (< monoandroid) (>= netcoreapp2.0) (< netcoreapp2.1) (< xamarinios) (< xamarinmac) (< xamarintvos) (< xamarinwatchos)) (&& (< monoandroid) (< netcoreapp2.0) (>= netstandard2.0) (< xamarinios) (< xamarinmac) (< xamarintvos) (< xamarinwatchos)) (>= net461) (>= uap10.1)
      System.Numerics.Vectors (>= 4.5) - restriction: || (&& (< monoandroid) (< netcoreapp2.0) (>= netstandard2.0) (< xamarinios) (< xamarinmac) (< xamarintvos) (< xamarinwatchos)) (>= net461)
      System.Runtime.CompilerServices.Unsafe (>= 5.0) - restriction: || (&& (>= monoandroid) (< netcoreapp2.0)) (&& (< monoandroid) (< net50) (>= netcoreapp3.0) (< xamarinios) (< xamarinmac) (< xamarintvos) (< xamarinwatchos)) (&& (< monoandroid) (>= netcoreapp2.0) (< netcoreapp2.1) (< xamarinios) (< xamarinmac) (< xamarintvos) (< xamarinwatchos)) (&& (< monoandroid) (< netcoreapp2.0) (>= netstandard2.0) (< xamarinios) (< xamarinmac) (< xamarintvos) (< xamarinwatchos)) (&& (< monoandroid) (>= netcoreapp2.1) (< netcoreapp3.0) (< xamarinios) (< xamarinmac) (< xamarintvos) (< xamarinwatchos)) (>= monotouch) (>= net461) (&& (< netcoreapp2.0) (>= xamarinios)) (&& (< netcoreapp2.0) (>= xamarinmac)) (&& (< netstandard2.0) (>= xamarintvos)) (&& (< netstandard2.0) (>= xamarinwatchos)) (>= uap10.1)
      System.Text.Encodings.Web (>= 5.0.1) - restriction: || (&& (>= monoandroid) (< netcoreapp2.0)) (&& (< monoandroid) (< net50) (>= netcoreapp3.0) (< xamarinios) (< xamarinmac) (< xamarintvos) (< xamarinwatchos)) (&& (< monoandroid) (>= netcoreapp2.0) (< netcoreapp2.1) (< xamarinios) (< xamarinmac) (< xamarintvos) (< xamarinwatchos)) (&& (< monoandroid) (< netcoreapp2.0) (>= netstandard2.0) (< xamarinios) (< xamarinmac) (< xamarintvos) (< xamarinwatchos)) (&& (< monoandroid) (>= netcoreapp2.1) (< netcoreapp3.0) (< xamarinios) (< xamarinmac) (< xamarintvos) (< xamarinwatchos)) (>= monotouch) (>= net461) (&& (< netcoreapp2.0) (>= xamarinios)) (&& (< netcoreapp2.0) (>= xamarinmac)) (&& (< netstandard2.0) (>= xamarintvos)) (&& (< netstandard2.0) (>= xamarinwatchos)) (>= uap10.1)
      System.Threading.Tasks.Extensions (>= 4.5.4) - restriction: || (&& (< monoandroid) (>= netcoreapp2.0) (< netcoreapp2.1) (< xamarinios) (< xamarinmac) (< xamarintvos) (< xamarinwatchos)) (&& (< monoandroid) (< netcoreapp2.0) (>= netstandard2.0) (< xamarinios) (< xamarinmac) (< xamarintvos) (< xamarinwatchos)) (>= net461) (>= uap10.1)
      System.ValueTuple (>= 4.5) - restriction: >= net461
    System.Threading (4.3) - restriction: && (< monoandroid) (>= netstandard2.1) (< xamarinios) (< xamarinmac) (< xamarintvos) (< xamarinwatchos)
      System.Runtime (>= 4.3) - restriction: || (&& (< monoandroid) (< monotouch) (< net45) (>= netstandard1.3) (< win8) (< wpa81) (< xamarinios) (< xamarinmac) (< xamarintvos) (< xamarinwatchos)) (&& (< monoandroid) (< net45) (>= netstandard1.0) (< netstandard1.3) (< win8) (< wp8) (< wpa81))
      System.Threading.Tasks (>= 4.3) - restriction: || (&& (< monoandroid) (< monotouch) (< net45) (>= netstandard1.3) (< win8) (< wpa81) (< xamarinios) (< xamarinmac) (< xamarintvos) (< xamarinwatchos)) (&& (< monoandroid) (< net45) (>= netstandard1.0) (< netstandard1.3) (< win8) (< wp8) (< wpa81))
    System.Threading.Tasks (4.3) - restriction: && (< monoandroid) (>= netstandard2.1) (< xamarinios) (< xamarinmac) (< xamarintvos) (< xamarinwatchos)
      Microsoft.NETCore.Platforms (>= 1.1) - restriction: || (&& (< monoandroid) (< monotouch) (< net45) (>= netstandard1.3) (< win8) (< wpa81) (< xamarinios) (< xamarinmac) (< xamarintvos) (< xamarinwatchos)) (&& (< monoandroid) (< net45) (>= netstandard1.0) (< netstandard1.3) (< win8) (< wp8) (< wpa81))
      Microsoft.NETCore.Targets (>= 1.1) - restriction: || (&& (< monoandroid) (< monotouch) (< net45) (>= netstandard1.3) (< win8) (< wpa81) (< xamarinios) (< xamarinmac) (< xamarintvos) (< xamarinwatchos)) (&& (< monoandroid) (< net45) (>= netstandard1.0) (< netstandard1.3) (< win8) (< wp8) (< wpa81))
      System.Runtime (>= 4.3) - restriction: || (&& (< monoandroid) (< monotouch) (< net45) (>= netstandard1.3) (< win8) (< wpa81) (< xamarinios) (< xamarinmac) (< xamarintvos) (< xamarinwatchos)) (&& (< monoandroid) (< net45) (>= netstandard1.0) (< netstandard1.3) (< win8) (< wp8) (< wpa81))
    System.Threading.Tasks.Dataflow (5.0) - restriction: || (>= net472) (>= netcoreapp2.1) (>= netstandard2.1)
    System.Threading.Tasks.Extensions (4.5.4) - restriction: || (&& (< monoandroid) (< netcoreapp2.0) (>= netcoreapp2.1) (< xamarinios) (< xamarinmac) (< xamarintvos) (< xamarinwatchos)) (&& (>= net461) (>= netcoreapp2.1)) (>= net472) (&& (>= netcoreapp2.1) (>= uap10.1))
      System.Runtime.CompilerServices.Unsafe (>= 4.5.3) - restriction: || (&& (< monoandroid) (< monotouch) (< net45) (>= netstandard1.0) (< netstandard2.0) (< win8) (< wpa81) (< xamarintvos) (< xamarinwatchos)) (&& (< monoandroid) (< net45) (< netcoreapp2.1) (>= netstandard2.0) (< xamarinios) (< xamarinmac) (< xamarintvos) (< xamarinwatchos)) (&& (< monoandroid) (< netstandard1.0) (>= portable-net45+win8+wp8+wpa81) (< win8)) (&& (>= net45) (< netstandard2.0)) (>= net461) (&& (< netstandard1.0) (>= win8)) (&& (< netstandard2.0) (>= wpa81)) (>= wp8)
    System.Threading.Tasks.Parallel (4.3) - restriction: >= netstandard2.1
      System.Collections.Concurrent (>= 4.3) - restriction: || (&& (< monoandroid) (< monotouch) (< net45) (>= netstandard1.3) (< win8) (< wpa81) (< xamarinios) (< xamarinmac) (< xamarintvos) (< xamarinwatchos)) (&& (< monoandroid) (< net45) (>= netstandard1.1) (< netstandard1.3) (< win8) (< wpa81))
      System.Diagnostics.Debug (>= 4.3) - restriction: && (< monoandroid) (< monotouch) (< net45) (>= netstandard1.3) (< win8) (< wpa81) (< xamarinios) (< xamarinmac) (< xamarintvos) (< xamarinwatchos)
      System.Diagnostics.Tracing (>= 4.3) - restriction: && (< monoandroid) (< monotouch) (< net45) (>= netstandard1.3) (< win8) (< wpa81) (< xamarinios) (< xamarinmac) (< xamarintvos) (< xamarinwatchos)
      System.Resources.ResourceManager (>= 4.3) - restriction: && (< monoandroid) (< monotouch) (< net45) (>= netstandard1.3) (< win8) (< wpa81) (< xamarinios) (< xamarinmac) (< xamarintvos) (< xamarinwatchos)
      System.Runtime (>= 4.3) - restriction: || (&& (< monoandroid) (< monotouch) (< net45) (>= netstandard1.3) (< win8) (< wpa81) (< xamarinios) (< xamarinmac) (< xamarintvos) (< xamarinwatchos)) (&& (< monoandroid) (< net45) (>= netstandard1.1) (< netstandard1.3) (< win8) (< wpa81))
      System.Runtime.Extensions (>= 4.3) - restriction: && (< monoandroid) (< monotouch) (< net45) (>= netstandard1.3) (< win8) (< wpa81) (< xamarinios) (< xamarinmac) (< xamarintvos) (< xamarinwatchos)
      System.Threading (>= 4.3) - restriction: && (< monoandroid) (< monotouch) (< net45) (>= netstandard1.3) (< win8) (< wpa81) (< xamarinios) (< xamarinmac) (< xamarintvos) (< xamarinwatchos)
      System.Threading.Tasks (>= 4.3) - restriction: || (&& (< monoandroid) (< monotouch) (< net45) (>= netstandard1.3) (< win8) (< wpa81) (< xamarinios) (< xamarinmac) (< xamarintvos) (< xamarinwatchos)) (&& (< monoandroid) (< net45) (>= netstandard1.1) (< netstandard1.3) (< win8) (< wpa81))
    System.Threading.Thread (4.3) - restriction: >= netstandard2.1
      System.Runtime (>= 4.3) - restriction: && (< monoandroid) (< monotouch) (< net46) (>= netstandard1.3) (< xamarinios) (< xamarinmac) (< xamarintvos) (< xamarinwatchos)
    System.Threading.ThreadPool (4.3) - restriction: >= netstandard2.1
      System.Runtime (>= 4.3) - restriction: && (< monoandroid) (< monotouch) (< net46) (>= netstandard1.3) (< xamarinios) (< xamarinmac) (< xamarintvos) (< xamarinwatchos)
      System.Runtime.Handles (>= 4.3) - restriction: && (< monoandroid) (< monotouch) (< net46) (>= netstandard1.3) (< xamarinios) (< xamarinmac) (< xamarintvos) (< xamarinwatchos)
    System.ValueTuple (4.5) - restriction: || (&& (>= net461) (>= netcoreapp2.1)) (>= net472)
    System.Windows.Extensions (5.0) - restriction: >= netcoreapp3.0
      System.Drawing.Common (>= 5.0) - restriction: >= netcoreapp3.0
